STORAGE: NONE
NUGET
  remote: https://api.nuget.org/v3/index.json
    Castle.Core (4.4) - restriction: >= netcoreapp3.1
      NETStandard.Library (>= 1.6.1) - restriction: || (&& (< net35) (>= netstandard1.3) (< netstandard1.5)) (&& (< net35) (>= netstandard1.5))
      System.Collections.Specialized (>= 4.3) - restriction: || (&& (< net35) (>= netstandard1.3) (< netstandard1.5)) (&& (< net35) (>= netstandard1.5))
      System.ComponentModel (>= 4.3) - restriction: || (&& (< net35) (>= netstandard1.3) (< netstandard1.5)) (&& (< net35) (>= netstandard1.5))
      System.ComponentModel.TypeConverter (>= 4.3) - restriction: || (&& (< net35) (>= netstandard1.3) (< netstandard1.5)) (&& (< net35) (>= netstandard1.5))
      System.Diagnostics.TraceSource (>= 4.3) - restriction: || (&& (< net35) (>= netstandard1.3) (< netstandard1.5)) (&& (< net35) (>= netstandard1.5))
      System.Dynamic.Runtime (>= 4.3) - restriction: || (&& (< net35) (>= netstandard1.3) (< netstandard1.5)) (&& (< net35) (>= netstandard1.5))
      System.Reflection (>= 4.3) - restriction: || (&& (< net35) (>= netstandard1.3) (< netstandard1.5)) (&& (< net35) (>= netstandard1.5))
      System.Reflection.Emit (>= 4.3) - restriction: || (&& (< net35) (>= netstandard1.3) (< netstandard1.5)) (&& (< net35) (>= netstandard1.5))
      System.Reflection.TypeExtensions (>= 4.3) - restriction: || (&& (< net35) (>= netstandard1.3) (< netstandard1.5)) (&& (< net35) (>= netstandard1.5))
      System.Xml.XmlDocument (>= 4.3) - restriction: || (&& (< net35) (>= netstandard1.3) (< netstandard1.5)) (&& (< net35) (>= netstandard1.5))
    Chessie (0.6) - restriction: >= netcoreapp2.0
      FSharp.Core (>= 4.0.1.7-alpha) - restriction: >= netstandard1.6
      NETStandard.Library (>= 1.6) - restriction: >= netstandard1.6
    dotnet-fake (5.18.3) - clitool: true
      Fake.Core.CommandLineParsing (>= 5.18.3) - restriction: >= netcoreapp2.0
      Fake.Runtime (>= 5.18.3) - restriction: >= netcoreapp2.0
      FSharp.Core (>= 4.7) - restriction: >= netcoreapp2.0
      Microsoft.NETCore.App (>= 2.0) - restriction: >= netcoreapp2.0
      Mono.Cecil (>= 0.11) - restriction: >= netcoreapp2.0
      Paket.Core (>= 5.226) - restriction: >= netcoreapp2.0
    Fake.Core.CommandLineParsing (5.19) - restriction: >= netcoreapp2.0
      FParsec (>= 1.0.3) - restriction: || (>= net462) (>= netstandard2.0)
      FSharp.Core (>= 4.7) - restriction: || (>= net462) (>= netstandard2.0)
    Fake.Core.Context (5.19) - restriction: >= netcoreapp2.0
      FSharp.Core (>= 4.7) - restriction: || (>= net462) (>= netstandard2.0)
    Fake.Runtime (5.19) - restriction: >= netcoreapp2.0
      Fake.Core.Context (>= 5.19) - restriction: >= netstandard2.0
      FSharp.Compiler.Service (>= 33.0.1) - restriction: >= netstandard2.0
      FSharp.Core (>= 4.7) - restriction: >= netstandard2.0
      Microsoft.DotNet.PlatformAbstractions (>= 2.1) - restriction: >= netstandard2.0
      Mono.Cecil (>= 0.11.1) - restriction: >= netstandard2.0
      Paket.Core (>= 5.241.2) - restriction: >= netstandard2.0
      System.Runtime.Loader (>= 4.3) - restriction: >= netstandard2.0
    Fantomas (3.2)
      FSharp.Compiler.Service (>= 33.0) - restriction: >= netstandard2.0
    FParsec (1.1.1) - restriction: >= netcoreapp2.0
      FSharp.Core (>= 4.3.4) - restriction: || (>= net45) (>= netstandard2.0)
    FSharp.Compiler.Service (34.0.1)
      FSharp.Core (>= 4.6.2) - restriction: || (>= net461) (>= netstandard2.0)
      System.Buffers (>= 4.5) - restriction: || (>= net461) (>= netstandard2.0)
      System.Collections.Immutable (>= 1.5) - restriction: || (>= net461) (>= netstandard2.0)
      System.Diagnostics.Process (>= 4.1) - restriction: && (< net461) (>= netstandard2.0)
      System.Diagnostics.TraceSource (>= 4.0) - restriction: && (< net461) (>= netstandard2.0)
      System.Reflection.Emit (>= 4.3) - restriction: && (< net461) (>= netstandard2.0)
      System.Reflection.Metadata (>= 1.6) - restriction: || (>= net461) (>= netstandard2.0)
      System.Reflection.TypeExtensions (>= 4.3) - restriction: && (< net461) (>= netstandard2.0)
      System.Runtime.Loader (>= 4.0) - restriction: && (< net461) (>= netstandard2.0)
      System.Security.Cryptography.Algorithms (>= 4.3) - restriction: && (< net461) (>= netstandard2.0)
      System.ValueTuple (>= 4.4) - restriction: >= net461
    FSharp.Core (4.7) - restriction: || (>= net46) (>= netstandard2.0)
    FsUnit.xUnit (3.8)
      FSharp.Core (>= 4.2.3) - restriction: || (>= net46) (>= netstandard2.0)
      NETStandard.Library (>= 2.0.3) - restriction: && (< net46) (>= netstandard2.0)
      NHamcrest (>= 2.0.1 < 2.1) - restriction: || (>= net46) (>= netstandard2.0)
      xunit (>= 2.4.1 < 2.5) - restriction: || (>= net46) (>= netstandard2.0)
    Microsoft.Bcl.AsyncInterfaces (1.1)
      System.Threading.Tasks.Extensions (>= 4.5.2) - restriction: || (>= net461) (&& (< netcoreapp2.1) (>= netstandard2.0)) (>= netstandard2.1)
    Microsoft.Bcl.HashCode (1.1) - restriction: >= netcoreapp3.1
    Microsoft.CodeAnalysis (3.4)
      Microsoft.CodeAnalysis.CSharp.Workspaces (3.4) - restriction: >= netstandard2.0
      Microsoft.CodeAnalysis.VisualBasic.Workspaces (3.4) - restriction: >= netstandard2.0
    Microsoft.CodeAnalysis.Analyzers (2.9.8) - restriction: >= netstandard2.0
    Microsoft.CodeAnalysis.Common (3.4) - restriction: >= netstandard2.0
      Microsoft.CodeAnalysis.Analyzers (>= 2.9.6) - restriction: >= netstandard2.0
      System.Collections.Immutable (>= 1.5) - restriction: >= netstandard2.0
      System.Memory (>= 4.5.3) - restriction: >= netstandard2.0
      System.Reflection.Metadata (>= 1.6) - restriction: >= netstandard2.0
      System.Runtime.CompilerServices.Unsafe (>= 4.5.2) - restriction: >= netstandard2.0
      System.Text.Encoding.CodePages (>= 4.5.1) - restriction: >= netstandard2.0
      System.Threading.Tasks.Extensions (>= 4.5.3) - restriction: >= netstandard2.0
    Microsoft.CodeAnalysis.CSharp (3.4) - restriction: >= netstandard2.0
      Microsoft.CodeAnalysis.Common (3.4) - restriction: >= netstandard2.0
    Microsoft.CodeAnalysis.CSharp.Workspaces (3.4) - restriction: >= netstandard2.0
      Microsoft.CodeAnalysis.Common (3.4) - restriction: >= netstandard2.0
      Microsoft.CodeAnalysis.CSharp (3.4) - restriction: >= netstandard2.0
      Microsoft.CodeAnalysis.Workspaces.Common (3.4) - restriction: >= netstandard2.0
    Microsoft.CodeAnalysis.VisualBasic (3.4) - restriction: >= netstandard2.0
      Microsoft.CodeAnalysis.Common (3.4) - restriction: >= netstandard2.0
    Microsoft.CodeAnalysis.VisualBasic.Workspaces (3.4) - restriction: >= netstandard2.0
      Microsoft.CodeAnalysis.Common (3.4) - restriction: >= netstandard2.0
      Microsoft.CodeAnalysis.VisualBasic (3.4) - restriction: >= netstandard2.0
      Microsoft.CodeAnalysis.Workspaces.Common (3.4) - restriction: >= netstandard2.0
    Microsoft.CodeAnalysis.Workspaces.Common (3.4) - restriction: >= netstandard2.0
      Microsoft.CodeAnalysis.Common (3.4) - restriction: >= netstandard2.0
      System.Composition (>= 1.0.31) - restriction: >= netstandard2.0
    Microsoft.CodeCoverage (16.5) - restriction: || (&& (>= net45) (>= netcoreapp1.0)) (>= netcoreapp2.1)
    Microsoft.CSharp (4.7) - restriction: >= netstandard2.0
    Microsoft.Data.SqlClient (1.1) - restriction: >= netstandard2.0
      Microsoft.Data.SqlClient.SNI (>= 1.1) - restriction: >= net46
      Microsoft.Identity.Client (>= 3.0.8) - restriction: || (>= net46) (>= netstandard2.0)
      Microsoft.IdentityModel.JsonWebTokens (>= 5.5) - restriction: || (>= net46) (>= netcoreapp2.1)
      Microsoft.IdentityModel.Protocols.OpenIdConnect (>= 5.5) - restriction: || (>= net46) (>= netcoreapp2.1)
      Microsoft.Win32.Registry (>= 4.5) - restriction: || (&& (< net46) (>= netstandard2.0)) (>= netcoreapp2.1)
      runtime.native.System.Data.SqlClient.sni (>= 4.4) - restriction: || (&& (< net46) (>= netstandard2.0)) (>= netcoreapp2.1)
      System.Buffers (>= 4.4) - restriction: && (< net46) (< netcoreapp2.1) (>= netstandard2.0)
      System.Configuration.ConfigurationManager (>= 4.5) - restriction: || (&& (< net46) (>= netstandard2.0)) (>= netcoreapp2.1)
      System.Data.Common (>= 4.3) - restriction: >= net46
      System.Diagnostics.DiagnosticSource (>= 4.5) - restriction: && (< net46) (< netcoreapp2.1) (>= netstandard2.0)
      System.Memory (>= 4.5.1) - restriction: && (< net46) (< netcoreapp2.1) (>= netstandard2.0)
      System.Runtime.Caching (>= 4.5) - restriction: >= netcoreapp2.1
      System.Security.Principal.Windows (>= 4.5) - restriction: || (&& (< net46) (>= netstandard2.0)) (>= netcoreapp2.1)
      System.Text.Encoding.CodePages (>= 4.5) - restriction: || (&& (< net46) (>= netstandard2.0)) (>= netcoreapp2.1)
    Microsoft.Data.SqlClient.SNI (1.1) - restriction: && (>= net46) (>= netstandard2.0)
    Microsoft.Data.Sqlite.Core (3.1.1) - restriction: >= netstandard2.0
      SQLitePCLRaw.core (>= 2.0.2) - restriction: >= netstandard2.0
    Microsoft.DotNet.PlatformAbstractions (3.1.1) - restriction: >= netstandard2.0
      System.Runtime.InteropServices.RuntimeInformation (>= 4.0) - restriction: || (>= net45) (&& (>= netstandard1.3) (< netstandard2.0))
    Microsoft.EntityFrameworkCore (3.1.1) - restriction: >= netstandard2.0
      Microsoft.Bcl.AsyncInterfaces (>= 1.1) - restriction: >= netstandard2.0
      Microsoft.Bcl.HashCode (>= 1.1) - restriction: >= netstandard2.0
      Microsoft.EntityFrameworkCore.Abstractions (>= 3.1.1) - restriction: >= netstandard2.0
      Microsoft.EntityFrameworkCore.Analyzers (>= 3.1.1) - restriction: >= netstandard2.0
      Microsoft.Extensions.Caching.Memory (>= 3.1.1) - restriction: >= netstandard2.0
      Microsoft.Extensions.DependencyInjection (>= 3.1.1) - restriction: >= netstandard2.0
      Microsoft.Extensions.Logging (>= 3.1.1) - restriction: >= netstandard2.0
      System.Collections.Immutable (>= 1.7) - restriction: >= netstandard2.0
      System.ComponentModel.Annotations (>= 4.7) - restriction: >= netstandard2.0
      System.Diagnostics.DiagnosticSource (>= 4.7) - restriction: >= netstandard2.0
    Microsoft.EntityFrameworkCore.Abstractions (3.1.1) - restriction: >= netcoreapp3.1
    Microsoft.EntityFrameworkCore.Analyzers (3.1.1) - restriction: >= netcoreapp3.1
    Microsoft.EntityFrameworkCore.Design (3.1.1)
      Microsoft.CSharp (>= 4.7) - restriction: >= netstandard2.0
      Microsoft.EntityFrameworkCore.Relational (>= 3.1.1) - restriction: >= netstandard2.0
    Microsoft.EntityFrameworkCore.Proxies (3.1.1) - restriction: >= netcoreapp3.1
      Castle.Core (>= 4.4) - restriction: >= netstandard2.0
      Microsoft.EntityFrameworkCore (>= 3.1.1) - restriction: >= netstandard2.0
    Microsoft.EntityFrameworkCore.Relational (3.1.1) - restriction: >= netstandard2.0
      Microsoft.EntityFrameworkCore (>= 3.1.1) - restriction: >= netstandard2.0
    Microsoft.EntityFrameworkCore.Specification.Tests (3.1.1)
      Microsoft.EntityFrameworkCore (>= 3.1.1) - restriction: >= netcoreapp3.1
      Microsoft.EntityFrameworkCore.Proxies (>= 3.1.1) - restriction: >= netcoreapp3.1
      NetTopologySuite (>= 2.0) - restriction: >= netcoreapp3.1
      xunit (>= 2.4.1) - restriction: >= netcoreapp3.1
    Microsoft.EntityFrameworkCore.Sqlite (3.1.1)
      Microsoft.EntityFrameworkCore.Sqlite.Core (>= 3.1.1) - restriction: >= netstandard2.0
      SQLitePCLRaw.bundle_e_sqlite3 (>= 2.0.2) - restriction: >= netstandard2.0
    Microsoft.EntityFrameworkCore.Sqlite.Core (3.1.1) - restriction: >= netstandard2.0
      Microsoft.Data.Sqlite.Core (>= 3.1.1) - restriction: >= netstandard2.0
      Microsoft.DotNet.PlatformAbstractions (>= 3.1.1) - restriction: >= netstandard2.0
      Microsoft.EntityFrameworkCore.Relational (>= 3.1.1) - restriction: >= netstandard2.0
      Microsoft.Extensions.DependencyModel (>= 3.1.1) - restriction: >= netstandard2.0
    Microsoft.EntityFrameworkCore.SqlServer (3.1.1)
      Microsoft.Data.SqlClient (>= 1.0.19269.1) - restriction: >= netstandard2.0
      Microsoft.EntityFrameworkCore.Relational (>= 3.1.1) - restriction: >= netstandard2.0
    Microsoft.Extensions.Caching.Abstractions (3.1.1) - restriction: >= netcoreapp3.1
      Microsoft.Extensions.Primitives (>= 3.1.1) - restriction: >= netstandard2.0
    Microsoft.Extensions.Caching.Memory (3.1.1) - restriction: >= netcoreapp3.1
      Microsoft.Extensions.Caching.Abstractions (>= 3.1.1) - restriction: >= netstandard2.0
      Microsoft.Extensions.DependencyInjection.Abstractions (>= 3.1.1) - restriction: >= netstandard2.0
      Microsoft.Extensions.Logging.Abstractions (>= 3.1.1) - restriction: >= netstandard2.0
      Microsoft.Extensions.Options (>= 3.1.1) - restriction: >= netstandard2.0
    Microsoft.Extensions.Configuration (3.1.1) - restriction: >= netcoreapp3.1
      Microsoft.Extensions.Configuration.Abstractions (>= 3.1.1) - restriction: >= netstandard2.0
    Microsoft.Extensions.Configuration.Abstractions (3.1.1) - restriction: >= netcoreapp3.1
      Microsoft.Extensions.Primitives (>= 3.1.1) - restriction: >= netstandard2.0
    Microsoft.Extensions.Configuration.Binder (3.1.1) - restriction: >= netcoreapp3.1
      Microsoft.Extensions.Configuration (>= 3.1.1) - restriction: >= netstandard2.0
    Microsoft.Extensions.DependencyInjection (3.1.1) - restriction: >= netcoreapp3.1
      Microsoft.Extensions.DependencyInjection.Abstractions (>= 3.1.1) - restriction: || (>= net461) (>= netstandard2.0)
    Microsoft.Extensions.DependencyInjection.Abstractions (3.1.1) - restriction: >= netcoreapp3.1
    Microsoft.Extensions.DependencyModel (3.1.1) - restriction: >= netstandard2.0
      Newtonsoft.Json (>= 9.0.1) - restriction: || (>= net451) (&& (>= netstandard1.3) (< netstandard1.6)) (&& (>= netstandard1.6) (< netstandard2.0))
      System.Runtime.InteropServices.RuntimeInformation (>= 4.0) - restriction: || (>= net451) (&& (>= netstandard1.3) (< netstandard1.6)) (&& (>= netstandard1.6) (< netstandard2.0))
      System.Text.Json (>= 4.7) - restriction: && (< net451) (>= netstandard2.0)
    Microsoft.Extensions.Logging (3.1.1) - restriction: >= netcoreapp3.1
      Microsoft.Extensions.Configuration.Binder (>= 3.1.1) - restriction: >= netstandard2.0
      Microsoft.Extensions.DependencyInjection (>= 3.1.1) - restriction: >= netstandard2.0
      Microsoft.Extensions.Logging.Abstractions (>= 3.1.1) - restriction: >= netstandard2.0
      Microsoft.Extensions.Options (>= 3.1.1) - restriction: >= netstandard2.0
    Microsoft.Extensions.Logging.Abstractions (3.1.1) - restriction: >= netcoreapp3.1
    Microsoft.Extensions.Options (3.1.1) - restriction: >= netcoreapp3.1
      Microsoft.Extensions.DependencyInjection.Abstractions (>= 3.1.1) - restriction: >= netstandard2.0
      Microsoft.Extensions.Primitives (>= 3.1.1) - restriction: >= netstandard2.0
    Microsoft.Extensions.Primitives (3.1.1) - restriction: >= netcoreapp3.1
    Microsoft.Identity.Client (4.8.1) - restriction: >= netstandard2.0
      Microsoft.CSharp (>= 4.5) - restriction: || (&& (< monoandroid9.0) (< net45) (>= netstandard1.3) (< xamarinmac)) (>= netcoreapp2.1) (>= uap10.0) (>= xamarinios)
      NETStandard.Library (>= 1.6.1) - restriction: && (< monoandroid9.0) (< net45) (< netcoreapp2.1) (>= netstandard1.3) (< uap10.0) (< xamarinios) (< xamarinmac)
      System.ComponentModel.TypeConverter (>= 4.3) - restriction: || (&& (< monoandroid9.0) (< net45) (>= netstandard1.3) (< uap10.0) (< xamarinmac)) (>= netcoreapp2.1) (>= xamarinios)
      System.Diagnostics.Process (>= 4.3) - restriction: && (< monoandroid9.0) (< net45) (< netcoreapp2.1) (>= netstandard1.3) (< uap10.0) (< xamarinios) (< xamarinmac)
      System.Dynamic.Runtime (>= 4.3) - restriction: && (< monoandroid9.0) (< net45) (< netcoreapp2.1) (>= netstandard1.3) (< uap10.0) (< xamarinios) (< xamarinmac)
      System.Net.NameResolution (>= 4.3) - restriction: || (>= netcoreapp2.1) (>= uap10.0)
      System.Private.Uri (>= 4.3.2) - restriction: || (&& (< monoandroid9.0) (< net45) (>= netstandard1.3) (< uap10.0) (< xamarinios) (< xamarinmac)) (>= netcoreapp2.1)
      System.Runtime.Serialization.Formatters (>= 4.3) - restriction: || (&& (< monoandroid9.0) (< net45) (>= netstandard1.3) (< xamarinmac)) (>= netcoreapp2.1) (>= uap10.0) (>= xamarinios)
      System.Runtime.Serialization.Json (>= 4.3) - restriction: || (&& (< monoandroid9.0) (< net45) (>= netstandard1.3) (< xamarinios) (< xamarinmac)) (>= netcoreapp2.1) (>= uap10.0)
      System.Runtime.Serialization.Primitives (>= 4.3) - restriction: || (&& (< monoandroid9.0) (< net45) (>= netstandard1.3) (< xamarinmac)) (>= netcoreapp2.1) (>= uap10.0) (>= xamarinios)
      System.Security.Cryptography.X509Certificates (>= 4.3) - restriction: && (< monoandroid9.0) (< net45) (< netcoreapp2.1) (>= netstandard1.3) (< uap10.0) (< xamarinios) (< xamarinmac)
      System.Security.SecureString (>= 4.3) - restriction: || (>= monoandroid9.0) (&& (< net45) (>= netstandard1.3) (< xamarinmac)) (>= netcoreapp2.1) (>= uap10.0) (>= xamarinios)
      System.ServiceModel.Http (>= 4.5.3) - restriction: >= uap10.0
      System.ServiceModel.NetTcp (>= 4.5.3) - restriction: >= uap10.0
      System.ServiceModel.Security (>= 4.5.3) - restriction: >= uap10.0
      System.Xml.XDocument (>= 4.3) - restriction: || (&& (< monoandroid9.0) (< net45) (>= netstandard1.3) (< xamarinios) (< xamarinmac)) (>= netcoreapp2.1) (>= uap10.0)
      System.Xml.XmlDocument (>= 4.3) - restriction: || (&& (< monoandroid9.0) (< net45) (< netcoreapp2.1) (>= netstandard1.3) (< uap10.0) (< xamarinmac)) (>= xamarinios)
      Xamarin.Android.Support.CustomTabs (>= 28.0.0.1) - restriction: >= monoandroid9.0
      Xamarin.Android.Support.v7.AppCompat (>= 28.0.0.1) - restriction: >= monoandroid9.0
    Microsoft.IdentityModel.JsonWebTokens (5.6) - restriction: || (&& (>= net46) (>= netstandard2.0)) (&& (>= net461) (>= netstandard2.0)) (>= netcoreapp2.1)
      Microsoft.IdentityModel.Tokens (>= 5.6) - restriction: || (&& (>= net45) (< net451) (< netstandard1.4)) (&& (< net45) (>= netstandard1.4) (< netstandard2.0)) (&& (< net45) (>= netstandard2.0)) (&& (>= net451) (< netstandard1.4)) (>= net461)
      Newtonsoft.Json (>= 10.0.1) - restriction: || (&& (>= net45) (< net451) (< netstandard1.4)) (&& (< net45) (>= netstandard1.4) (< netstandard2.0)) (&& (< net45) (>= netstandard2.0)) (&& (>= net451) (< netstandard1.4)) (>= net461)
    Microsoft.IdentityModel.Logging (5.6) - restriction: || (&& (< net45) (>= net46) (>= netstandard2.0)) (&& (>= net46) (< netstandard1.4) (>= netstandard2.0)) (&& (>= net461) (>= netstandard2.0)) (>= netcoreapp2.1)
    Microsoft.IdentityModel.Protocols (5.6) - restriction: || (&& (< net45) (>= net46) (>= netstandard2.0)) (&& (>= net46) (< netstandard1.4) (>= netstandard2.0)) (&& (>= net461) (>= netstandard2.0)) (>= netcoreapp2.1)
      Microsoft.IdentityModel.Logging (>= 5.6) - restriction: || (&& (>= net45) (< net451) (< netstandard1.4)) (&& (< net45) (>= netstandard1.4) (< netstandard2.0)) (&& (< net45) (>= netstandard2.0)) (&& (>= net451) (< netstandard1.4)) (>= net461)
      Microsoft.IdentityModel.Tokens (>= 5.6) - restriction: || (&& (>= net45) (< net451) (< netstandard1.4)) (&& (< net45) (>= netstandard1.4) (< netstandard2.0)) (&& (< net45) (>= netstandard2.0)) (&& (>= net451) (< netstandard1.4)) (>= net461)
    Microsoft.IdentityModel.Protocols.OpenIdConnect (5.6) - restriction: || (&& (>= net46) (>= netstandard2.0)) (>= netcoreapp2.1)
      Microsoft.IdentityModel.Protocols (>= 5.6) - restriction: || (&& (>= net45) (< net451) (< netstandard1.4)) (&& (< net45) (>= netstandard1.4) (< netstandard2.0)) (&& (< net45) (>= netstandard2.0)) (&& (>= net451) (< netstandard1.4)) (>= net461)
      Newtonsoft.Json (>= 10.0.1) - restriction: || (&& (>= net45) (< net451) (< netstandard1.4)) (&& (< net45) (>= netstandard1.4) (< netstandard2.0)) (&& (< net45) (>= netstandard2.0)) (&& (>= net451) (< netstandard1.4)) (>= net461)
      System.IdentityModel.Tokens.Jwt (>= 5.6) - restriction: || (&& (>= net45) (< net451) (< netstandard1.4)) (&& (< net45) (>= netstandard1.4) (< netstandard2.0)) (&& (< net45) (>= netstandard2.0)) (&& (>= net451) (< netstandard1.4)) (>= net461)
    Microsoft.IdentityModel.Tokens (5.6) - restriction: || (&& (< net45) (>= net46) (>= netstandard2.0)) (&& (>= net46) (< netstandard1.4) (>= netstandard2.0)) (&& (>= net461) (>= netstandard2.0)) (>= netcoreapp2.1)
      Microsoft.IdentityModel.Logging (>= 5.6) - restriction: || (&& (>= net45) (< net451) (< netstandard1.4)) (&& (< net45) (>= netstandard1.4) (< netstandard2.0)) (&& (< net45) (>= netstandard2.0)) (&& (>= net451) (< netstandard1.4)) (>= net461)
      Newtonsoft.Json (>= 10.0.1) - restriction: || (&& (>= net45) (< net451) (< netstandard1.4)) (&& (< net45) (>= netstandard1.4) (< netstandard2.0)) (&& (< net45) (>= netstandard2.0)) (&& (>= net451) (< netstandard1.4)) (>= net461)
      System.Security.Cryptography.Cng (>= 4.5) - restriction: || (&& (< net45) (>= netstandard1.4) (< netstandard2.0)) (&& (< net45) (>= netstandard2.0))
    Microsoft.NET.Test.Sdk (16.5) - restriction: >= netcoreapp1.0
      Microsoft.CodeCoverage (>= 16.5) - restriction: || (>= net45) (>= netcoreapp2.1)
      Microsoft.TestPlatform.TestHost (>= 16.5) - restriction: >= netcoreapp2.1
    Microsoft.NETCore.App (2.2.8) - restriction: >= netcoreapp2.0
      Microsoft.NETCore.DotNetHostPolicy (>= 2.2.8) - restriction: >= netcoreapp2.2
      Microsoft.NETCore.Platforms (>= 2.2.4) - restriction: >= netcoreapp2.2
      Microsoft.NETCore.Targets (>= 2.0) - restriction: >= netcoreapp2.2
      NETStandard.Library (>= 2.0.3) - restriction: >= netcoreapp2.2
    Microsoft.NETCore.DotNetAppHost (3.1.1) - restriction: >= netcoreapp2.2
    Microsoft.NETCore.DotNetHostPolicy (3.1.1) - restriction: >= netcoreapp2.2
      Microsoft.NETCore.DotNetHostResolver (>= 3.1.1)
    Microsoft.NETCore.DotNetHostResolver (3.1.1) - restriction: >= netcoreapp2.2
      Microsoft.NETCore.DotNetAppHost (>= 3.1.1)
    Microsoft.NETCore.Platforms (3.1) - restriction: || (&& (>= monoandroid) (>= netcoreapp2.1) (< netstandard2.0)) (&& (< monoandroid) (< net46) (>= netstandard2.0) (< xamarinios) (< xamarinmac)) (&& (>= monotouch) (>= netcoreapp2.1)) (&& (>= net45) (< netstandard1.3) (>= netstandard2.0)) (&& (< net45) (>= netstandard2.0)) (&& (< net46) (>= net461) (>= netstandard2.0)) (&& (>= net461) (>= netcoreapp2.1)) (>= netcoreapp2.0) (&& (>= netcoreapp2.1) (>= xamarinios)) (&& (>= netcoreapp2.1) (>= xamarinmac)) (&& (>= netcoreapp2.1) (>= xamarintvos)) (&& (>= netcoreapp2.1) (>= xamarinwatchos)) (&& (< netstandard1.0) (>= netstandard2.0) (< portable-net45+win8)) (&& (< netstandard1.0) (>= netstandard2.0) (>= win8)) (&& (< netstandard1.0) (>= netstandard2.0) (< win8)) (&& (< netstandard1.3) (>= netstandard2.0) (< win8) (>= wpa81)) (&& (>= netstandard2.0) (< portable-net45+win8+wpa81)) (&& (>= netstandard2.0) (>= uap10.0)) (&& (>= netstandard2.0) (>= uap10.1)) (&& (>= netstandard2.0) (>= wp8))
    Microsoft.NETCore.Targets (3.1) - restriction: || (&& (< monoandroid) (< net45) (< netstandard1.2) (>= netstandard2.0) (< win8)) (&& (< monoandroid) (< net45) (< netstandard1.3) (>= netstandard2.0) (< win8) (< wpa81)) (&& (< monoandroid) (< net45) (< netstandard1.4) (>= netstandard2.0) (< win8) (< wpa81)) (&& (< monoandroid) (< net45) (< netstandard1.5) (>= netstandard2.0) (< win8) (< wpa81)) (&& (< monoandroid) (< net45) (< netstandard1.6) (>= netstandard2.0) (< win8) (< wpa81)) (&& (< monoandroid) (< net45) (>= netstandard2.0) (< uap10.0) (< xamarinios) (< xamarinmac)) (&& (< monoandroid) (< net45) (>= netstandard2.0) (< win8) (< wpa81) (< xamarinios) (< xamarinmac)) (&& (< monoandroid) (< net46) (>= netstandard2.0) (< xamarinios) (< xamarinmac)) (&& (< monoandroid9.0) (< net45) (>= netstandard2.0) (< uap10.0) (< xamarinios) (< xamarinmac)) (&& (< net45) (>= net463) (>= netstandard2.0)) (>= netcoreapp2.1) (&& (< netstandard1.1) (>= netstandard2.0) (>= uap10.0) (< win8)) (&& (>= netstandard2.0) (>= uap10.0) (< win8) (< wpa81))
    Microsoft.TestPlatform.ObjectModel (16.5) - restriction: >= netcoreapp2.1
      NuGet.Frameworks (>= 5.0) - restriction: || (>= net451) (>= netstandard2.0)
    Microsoft.TestPlatform.TestHost (16.5) - restriction: >= netcoreapp2.1
      Microsoft.TestPlatform.ObjectModel (>= 16.5) - restriction: || (>= netcoreapp2.1) (>= uap10.0)
      Newtonsoft.Json (>= 9.0.1) - restriction: || (>= netcoreapp2.1) (>= uap10.0)
    Microsoft.Win32.Primitives (4.3) - restriction: && (< monoandroid) (< net46) (>= netstandard2.0) (< xamarinios) (< xamarinmac)
      Microsoft.NETCore.Platforms (>= 1.1) - restriction: && (< monoandroid) (< monotouch) (< net46) (>= netstandard1.3) (< xamarinios) (< xamarinmac) (< xamarintvos) (< xamarinwatchos)
      Microsoft.NETCore.Targets (>= 1.1) - restriction: && (< monoandroid) (< monotouch) (< net46) (>= netstandard1.3) (< xamarinios) (< xamarinmac) (< xamarintvos) (< xamarinwatchos)
      System.Runtime (>= 4.3) - restriction: && (< monoandroid) (< monotouch) (< net46) (>= netstandard1.3) (< xamarinios) (< xamarinmac) (< xamarintvos) (< xamarinwatchos)
    Microsoft.Win32.Registry (4.7) - restriction: || (&& (< net46) (>= netstandard2.0)) (>= netcoreapp2.1)
      System.Buffers (>= 4.5) - restriction: || (&& (>= monoandroid) (< netstandard2.0)) (>= monotouch) (&& (< net46) (< netcoreapp2.0) (>= netstandard2.0)) (>= xamarinios) (>= xamarinmac) (>= xamarintvos) (>= xamarinwatchos)
      System.Memory (>= 4.5.3) - restriction: || (&& (< net46) (< netcoreapp2.0) (>= netstandard2.0) (< xamarinios) (< xamarinmac)) (&& (>= netcoreapp2.0) (< netcoreapp2.1)) (>= uap10.1)
      System.Security.AccessControl (>= 4.7) - restriction: || (&& (>= monoandroid) (< netstandard2.0)) (>= monotouch) (&& (< net46) (>= netstandard2.0)) (>= net461) (>= netcoreapp2.0) (>= xamarinios) (>= xamarinmac) (>= xamarintvos) (>= xamarinwatchos)
      System.Security.Principal.Windows (>= 4.7) - restriction: || (&& (>= monoandroid) (< netstandard2.0)) (>= monotouch) (&& (< net46) (>= netstandard2.0)) (>= net461) (>= netcoreapp2.0) (>= xamarinios) (>= xamarinmac) (>= xamarintvos) (>= xamarinwatchos)
    Microsoft.Win32.SystemEvents (4.7) - restriction: >= netcoreapp3.0
      Microsoft.NETCore.Platforms (>= 3.1) - restriction: >= netcoreapp2.0
    Mono.Cecil (0.11.1) - restriction: >= netcoreapp2.0
    NETStandard.Library (2.0.3) - restriction: || (&& (< monoandroid9.0) (< net45) (< netcoreapp2.1) (>= netstandard2.0) (< uap10.0) (< xamarinios) (< xamarinmac)) (&& (< net46) (>= netstandard2.0)) (>= netcoreapp2.0)
      Microsoft.NETCore.Platforms (>= 1.1) - restriction: || (&& (>= net45) (< netstandard1.3)) (&& (< net45) (>= netstandard1.1) (< netstandard1.2) (< win8)) (&& (< net45) (>= netstandard1.2) (< netstandard1.3) (< win8) (< wpa81)) (&& (< net45) (>= netstandard1.3) (< netstandard1.4) (< win8) (< wpa81)) (&& (< net45) (>= netstandard1.4) (< netstandard1.5) (< win8) (< wpa81)) (&& (< net45) (>= netstandard1.5) (< netstandard1.6) (< win8) (< wpa81)) (&& (< net45) (>= netstandard1.6) (< netstandard2.0) (< win8) (< wpa81)) (&& (< net45) (>= netstandard2.0)) (&& (>= net46) (< netstandard1.4)) (>= net461) (>= netcoreapp2.0) (&& (>= netstandard1.0) (< portable-net45+win8+wpa81)) (&& (< netstandard1.0) (>= portable-net45+win8) (< win8)) (&& (< netstandard1.0) (< portable-net45+win8) (>= portable-net45+win8+wpa81)) (&& (< netstandard1.0) (>= portable-net45+win8+wp8+wpa81) (< portable-net45+win8+wpa81)) (&& (< netstandard1.0) (>= win8)) (&& (< netstandard1.3) (< win8) (>= wpa81)) (&& (< netstandard1.5) (>= uap10.0)) (>= uap10.1) (>= wp8)
    NetTopologySuite (2.0) - restriction: >= netcoreapp3.1
      System.Memory (>= 4.5.3) - restriction: >= netstandard2.0
    Newtonsoft.Json (12.0.3) - restriction: || (&& (< net45) (>= net46) (>= netstandard2.0)) (&& (>= net451) (>= netstandard2.0)) (&& (>= net46) (< netstandard1.4) (>= netstandard2.0)) (&& (>= net461) (>= netstandard2.0)) (>= netcoreapp2.0) (&& (< netstandard1.6) (>= netstandard2.0))
    NHamcrest (2.0.1) - restriction: || (>= net46) (>= netstandard2.0)
      NETStandard.Library (>= 1.6.1) - restriction: && (< net451) (>= netstandard1.5)
    NuGet.Frameworks (5.4) - restriction: >= netcoreapp2.1
    Paket.Core (5.242) - restriction: >= netcoreapp2.0
      Chessie (>= 0.6) - restriction: || (>= net45) (>= netstandard2.0)
      Mono.Cecil (>= 0.10.0-beta6) - restriction: || (>= net45) (>= netstandard2.0)
      Newtonsoft.Json (>= 10.0.3) - restriction: && (< net45) (>= netstandard2.0)
      System.Net.Http.WinHttpHandler (>= 4.5) - restriction: && (< net45) (>= netstandard2.0)
      System.Security.Cryptography.ProtectedData (>= 4.4) - restriction: && (< net45) (>= netstandard2.0)
    runtime.debian.8-x64.runtime.native.System.Security.Cryptography.OpenSsl (4.3.3) - restriction: && (< monoandroid) (< net46) (>= netstandard2.0) (< xamarinios) (< xamarinmac)
    runtime.debian.9-x64.runtime.native.System.Security.Cryptography.OpenSsl (4.3.3) - restriction: && (< monoandroid) (< net46) (>= netstandard2.0) (< xamarinios) (< xamarinmac)
    runtime.fedora.23-x64.runtime.native.System.Security.Cryptography.OpenSsl (4.3.3) - restriction: && (< monoandroid) (< net46) (>= netstandard2.0) (< xamarinios) (< xamarinmac)
    runtime.fedora.24-x64.runtime.native.System.Security.Cryptography.OpenSsl (4.3.3) - restriction: && (< monoandroid) (< net46) (>= netstandard2.0) (< xamarinios) (< xamarinmac)
    runtime.fedora.27-x64.runtime.native.System.Security.Cryptography.OpenSsl (4.3.3) - restriction: && (< monoandroid) (< net46) (>= netstandard2.0) (< xamarinios) (< xamarinmac)
    runtime.fedora.28-x64.runtime.native.System.Security.Cryptography.OpenSsl (4.3.3) - restriction: && (< monoandroid) (< net46) (>= netstandard2.0) (< xamarinios) (< xamarinmac)
    runtime.native.System (4.3.1) - restriction: || (&& (< monoandroid) (< net45) (>= netstandard2.0) (< uap10.0) (< xamarinios) (< xamarinmac)) (&& (< monoandroid) (< net46) (>= netstandard2.0) (< xamarinios) (< xamarinmac)) (>= netcoreapp2.1) (&& (>= netstandard2.0) (>= uap10.0))
      Microsoft.NETCore.Platforms (>= 1.1.1)
      Microsoft.NETCore.Targets (>= 1.1.3)
    runtime.native.System.Data.SqlClient.sni (4.7) - restriction: || (&& (< net46) (>= netstandard2.0)) (>= netcoreapp2.1)
      runtime.win-arm64.runtime.native.System.Data.SqlClient.sni (>= 4.4)
      runtime.win-x64.runtime.native.System.Data.SqlClient.sni (>= 4.4)
      runtime.win-x86.runtime.native.System.Data.SqlClient.sni (>= 4.4)
    runtime.native.System.Net.Http (4.3.1) - restriction: && (< monoandroid) (< net45) (< netcoreapp2.1) (>= netstandard2.0) (< uap10.0) (< xamarinios) (< xamarinmac)
      Microsoft.NETCore.Platforms (>= 1.1.1)
      Microsoft.NETCore.Targets (>= 1.1.3)
    runtime.native.System.Security.Cryptography.Apple (4.3.1) - restriction: && (< monoandroid) (< net46) (>= netstandard2.0) (< xamarinios) (< xamarinmac)
      runtime.osx.10.10-x64.runtime.native.System.Security.Cryptography.Apple (>= 4.3.1)
    runtime.native.System.Security.Cryptography.OpenSsl (4.3.3) - restriction: || (&& (< monoandroid) (< net45) (< netcoreapp2.1) (>= netstandard2.0) (< uap10.0) (< xamarinios) (< xamarinmac)) (&& (< monoandroid) (< net46) (>= netstandard2.0) (< xamarinios) (< xamarinmac))
      runtime.debian.8-x64.runtime.native.System.Security.Cryptography.OpenSsl (>= 4.3.3)
      runtime.debian.9-x64.runtime.native.System.Security.Cryptography.OpenSsl (>= 4.3.3)
      runtime.fedora.23-x64.runtime.native.System.Security.Cryptography.OpenSsl (>= 4.3.3)
      runtime.fedora.24-x64.runtime.native.System.Security.Cryptography.OpenSsl (>= 4.3.3)
      runtime.fedora.27-x64.runtime.native.System.Security.Cryptography.OpenSsl (>= 4.3.3)
      runtime.fedora.28-x64.runtime.native.System.Security.Cryptography.OpenSsl (>= 4.3.3)
      runtime.opensuse.13.2-x64.runtime.native.System.Security.Cryptography.OpenSsl (>= 4.3.3)
      runtime.opensuse.42.1-x64.runtime.native.System.Security.Cryptography.OpenSsl (>= 4.3.3)
      runtime.opensuse.42.3-x64.runtime.native.System.Security.Cryptography.OpenSsl (>= 4.3.3)
      runtime.osx.10.10-x64.runtime.native.System.Security.Cryptography.OpenSsl (>= 4.3.3)
      runtime.rhel.7-x64.runtime.native.System.Security.Cryptography.OpenSsl (>= 4.3.3)
      runtime.ubuntu.14.04-x64.runtime.native.System.Security.Cryptography.OpenSsl (>= 4.3.3)
      runtime.ubuntu.16.04-x64.runtime.native.System.Security.Cryptography.OpenSsl (>= 4.3.3)
      runtime.ubuntu.16.10-x64.runtime.native.System.Security.Cryptography.OpenSsl (>= 4.3.3)
      runtime.ubuntu.18.04-x64.runtime.native.System.Security.Cryptography.OpenSsl (>= 4.3.3)
    runtime.opensuse.13.2-x64.runtime.native.System.Security.Cryptography.OpenSsl (4.3.3) - restriction: && (< monoandroid) (< net46) (>= netstandard2.0) (< xamarinios) (< xamarinmac)
    runtime.opensuse.42.1-x64.runtime.native.System.Security.Cryptography.OpenSsl (4.3.3) - restriction: && (< monoandroid) (< net46) (>= netstandard2.0) (< xamarinios) (< xamarinmac)
    runtime.opensuse.42.3-x64.runtime.native.System.Security.Cryptography.OpenSsl (4.3.3) - restriction: && (< monoandroid) (< net46) (>= netstandard2.0) (< xamarinios) (< xamarinmac)
    runtime.osx.10.10-x64.runtime.native.System.Security.Cryptography.Apple (4.3.1) - restriction: && (< monoandroid) (< net46) (>= netstandard2.0) (< xamarinios) (< xamarinmac)
    runtime.osx.10.10-x64.runtime.native.System.Security.Cryptography.OpenSsl (4.3.3) - restriction: && (< monoandroid) (< net46) (>= netstandard2.0) (< xamarinios) (< xamarinmac)
    runtime.rhel.7-x64.runtime.native.System.Security.Cryptography.OpenSsl (4.3.3) - restriction: && (< monoandroid) (< net46) (>= netstandard2.0) (< xamarinios) (< xamarinmac)
    runtime.ubuntu.14.04-x64.runtime.native.System.Security.Cryptography.OpenSsl (4.3.3) - restriction: && (< monoandroid) (< net46) (>= netstandard2.0) (< xamarinios) (< xamarinmac)
    runtime.ubuntu.16.04-x64.runtime.native.System.Security.Cryptography.OpenSsl (4.3.3) - restriction: && (< monoandroid) (< net46) (>= netstandard2.0) (< xamarinios) (< xamarinmac)
    runtime.ubuntu.16.10-x64.runtime.native.System.Security.Cryptography.OpenSsl (4.3.3) - restriction: && (< monoandroid) (< net46) (>= netstandard2.0) (< xamarinios) (< xamarinmac)
    runtime.ubuntu.18.04-x64.runtime.native.System.Security.Cryptography.OpenSsl (4.3.3) - restriction: && (< monoandroid) (< net46) (>= netstandard2.0) (< xamarinios) (< xamarinmac)
    runtime.win-arm64.runtime.native.System.Data.SqlClient.sni (4.4) - restriction: || (&& (< net46) (>= netstandard2.0)) (>= netcoreapp2.1)
    runtime.win-x64.runtime.native.System.Data.SqlClient.sni (4.4) - restriction: || (&& (< net46) (>= netstandard2.0)) (>= netcoreapp2.1)
    runtime.win-x86.runtime.native.System.Data.SqlClient.sni (4.4) - restriction: || (&& (< net46) (>= netstandard2.0)) (>= netcoreapp2.1)
    SQLitePCLRaw.bundle_e_sqlite3 (2.0.2) - restriction: >= netstandard2.0
      SQLitePCLRaw.core (>= 2.0.2) - restriction: || (>= net461) (>= netstandard2.0) (>= xamarintvos)
      SQLitePCLRaw.lib.e_sqlite3 (>= 2.0.2) - restriction: || (&& (< monoandroid8.0) (>= netstandard2.0) (< xamarinios)) (>= net461) (>= netcoreapp3.0)
      SQLitePCLRaw.lib.e_sqlite3.android (>= 2.0.2) - restriction: >= monoandroid8.0
      SQLitePCLRaw.lib.e_sqlite3.ios (>= 2.0.2) - restriction: >= xamarinios
      SQLitePCLRaw.provider.dynamic_cdecl (>= 2.0.2) - restriction: || (>= net461) (>= netcoreapp3.0)
      SQLitePCLRaw.provider.e_sqlite3 (>= 2.0.2) - restriction: || (>= monoandroid8.0) (&& (< net461) (< netcoreapp3.0) (>= netstandard2.0) (< xamarinios))
      SQLitePCLRaw.provider.internal (>= 2.0.2) - restriction: || (>= xamarinios) (>= xamarintvos)
    SQLitePCLRaw.core (2.0.2) - restriction: >= netstandard2.0
      System.Memory (>= 4.5.3) - restriction: >= netstandard2.0
    SQLitePCLRaw.lib.e_sqlite3 (2.0.2) - restriction: || (&& (< monoandroid8.0) (>= netstandard2.0) (< xamarinios)) (&& (>= net461) (>= netstandard2.0)) (>= netcoreapp3.0)
    SQLitePCLRaw.lib.e_sqlite3.android (2.0.2) - restriction: >= monoandroid8.0
    SQLitePCLRaw.lib.e_sqlite3.ios (2.0.2) - restriction: >= xamarinios
    SQLitePCLRaw.provider.dynamic_cdecl (2.0.2) - restriction: || (&& (>= net461) (>= netstandard2.0)) (>= netcoreapp3.0)
      SQLitePCLRaw.core (>= 2.0.2) - restriction: >= netstandard2.0
    SQLitePCLRaw.provider.e_sqlite3 (2.0.2) - restriction: || (>= monoandroid8.0) (&& (< net461) (< netcoreapp3.0) (>= netstandard2.0) (< xamarinios))
      SQLitePCLRaw.core (>= 2.0.2)
    SQLitePCLRaw.provider.internal (2.0.2) - restriction: || (&& (>= netstandard2.0) (>= xamarintvos)) (>= xamarinios)
      SQLitePCLRaw.core (>= 2.0.2) - restriction: >= netstandard2.0
    System.Buffers (4.5) - restriction: || (&& (>= monoandroid) (>= netcoreapp2.1)) (&& (>= monotouch) (>= netcoreapp2.1)) (>= net461) (&& (< netcoreapp2.0) (>= netcoreapp2.1)) (&& (>= netcoreapp2.1) (>= xamarintvos)) (&& (>= netcoreapp2.1) (>= xamarinwatchos)) (>= netstandard2.0)
    System.Collections (4.3) - restriction: || (&& (< monoandroid) (< net45) (>= netstandard2.0) (< uap10.0) (< xamarinios) (< xamarinmac)) (&& (< monoandroid) (< net45) (>= netstandard2.0) (< win8) (< wpa81) (< xamarinios) (< xamarinmac)) (&& (< monoandroid) (< net46) (>= netstandard2.0) (< xamarinios) (< xamarinmac)) (>= netcoreapp2.1) (&& (>= netstandard2.0) (>= uap10.0))
      Microsoft.NETCore.Platforms (>= 1.1) - restriction: || (&& (< monoandroid) (< monotouch) (< net45) (>= netstandard1.3) (< win8) (< wpa81) (< xamarinios) (< xamarinmac) (< xamarintvos) (< xamarinwatchos)) (&& (< monoandroid) (< net45) (>= netstandard1.0) (< netstandard1.3) (< win8) (< wp8) (< wpa81))
      Microsoft.NETCore.Targets (>= 1.1) - restriction: || (&& (< monoandroid) (< monotouch) (< net45) (>= netstandard1.3) (< win8) (< wpa81) (< xamarinios) (< xamarinmac) (< xamarintvos) (< xamarinwatchos)) (&& (< monoandroid) (< net45) (>= netstandard1.0) (< netstandard1.3) (< win8) (< wp8) (< wpa81))
      System.Runtime (>= 4.3) - restriction: || (&& (< monoandroid) (< monotouch) (< net45) (>= netstandard1.3) (< win8) (< wpa81) (< xamarinios) (< xamarinmac) (< xamarintvos) (< xamarinwatchos)) (&& (< monoandroid) (< net45) (>= netstandard1.0) (< netstandard1.3) (< win8) (< wp8) (< wpa81))
    System.Collections.Concurrent (4.3) - restriction: || (&& (< monoandroid) (< net45) (>= netstandard2.0) (< win8) (< wpa81) (< xamarinios) (< xamarinmac)) (&& (< monoandroid) (< net46) (>= netstandard2.0) (< xamarinios) (< xamarinmac)) (&& (< net46) (>= net463) (>= netstandard2.0)) (>= netcoreapp2.1) (&& (>= netstandard2.0) (>= uap10.0) (< win8) (< wpa81))
      System.Collections (>= 4.3) - restriction: && (< monoandroid) (< monotouch) (< net45) (>= netstandard1.3) (< win8) (< wpa81) (< xamarinios) (< xamarinmac) (< xamarintvos) (< xamarinwatchos)
      System.Diagnostics.Debug (>= 4.3) - restriction: && (< monoandroid) (< monotouch) (< net45) (>= netstandard1.3) (< win8) (< wpa81) (< xamarinios) (< xamarinmac) (< xamarintvos) (< xamarinwatchos)
      System.Diagnostics.Tracing (>= 4.3) - restriction: && (< monoandroid) (< monotouch) (< net45) (>= netstandard1.3) (< win8) (< wpa81) (< xamarinios) (< xamarinmac) (< xamarintvos) (< xamarinwatchos)
      System.Globalization (>= 4.3) - restriction: && (< monoandroid) (< monotouch) (< net45) (>= netstandard1.3) (< win8) (< wpa81) (< xamarinios) (< xamarinmac) (< xamarintvos) (< xamarinwatchos)
      System.Reflection (>= 4.3) - restriction: && (< monoandroid) (< monotouch) (< net45) (>= netstandard1.3) (< win8) (< wpa81) (< xamarinios) (< xamarinmac) (< xamarintvos) (< xamarinwatchos)
      System.Resources.ResourceManager (>= 4.3) - restriction: && (< monoandroid) (< monotouch) (< net45) (>= netstandard1.3) (< win8) (< wpa81) (< xamarinios) (< xamarinmac) (< xamarintvos) (< xamarinwatchos)
      System.Runtime (>= 4.3) - restriction: || (&& (< monoandroid) (< monotouch) (< net45) (>= netstandard1.3) (< win8) (< wpa81) (< xamarinios) (< xamarinmac) (< xamarintvos) (< xamarinwatchos)) (&& (< monoandroid) (< net45) (>= netstandard1.1) (< netstandard1.3) (< win8) (< wpa81))
      System.Runtime.Extensions (>= 4.3) - restriction: && (< monoandroid) (< monotouch) (< net45) (>= netstandard1.3) (< win8) (< wpa81) (< xamarinios) (< xamarinmac) (< xamarintvos) (< xamarinwatchos)
      System.Threading (>= 4.3) - restriction: && (< monoandroid) (< monotouch) (< net45) (>= netstandard1.3) (< win8) (< wpa81) (< xamarinios) (< xamarinmac) (< xamarintvos) (< xamarinwatchos)
      System.Threading.Tasks (>= 4.3) - restriction: || (&& (< monoandroid) (< monotouch) (< net45) (>= netstandard1.3) (< win8) (< wpa81) (< xamarinios) (< xamarinmac) (< xamarintvos) (< xamarinwatchos)) (&& (< monoandroid) (< net45) (>= netstandard1.1) (< netstandard1.3) (< win8) (< wpa81))
    System.Collections.Immutable (1.7) - restriction: || (>= net461) (>= netstandard2.0)
      System.Memory (>= 4.5.3) - restriction: || (&& (< monoandroid) (< monotouch) (< net45) (>= netstandard1.3) (< netstandard2.0) (< win8) (< wpa81) (< xamarintvos) (< xamarinwatchos)) (&& (< net45) (< netcoreapp2.1) (>= netstandard2.0) (< xamarinios) (< xamarinmac)) (>= net46) (>= uap10.1)
    System.Collections.NonGeneric (4.3) - restriction: >= netcoreapp3.1
      System.Diagnostics.Debug (>= 4.3) - restriction: && (< monoandroid) (< monotouch) (< net46) (>= netstandard1.3) (< xamarinios) (< xamarinmac) (< xamarintvos) (< xamarinwatchos)
      System.Globalization (>= 4.3) - restriction: && (< monoandroid) (< monotouch) (< net46) (>= netstandard1.3) (< xamarinios) (< xamarinmac) (< xamarintvos) (< xamarinwatchos)
      System.Resources.ResourceManager (>= 4.3) - restriction: && (< monoandroid) (< monotouch) (< net46) (>= netstandard1.3) (< xamarinios) (< xamarinmac) (< xamarintvos) (< xamarinwatchos)
      System.Runtime (>= 4.3) - restriction: && (< monoandroid) (< monotouch) (< net46) (>= netstandard1.3) (< xamarinios) (< xamarinmac) (< xamarintvos) (< xamarinwatchos)
      System.Runtime.Extensions (>= 4.3) - restriction: && (< monoandroid) (< monotouch) (< net46) (>= netstandard1.3) (< xamarinios) (< xamarinmac) (< xamarintvos) (< xamarinwatchos)
      System.Threading (>= 4.3) - restriction: && (< monoandroid) (< monotouch) (< net46) (>= netstandard1.3) (< xamarinios) (< xamarinmac) (< xamarintvos) (< xamarinwatchos)
    System.Collections.Specialized (4.3) - restriction: >= netcoreapp3.1
      System.Collections.NonGeneric (>= 4.3) - restriction: && (< monoandroid) (< monotouch) (< net46) (>= netstandard1.3) (< xamarinios) (< xamarinmac) (< xamarintvos) (< xamarinwatchos)
      System.Globalization (>= 4.3) - restriction: && (< monoandroid) (< monotouch) (< net46) (>= netstandard1.3) (< xamarinios) (< xamarinmac) (< xamarintvos) (< xamarinwatchos)
      System.Globalization.Extensions (>= 4.3) - restriction: && (< monoandroid) (< monotouch) (< net46) (>= netstandard1.3) (< xamarinios) (< xamarinmac) (< xamarintvos) (< xamarinwatchos)
      System.Resources.ResourceManager (>= 4.3) - restriction: && (< monoandroid) (< monotouch) (< net46) (>= netstandard1.3) (< xamarinios) (< xamarinmac) (< xamarintvos) (< xamarinwatchos)
      System.Runtime (>= 4.3) - restriction: && (< monoandroid) (< monotouch) (< net46) (>= netstandard1.3) (< xamarinios) (< xamarinmac) (< xamarintvos) (< xamarinwatchos)
      System.Runtime.Extensions (>= 4.3) - restriction: && (< monoandroid) (< monotouch) (< net46) (>= netstandard1.3) (< xamarinios) (< xamarinmac) (< xamarintvos) (< xamarinwatchos)
      System.Threading (>= 4.3) - restriction: && (< monoandroid) (< monotouch) (< net46) (>= netstandard1.3) (< xamarinios) (< xamarinmac) (< xamarintvos) (< xamarinwatchos)
    System.ComponentModel (4.3) - restriction: >= netcoreapp3.1
      System.Runtime (>= 4.3) - restriction: || (&& (< monoandroid) (< monotouch) (< net45) (>= netstandard1.3) (< win8) (< wpa81) (< xamarinios) (< xamarinmac) (< xamarintvos) (< xamarinwatchos)) (&& (< monoandroid) (< net45) (>= netstandard1.0) (< netstandard1.3) (< win8) (< wp8) (< wpa81))
    System.ComponentModel.Annotations (4.7) - restriction: >= netcoreapp3.1
    System.ComponentModel.Primitives (4.3) - restriction: >= netcoreapp3.1
      System.ComponentModel (>= 4.3) - restriction: && (< monoandroid) (< monotouch) (< net45) (>= netstandard1.0) (< win8) (< wp8) (< wpa81) (< xamarinios) (< xamarinmac) (< xamarintvos) (< xamarinwatchos)
      System.Resources.ResourceManager (>= 4.3) - restriction: && (< monoandroid) (< monotouch) (< net45) (>= netstandard1.0) (< win8) (< wp8) (< wpa81) (< xamarinios) (< xamarinmac) (< xamarintvos) (< xamarinwatchos)
      System.Runtime (>= 4.3) - restriction: && (< monoandroid) (< monotouch) (< net45) (>= netstandard1.0) (< win8) (< wp8) (< wpa81) (< xamarinios) (< xamarinmac) (< xamarintvos) (< xamarinwatchos)
    System.ComponentModel.TypeConverter (4.3) - restriction: || (&& (< monoandroid9.0) (< net45) (>= netstandard2.0) (< uap10.0) (< xamarinmac)) (>= netcoreapp2.1) (>= xamarinios)
      System.Collections (>= 4.3) - restriction: || (&& (< monoandroid) (< monotouch) (< net45) (>= netstandard1.5) (< win8) (< wpa81) (< xamarinios) (< xamarinmac) (< xamarintvos) (< xamarinwatchos)) (&& (< monoandroid) (< net45) (>= netstandard1.0) (< netstandard1.5) (< win8) (< wp8) (< wpa81))
      System.Collections.NonGeneric (>= 4.3) - restriction: || (&& (< monoandroid) (< monotouch) (< net45) (>= netstandard1.5) (< win8) (< wpa81) (< xamarinios) (< xamarinmac) (< xamarintvos) (< xamarinwatchos)) (>= net462)
      System.Collections.Specialized (>= 4.3) - restriction: && (< monoandroid) (< monotouch) (< net45) (>= netstandard1.5) (< win8) (< wpa81) (< xamarinios) (< xamarinmac) (< xamarintvos) (< xamarinwatchos)
      System.ComponentModel (>= 4.3) - restriction: || (&& (< monoandroid) (< monotouch) (< net45) (>= netstandard1.5) (< win8) (< wpa81) (< xamarinios) (< xamarinmac) (< xamarintvos) (< xamarinwatchos)) (&& (< monoandroid) (< net45) (>= netstandard1.0) (< netstandard1.5) (< win8) (< wp8) (< wpa81))
      System.ComponentModel.Primitives (>= 4.3) - restriction: || (&& (< monoandroid) (< monotouch) (< net45) (>= netstandard1.5) (< win8) (< xamarinios) (< xamarinmac) (< xamarintvos) (< xamarinwatchos)) (&& (< monoandroid) (< net45) (>= netstandard1.0) (< netstandard1.5) (< win8)) (&& (>= net45) (< netstandard1.5)) (>= net462) (&& (< netstandard1.0) (>= win8)) (>= wp8) (>= wpa81)
      System.Globalization (>= 4.3) - restriction: || (&& (< monoandroid) (< monotouch) (< net45) (>= netstandard1.5) (< win8) (< wpa81) (< xamarinios) (< xamarinmac) (< xamarintvos) (< xamarinwatchos)) (&& (< monoandroid) (< net45) (>= netstandard1.0) (< netstandard1.5) (< win8) (< wp8) (< wpa81))
      System.Linq (>= 4.3) - restriction: && (< monoandroid) (< monotouch) (< net45) (>= netstandard1.5) (< win8) (< wpa81) (< xamarinios) (< xamarinmac) (< xamarintvos) (< xamarinwatchos)
      System.Reflection (>= 4.3) - restriction: || (&& (< monoandroid) (< monotouch) (< net45) (>= netstandard1.5) (< win8) (< wpa81) (< xamarinios) (< xamarinmac) (< xamarintvos) (< xamarinwatchos)) (&& (< monoandroid) (< net45) (>= netstandard1.0) (< netstandard1.5) (< win8) (< wp8) (< wpa81))
      System.Reflection.Extensions (>= 4.3) - restriction: || (&& (< monoandroid) (< monotouch) (< net45) (>= netstandard1.5) (< win8) (< wpa81) (< xamarinios) (< xamarinmac) (< xamarintvos) (< xamarinwatchos)) (&& (< monoandroid) (< net45) (>= netstandard1.0) (< netstandard1.5) (< win8) (< wp8) (< wpa81))
      System.Reflection.Primitives (>= 4.3) - restriction: || (&& (< monoandroid) (< monotouch) (< net45) (>= netstandard1.5) (< win8) (< wpa81) (< xamarinios) (< xamarinmac) (< xamarintvos) (< xamarinwatchos)) (&& (< monoandroid) (< net45) (>= netstandard1.0) (< netstandard1.5) (< win8) (< wp8) (< wpa81))
      System.Reflection.TypeExtensions (>= 4.3) - restriction: && (< monoandroid) (< monotouch) (< net45) (>= netstandard1.5) (< win8) (< wpa81) (< xamarinios) (< xamarinmac) (< xamarintvos) (< xamarinwatchos)
      System.Resources.ResourceManager (>= 4.3) - restriction: || (&& (< monoandroid) (< monotouch) (< net45) (>= netstandard1.5) (< win8) (< wpa81) (< xamarinios) (< xamarinmac) (< xamarintvos) (< xamarinwatchos)) (&& (< monoandroid) (< net45) (>= netstandard1.0) (< netstandard1.5) (< win8) (< wp8) (< wpa81))
      System.Runtime (>= 4.3) - restriction: || (&& (< monoandroid) (< monotouch) (< net45) (>= netstandard1.5) (< win8) (< wpa81) (< xamarinios) (< xamarinmac) (< xamarintvos) (< xamarinwatchos)) (&& (< monoandroid) (< net45) (>= netstandard1.0) (< netstandard1.5) (< win8) (< wp8) (< wpa81))
      System.Runtime.Extensions (>= 4.3) - restriction: || (&& (< monoandroid) (< monotouch) (< net45) (>= netstandard1.5) (< win8) (< wpa81) (< xamarinios) (< xamarinmac) (< xamarintvos) (< xamarinwatchos)) (&& (< monoandroid) (< net45) (>= netstandard1.0) (< netstandard1.5) (< win8) (< wp8) (< wpa81))
      System.Threading (>= 4.3) - restriction: || (&& (< monoandroid) (< monotouch) (< net45) (>= netstandard1.5) (< win8) (< wpa81) (< xamarinios) (< xamarinmac) (< xamarintvos) (< xamarinwatchos)) (&& (< monoandroid) (< net45) (>= netstandard1.0) (< netstandard1.5) (< win8) (< wp8) (< wpa81))
    System.Composition (1.4) - restriction: >= netstandard2.0
      System.Composition.AttributedModel (>= 1.4)
      System.Composition.Convention (>= 1.4)
      System.Composition.Hosting (>= 1.4)
      System.Composition.Runtime (>= 1.4)
      System.Composition.TypedParts (>= 1.4)
    System.Composition.AttributedModel (1.4) - restriction: >= netstandard2.0
    System.Composition.Convention (1.4) - restriction: >= netstandard2.0
      System.Composition.AttributedModel (>= 1.4) - restriction: || (&& (>= net45) (< netstandard2.0)) (&& (< net45) (>= netstandard1.0) (< netstandard2.0) (< win8) (< wpa81)) (&& (< net45) (>= netstandard2.0)) (>= net461) (&& (< netstandard1.0) (>= portable-net45+win8+wp8+wpa81) (< win8)) (&& (< netstandard1.0) (>= win8)) (&& (< netstandard2.0) (>= wpa81)) (>= uap10.1) (>= wp8)
    System.Composition.Hosting (1.4) - restriction: >= netstandard2.0
      System.Composition.Runtime (>= 1.4) - restriction: || (&& (>= net45) (< netstandard2.0)) (&& (< net45) (>= netstandard1.0) (< netstandard2.0) (< win8) (< wpa81)) (&& (< net45) (>= netstandard2.0)) (>= net461) (&& (< netstandard1.0) (>= portable-net45+win8+wp8+wpa81) (< win8)) (&& (< netstandard1.0) (>= win8)) (&& (< netstandard2.0) (>= wpa81)) (>= uap10.1) (>= wp8)
    System.Composition.Runtime (1.4) - restriction: >= netstandard2.0
    System.Composition.TypedParts (1.4) - restriction: >= netstandard2.0
      System.Composition.AttributedModel (>= 1.4) - restriction: || (&& (>= net45) (< netstandard2.0)) (&& (< net45) (>= netstandard1.0) (< netstandard2.0) (< win8) (< wpa81)) (&& (< net45) (>= netstandard2.0)) (>= net461) (&& (< netstandard1.0) (>= portable-net45+win8+wp8+wpa81) (< win8)) (&& (< netstandard1.0) (>= win8)) (&& (< netstandard2.0) (>= wpa81)) (>= uap10.1) (>= wp8)
      System.Composition.Hosting (>= 1.4) - restriction: || (&& (>= net45) (< netstandard2.0)) (&& (< net45) (>= netstandard1.0) (< netstandard2.0) (< win8) (< wpa81)) (&& (< net45) (>= netstandard2.0)) (>= net461) (&& (< netstandard1.0) (>= portable-net45+win8+wp8+wpa81) (< win8)) (&& (< netstandard1.0) (>= win8)) (&& (< netstandard2.0) (>= wpa81)) (>= uap10.1) (>= wp8)
      System.Composition.Runtime (>= 1.4) - restriction: || (&& (>= net45) (< netstandard2.0)) (&& (< net45) (>= netstandard1.0) (< netstandard2.0) (< win8) (< wpa81)) (&& (< net45) (>= netstandard2.0)) (>= net461) (&& (< netstandard1.0) (>= portable-net45+win8+wp8+wpa81) (< win8)) (&& (< netstandard1.0) (>= win8)) (&& (< netstandard2.0) (>= wpa81)) (>= uap10.1) (>= wp8)
    System.Configuration.ConfigurationManager (4.7) - restriction: || (&& (< net46) (>= netstandard2.0)) (>= netcoreapp2.1)
      System.Security.Cryptography.ProtectedData (>= 4.7) - restriction: && (< net461) (>= netstandard2.0) (< xamarinios) (< xamarinmac)
      System.Security.Permissions (>= 4.7) - restriction: || (>= monoandroid) (>= monotouch) (>= net461) (>= netstandard2.0) (>= xamarintvos) (>= xamarinwatchos)
    System.Data.Common (4.3) - restriction: && (>= net46) (>= netstandard2.0)
    System.Diagnostics.Debug (4.3) - restriction: || (&& (< monoandroid) (< net45) (>= netstandard2.0) (< uap10.0) (< xamarinios) (< xamarinmac)) (&& (< monoandroid) (< net45) (>= netstandard2.0) (< win8) (< wpa81) (< xamarinios) (< xamarinmac)) (&& (< monoandroid) (< net46) (>= netstandard2.0) (< xamarinios) (< xamarinmac)) (>= netcoreapp2.1) (&& (>= netstandard2.0) (>= uap10.0) (< win8) (< wpa81))
      Microsoft.NETCore.Platforms (>= 1.1) - restriction: || (&& (< monoandroid) (< monotouch) (< net45) (>= netstandard1.3) (< win8) (< wpa81) (< xamarinios) (< xamarinmac) (< xamarintvos) (< xamarinwatchos)) (&& (< monoandroid) (< net45) (>= netstandard1.0) (< netstandard1.3) (< win8) (< wp8) (< wpa81))
      Microsoft.NETCore.Targets (>= 1.1) - restriction: || (&& (< monoandroid) (< monotouch) (< net45) (>= netstandard1.3) (< win8) (< wpa81) (< xamarinios) (< xamarinmac) (< xamarintvos) (< xamarinwatchos)) (&& (< monoandroid) (< net45) (>= netstandard1.0) (< netstandard1.3) (< win8) (< wp8) (< wpa81))
      System.Runtime (>= 4.3) - restriction: || (&& (< monoandroid) (< monotouch) (< net45) (>= netstandard1.3) (< win8) (< wpa81) (< xamarinios) (< xamarinmac) (< xamarintvos) (< xamarinwatchos)) (&& (< monoandroid) (< net45) (>= netstandard1.0) (< netstandard1.3) (< win8) (< wp8) (< wpa81))
    System.Diagnostics.DiagnosticSource (4.7) - restriction: || (&& (< net46) (< netcoreapp2.1) (>= netstandard2.0)) (>= netcoreapp3.1)
    System.Diagnostics.Process (4.3) - restriction: || (&& (< monoandroid9.0) (< net45) (< netcoreapp2.1) (>= netstandard2.0) (< uap10.0) (< xamarinios) (< xamarinmac)) (&& (< net461) (>= netstandard2.0))
      Microsoft.NETCore.Platforms (>= 1.1) - restriction: && (< monoandroid) (< monotouch) (< net46) (>= netstandard1.4) (< xamarinios) (< xamarinmac) (< xamarintvos) (< xamarinwatchos)
      Microsoft.Win32.Primitives (>= 4.3) - restriction: && (< monoandroid) (< monotouch) (< net46) (>= netstandard1.4) (< xamarinios) (< xamarinmac) (< xamarintvos) (< xamarinwatchos)
      Microsoft.Win32.Registry (>= 4.3) - restriction: && (< monoandroid) (< monotouch) (< net46) (>= netstandard1.4) (< xamarinios) (< xamarinmac) (< xamarintvos) (< xamarinwatchos)
      runtime.native.System (>= 4.3) - restriction: && (< monoandroid) (< monotouch) (< net46) (>= netstandard1.4) (< xamarinios) (< xamarinmac) (< xamarintvos) (< xamarinwatchos)
      System.Collections (>= 4.3) - restriction: && (< monoandroid) (< monotouch) (< net46) (>= netstandard1.4) (< xamarinios) (< xamarinmac) (< xamarintvos) (< xamarinwatchos)
      System.Diagnostics.Debug (>= 4.3) - restriction: && (< monoandroid) (< monotouch) (< net46) (>= netstandard1.4) (< xamarinios) (< xamarinmac) (< xamarintvos) (< xamarinwatchos)
      System.Globalization (>= 4.3) - restriction: && (< monoandroid) (< monotouch) (< net46) (>= netstandard1.4) (< xamarinios) (< xamarinmac) (< xamarintvos) (< xamarinwatchos)
      System.IO (>= 4.3) - restriction: || (&& (< monoandroid) (< monotouch) (< net46) (>= netstandard1.4) (< xamarinios) (< xamarinmac) (< xamarintvos) (< xamarinwatchos)) (&& (< monoandroid) (< net46) (>= netstandard1.3) (< netstandard1.4))
      System.IO.FileSystem (>= 4.3) - restriction: && (< monoandroid) (< monotouch) (< net46) (>= netstandard1.4) (< xamarinios) (< xamarinmac) (< xamarintvos) (< xamarinwatchos)
      System.IO.FileSystem.Primitives (>= 4.3) - restriction: && (< monoandroid) (< monotouch) (< net46) (>= netstandard1.4) (< xamarinios) (< xamarinmac) (< xamarintvos) (< xamarinwatchos)
      System.Resources.ResourceManager (>= 4.3) - restriction: && (< monoandroid) (< monotouch) (< net46) (>= netstandard1.4) (< xamarinios) (< xamarinmac) (< xamarintvos) (< xamarinwatchos)
      System.Runtime (>= 4.3) - restriction: || (&& (< monoandroid) (< monotouch) (< net46) (>= netstandard1.4) (< xamarinios) (< xamarinmac) (< xamarintvos) (< xamarinwatchos)) (&& (< monoandroid) (< net46) (>= netstandard1.3) (< netstandard1.4))
      System.Runtime.Extensions (>= 4.3) - restriction: && (< monoandroid) (< monotouch) (< net46) (>= netstandard1.4) (< xamarinios) (< xamarinmac) (< xamarintvos) (< xamarinwatchos)
      System.Runtime.Handles (>= 4.3) - restriction: || (&& (< monoandroid) (< monotouch) (< net46) (>= netstandard1.4) (< xamarinios) (< xamarinmac) (< xamarintvos) (< xamarinwatchos)) (&& (< monoandroid) (< net46) (>= netstandard1.3) (< netstandard1.4))
      System.Runtime.InteropServices (>= 4.3) - restriction: && (< monoandroid) (< monotouch) (< net46) (>= netstandard1.4) (< xamarinios) (< xamarinmac) (< xamarintvos) (< xamarinwatchos)
      System.Text.Encoding (>= 4.3) - restriction: || (&& (< monoandroid) (< monotouch) (< net46) (>= netstandard1.4) (< xamarinios) (< xamarinmac) (< xamarintvos) (< xamarinwatchos)) (&& (< monoandroid) (< net46) (>= netstandard1.3) (< netstandard1.4))
      System.Text.Encoding.Extensions (>= 4.3) - restriction: && (< monoandroid) (< monotouch) (< net46) (>= netstandard1.4) (< xamarinios) (< xamarinmac) (< xamarintvos) (< xamarinwatchos)
      System.Threading (>= 4.3) - restriction: && (< monoandroid) (< monotouch) (< net46) (>= netstandard1.4) (< xamarinios) (< xamarinmac) (< xamarintvos) (< xamarinwatchos)
      System.Threading.Tasks (>= 4.3) - restriction: && (< monoandroid) (< monotouch) (< net46) (>= netstandard1.4) (< xamarinios) (< xamarinmac) (< xamarintvos) (< xamarinwatchos)
      System.Threading.Thread (>= 4.3) - restriction: && (< monoandroid) (< monotouch) (< net46) (>= netstandard1.4) (< xamarinios) (< xamarinmac) (< xamarintvos) (< xamarinwatchos)
      System.Threading.ThreadPool (>= 4.3) - restriction: && (< monoandroid) (< monotouch) (< net46) (>= netstandard1.4) (< xamarinios) (< xamarinmac) (< xamarintvos) (< xamarinwatchos)
    System.Diagnostics.Tools (4.3) - restriction: || (&& (< monoandroid) (< net45) (>= netstandard2.0) (< win8) (< wpa81) (< xamarinios) (< xamarinmac)) (>= netcoreapp2.1) (&& (>= netstandard2.0) (>= uap10.0) (< win8) (< wpa81))
      Microsoft.NETCore.Platforms (>= 1.1) - restriction: && (< monoandroid) (< monotouch) (< net45) (>= netstandard1.0) (< win8) (< wp8) (< wpa81) (< xamarinios) (< xamarinmac) (< xamarintvos) (< xamarinwatchos)
      Microsoft.NETCore.Targets (>= 1.1) - restriction: && (< monoandroid) (< monotouch) (< net45) (>= netstandard1.0) (< win8) (< wp8) (< wpa81) (< xamarinios) (< xamarinmac) (< xamarintvos) (< xamarinwatchos)
      System.Runtime (>= 4.3) - restriction: && (< monoandroid) (< monotouch) (< net45) (>= netstandard1.0) (< win8) (< wp8) (< wpa81) (< xamarinios) (< xamarinmac) (< xamarintvos) (< xamarinwatchos)
    System.Diagnostics.TraceSource (4.3) - restriction: || (&& (< net461) (>= netstandard2.0)) (>= netcoreapp3.1)
      Microsoft.NETCore.Platforms (>= 1.1) - restriction: && (< monoandroid) (< monotouch) (< net46) (>= netstandard1.3) (< xamarinios) (< xamarinmac) (< xamarintvos) (< xamarinwatchos)
      runtime.native.System (>= 4.3) - restriction: && (< monoandroid) (< monotouch) (< net46) (>= netstandard1.3) (< xamarinios) (< xamarinmac) (< xamarintvos) (< xamarinwatchos)
      System.Collections (>= 4.3) - restriction: && (< monoandroid) (< monotouch) (< net46) (>= netstandard1.3) (< xamarinios) (< xamarinmac) (< xamarintvos) (< xamarinwatchos)
      System.Diagnostics.Debug (>= 4.3) - restriction: && (< monoandroid) (< monotouch) (< net46) (>= netstandard1.3) (< xamarinios) (< xamarinmac) (< xamarintvos) (< xamarinwatchos)
      System.Globalization (>= 4.3) - restriction: && (< monoandroid) (< monotouch) (< net46) (>= netstandard1.3) (< xamarinios) (< xamarinmac) (< xamarintvos) (< xamarinwatchos)
      System.Resources.ResourceManager (>= 4.3) - restriction: && (< monoandroid) (< monotouch) (< net46) (>= netstandard1.3) (< xamarinios) (< xamarinmac) (< xamarintvos) (< xamarinwatchos)
      System.Runtime (>= 4.3) - restriction: && (< monoandroid) (< monotouch) (< net46) (>= netstandard1.3) (< xamarinios) (< xamarinmac) (< xamarintvos) (< xamarinwatchos)
      System.Runtime.Extensions (>= 4.3) - restriction: && (< monoandroid) (< monotouch) (< net46) (>= netstandard1.3) (< xamarinios) (< xamarinmac) (< xamarintvos) (< xamarinwatchos)
      System.Threading (>= 4.3) - restriction: && (< monoandroid) (< monotouch) (< net46) (>= netstandard1.3) (< xamarinios) (< xamarinmac) (< xamarintvos) (< xamarinwatchos)
    System.Diagnostics.Tracing (4.3) - restriction: || (&& (< monoandroid) (< net45) (>= netstandard2.0) (< win8) (< wpa81) (< xamarinios) (< xamarinmac)) (&& (< net45) (>= net463) (>= netstandard2.0)) (>= netcoreapp2.1) (&& (>= netstandard2.0) (>= uap10.0))
      Microsoft.NETCore.Platforms (>= 1.1) - restriction: || (&& (< monoandroid) (< monotouch) (< net45) (>= netstandard1.5) (< win8) (< wpa81) (< xamarinios) (< xamarinmac) (< xamarintvos) (< xamarinwatchos)) (&& (< monoandroid) (< net45) (>= netstandard1.1) (< netstandard1.2) (< win8)) (&& (< monoandroid) (< net45) (>= netstandard1.2) (< netstandard1.3) (< win8) (< wpa81)) (&& (< monoandroid) (< net45) (>= netstandard1.3) (< netstandard1.5) (< win8) (< wpa81))
      Microsoft.NETCore.Targets (>= 1.1) - restriction: || (&& (< monoandroid) (< monotouch) (< net45) (>= netstandard1.5) (< win8) (< wpa81) (< xamarinios) (< xamarinmac) (< xamarintvos) (< xamarinwatchos)) (&& (< monoandroid) (< net45) (>= netstandard1.1) (< netstandard1.2) (< win8)) (&& (< monoandroid) (< net45) (>= netstandard1.2) (< netstandard1.3) (< win8) (< wpa81)) (&& (< monoandroid) (< net45) (>= netstandard1.3) (< netstandard1.5) (< win8) (< wpa81))
      System.Runtime (>= 4.3) - restriction: || (&& (< monoandroid) (< monotouch) (< net45) (>= netstandard1.5) (< win8) (< wpa81) (< xamarinios) (< xamarinmac) (< xamarintvos) (< xamarinwatchos)) (&& (< monoandroid) (< net45) (>= netstandard1.1) (< netstandard1.2) (< win8)) (&& (< monoandroid) (< net45) (>= netstandard1.2) (< netstandard1.3) (< win8) (< wpa81)) (&& (< monoandroid) (< net45) (>= netstandard1.3) (< netstandard1.5) (< win8) (< wpa81))
    System.Drawing.Common (4.7) - restriction: >= netcoreapp3.0
      Microsoft.NETCore.Platforms (>= 3.1) - restriction: >= netcoreapp2.0
      Microsoft.Win32.SystemEvents (>= 4.7) - restriction: >= netcoreapp2.0
    System.Dynamic.Runtime (4.3) - restriction: || (&& (< monoandroid9.0) (< net45) (< netcoreapp2.1) (>= netstandard2.0) (< uap10.0) (< xamarinios) (< xamarinmac)) (>= netcoreapp3.1)
      System.Collections (>= 4.3) - restriction: && (< monoandroid) (< monotouch) (< net45) (>= netstandard1.3) (< win8) (< wpa81) (< xamarinios) (< xamarinmac) (< xamarintvos) (< xamarinwatchos)
      System.Diagnostics.Debug (>= 4.3) - restriction: && (< monoandroid) (< monotouch) (< net45) (>= netstandard1.3) (< win8) (< wpa81) (< xamarinios) (< xamarinmac) (< xamarintvos) (< xamarinwatchos)
      System.Linq (>= 4.3) - restriction: && (< monoandroid) (< monotouch) (< net45) (>= netstandard1.3) (< win8) (< wpa81) (< xamarinios) (< xamarinmac) (< xamarintvos) (< xamarinwatchos)
      System.Linq.Expressions (>= 4.3) - restriction: || (&& (< monoandroid) (< monotouch) (< net45) (>= netstandard1.3) (< win8) (< wpa81) (< xamarinios) (< xamarinmac) (< xamarintvos) (< xamarinwatchos)) (&& (< monoandroid) (< net45) (>= netstandard1.0) (< netstandard1.3) (< win8) (< wp8) (< wpa81))
      System.ObjectModel (>= 4.3) - restriction: || (&& (< monoandroid) (< monotouch) (< net45) (>= netstandard1.3) (< win8) (< wpa81) (< xamarinios) (< xamarinmac) (< xamarintvos) (< xamarinwatchos)) (&& (< monoandroid) (< net45) (>= netstandard1.0) (< netstandard1.3) (< win8) (< wp8) (< wpa81))
      System.Reflection (>= 4.3) - restriction: || (&& (< monoandroid) (< monotouch) (< net45) (>= netstandard1.3) (< win8) (< wpa81) (< xamarinios) (< xamarinmac) (< xamarintvos) (< xamarinwatchos)) (&& (< monoandroid) (< net45) (>= netstandard1.0) (< netstandard1.3) (< win8) (< wp8) (< wpa81))
      System.Reflection.Emit (>= 4.3) - restriction: && (< monoandroid) (< monotouch) (< net45) (>= netstandard1.3) (< win8) (< wpa81) (< xamarinios) (< xamarinmac) (< xamarintvos) (< xamarinwatchos)
      System.Reflection.Emit.ILGeneration (>= 4.3) - restriction: && (< monoandroid) (< monotouch) (< net45) (>= netstandard1.3) (< win8) (< wpa81) (< xamarinios) (< xamarinmac) (< xamarintvos) (< xamarinwatchos)
      System.Reflection.Primitives (>= 4.3) - restriction: && (< monoandroid) (< monotouch) (< net45) (>= netstandard1.3) (< win8) (< wpa81) (< xamarinios) (< xamarinmac) (< xamarintvos) (< xamarinwatchos)
      System.Reflection.TypeExtensions (>= 4.3) - restriction: && (< monoandroid) (< monotouch) (< net45) (>= netstandard1.3) (< win8) (< wpa81) (< xamarinios) (< xamarinmac) (< xamarintvos) (< xamarinwatchos)
      System.Resources.ResourceManager (>= 4.3) - restriction: && (< monoandroid) (< monotouch) (< net45) (>= netstandard1.3) (< win8) (< wpa81) (< xamarinios) (< xamarinmac) (< xamarintvos) (< xamarinwatchos)
      System.Runtime (>= 4.3) - restriction: || (&& (< monoandroid) (< monotouch) (< net45) (>= netstandard1.3) (< win8) (< wpa81) (< xamarinios) (< xamarinmac) (< xamarintvos) (< xamarinwatchos)) (&& (< monoandroid) (< net45) (>= netstandard1.0) (< netstandard1.3) (< win8) (< wp8) (< wpa81))
      System.Runtime.Extensions (>= 4.3) - restriction: && (< monoandroid) (< monotouch) (< net45) (>= netstandard1.3) (< win8) (< wpa81) (< xamarinios) (< xamarinmac) (< xamarintvos) (< xamarinwatchos)
      System.Threading (>= 4.3) - restriction: && (< monoandroid) (< monotouch) (< net45) (>= netstandard1.3) (< win8) (< wpa81) (< xamarinios) (< xamarinmac) (< xamarintvos) (< xamarinwatchos)
    System.Globalization (4.3) - restriction: || (&& (< monoandroid) (< net45) (>= netstandard2.0) (< uap10.0) (< xamarinios) (< xamarinmac)) (&& (< monoandroid) (< net45) (>= netstandard2.0) (< win8) (< wpa81) (< xamarinios) (< xamarinmac)) (&& (< monoandroid) (< net46) (>= netstandard2.0) (< xamarinios) (< xamarinmac)) (>= netcoreapp2.1) (&& (>= netstandard2.0) (>= uap10.0))
      Microsoft.NETCore.Platforms (>= 1.1) - restriction: || (&& (< monoandroid) (< monotouch) (< net45) (>= netstandard1.3) (< win8) (< wpa81) (< xamarinios) (< xamarinmac) (< xamarintvos) (< xamarinwatchos)) (&& (< monoandroid) (< net45) (>= netstandard1.0) (< netstandard1.3) (< win8) (< wp8) (< wpa81))
      Microsoft.NETCore.Targets (>= 1.1) - restriction: || (&& (< monoandroid) (< monotouch) (< net45) (>= netstandard1.3) (< win8) (< wpa81) (< xamarinios) (< xamarinmac) (< xamarintvos) (< xamarinwatchos)) (&& (< monoandroid) (< net45) (>= netstandard1.0) (< netstandard1.3) (< win8) (< wp8) (< wpa81))
      System.Runtime (>= 4.3) - restriction: || (&& (< monoandroid) (< monotouch) (< net45) (>= netstandard1.3) (< win8) (< wpa81) (< xamarinios) (< xamarinmac) (< xamarintvos) (< xamarinwatchos)) (&& (< monoandroid) (< net45) (>= netstandard1.0) (< netstandard1.3) (< win8) (< wp8) (< wpa81))
    System.Globalization.Calendars (4.3) - restriction: && (< monoandroid) (< net45) (< netcoreapp2.1) (>= netstandard2.0) (< uap10.0) (< xamarinios) (< xamarinmac)
      Microsoft.NETCore.Platforms (>= 1.1) - restriction: && (< monoandroid) (< monotouch) (< net46) (>= netstandard1.3) (< xamarinios) (< xamarinmac) (< xamarintvos) (< xamarinwatchos)
      Microsoft.NETCore.Targets (>= 1.1) - restriction: && (< monoandroid) (< monotouch) (< net46) (>= netstandard1.3) (< xamarinios) (< xamarinmac) (< xamarintvos) (< xamarinwatchos)
      System.Globalization (>= 4.3) - restriction: && (< monoandroid) (< monotouch) (< net46) (>= netstandard1.3) (< xamarinios) (< xamarinmac) (< xamarintvos) (< xamarinwatchos)
      System.Runtime (>= 4.3) - restriction: && (< monoandroid) (< monotouch) (< net46) (>= netstandard1.3) (< xamarinios) (< xamarinmac) (< xamarintvos) (< xamarinwatchos)
    System.Globalization.Extensions (4.3) - restriction: >= netcoreapp3.1
      Microsoft.NETCore.Platforms (>= 1.1) - restriction: && (< monoandroid) (< monotouch) (< net46) (>= netstandard1.3) (< xamarinios) (< xamarinmac) (< xamarintvos) (< xamarinwatchos)
      System.Globalization (>= 4.3) - restriction: && (< monoandroid) (< monotouch) (< net46) (>= netstandard1.3) (< xamarinios) (< xamarinmac) (< xamarintvos) (< xamarinwatchos)
      System.Resources.ResourceManager (>= 4.3) - restriction: && (< monoandroid) (< monotouch) (< net46) (>= netstandard1.3) (< xamarinios) (< xamarinmac) (< xamarintvos) (< xamarinwatchos)
      System.Runtime (>= 4.3) - restriction: && (< monoandroid) (< monotouch) (< net46) (>= netstandard1.3) (< xamarinios) (< xamarinmac) (< xamarintvos) (< xamarinwatchos)
      System.Runtime.Extensions (>= 4.3) - restriction: && (< monoandroid) (< monotouch) (< net46) (>= netstandard1.3) (< xamarinios) (< xamarinmac) (< xamarintvos) (< xamarinwatchos)
      System.Runtime.InteropServices (>= 4.3) - restriction: && (< monoandroid) (< monotouch) (< net46) (>= netstandard1.3) (< xamarinios) (< xamarinmac) (< xamarintvos) (< xamarinwatchos)
    System.IdentityModel.Tokens.Jwt (5.6) - restriction: || (&& (< net45) (>= net46) (>= netstandard2.0)) (&& (>= net46) (< netstandard1.4) (>= netstandard2.0)) (&& (>= net461) (>= netstandard2.0)) (>= netcoreapp2.1)
      Microsoft.IdentityModel.JsonWebTokens (>= 5.6) - restriction: || (&& (>= net45) (< net451) (< netstandard1.4)) (&& (< net45) (>= netstandard1.4) (< netstandard2.0)) (&& (< net45) (>= netstandard2.0)) (&& (>= net451) (< netstandard1.4)) (>= net461)
      Microsoft.IdentityModel.Tokens (>= 5.6) - restriction: || (&& (>= net45) (< net451) (< netstandard1.4)) (&& (< net45) (>= netstandard1.4) (< netstandard2.0)) (&& (< net45) (>= netstandard2.0)) (&& (>= net451) (< netstandard1.4)) (>= net461)
      Newtonsoft.Json (>= 10.0.1) - restriction: || (&& (>= net45) (< net451) (< netstandard1.4)) (&& (< net45) (>= netstandard1.4) (< netstandard2.0)) (&& (< net45) (>= netstandard2.0)) (&& (>= net451) (< netstandard1.4)) (>= net461)
    System.IO (4.3) - restriction: || (&& (< monoandroid) (< net45) (< netcoreapp2.1) (>= netstandard2.0) (< uap10.0) (< xamarinios) (< xamarinmac)) (&& (< monoandroid) (< net45) (< netstandard1.3) (>= netstandard2.0) (< win8) (< wpa81)) (&& (< monoandroid) (< net45) (< netstandard1.5) (>= netstandard2.0) (< win8) (< wpa81)) (&& (< monoandroid) (< net45) (>= netstandard2.0) (< win8) (< wpa81) (< xamarinios) (< xamarinmac)) (&& (< monoandroid) (< net46) (< netstandard1.4) (>= netstandard2.0)) (&& (< monoandroid) (< net46) (< netstandard1.6) (>= netstandard2.0)) (&& (< monoandroid) (< net46) (>= netstandard2.0) (< xamarinios) (< xamarinmac)) (&& (< net461) (>= net463) (>= netstandard2.0)) (>= netcoreapp3.1)
      Microsoft.NETCore.Platforms (>= 1.1) - restriction: || (&& (< monoandroid) (< monotouch) (< net45) (>= netstandard1.5) (< win8) (< wpa81) (< xamarinios) (< xamarinmac) (< xamarintvos) (< xamarinwatchos)) (&& (< monoandroid) (< net45) (>= netstandard1.0) (< netstandard1.3) (< win8) (< wp8) (< wpa81)) (&& (< monoandroid) (< net45) (>= netstandard1.3) (< netstandard1.5) (< win8) (< wpa81))
      Microsoft.NETCore.Targets (>= 1.1) - restriction: || (&& (< monoandroid) (< monotouch) (< net45) (>= netstandard1.5) (< win8) (< wpa81) (< xamarinios) (< xamarinmac) (< xamarintvos) (< xamarinwatchos)) (&& (< monoandroid) (< net45) (>= netstandard1.0) (< netstandard1.3) (< win8) (< wp8) (< wpa81)) (&& (< monoandroid) (< net45) (>= netstandard1.3) (< netstandard1.5) (< win8) (< wpa81))
      System.Runtime (>= 4.3) - restriction: || (&& (< monoandroid) (< monotouch) (< net45) (>= netstandard1.5) (< win8) (< wpa81) (< xamarinios) (< xamarinmac) (< xamarintvos) (< xamarinwatchos)) (&& (< monoandroid) (< net45) (>= netstandard1.0) (< netstandard1.3) (< win8) (< wp8) (< wpa81)) (&& (< monoandroid) (< net45) (>= netstandard1.3) (< netstandard1.5) (< win8) (< wpa81))
      System.Text.Encoding (>= 4.3) - restriction: || (&& (< monoandroid) (< monotouch) (< net45) (>= netstandard1.5) (< win8) (< wpa81) (< xamarinios) (< xamarinmac) (< xamarintvos) (< xamarinwatchos)) (&& (< monoandroid) (< net45) (>= netstandard1.0) (< netstandard1.3) (< win8) (< wp8) (< wpa81)) (&& (< monoandroid) (< net45) (>= netstandard1.3) (< netstandard1.5) (< win8) (< wpa81))
      System.Threading.Tasks (>= 4.3) - restriction: || (&& (< monoandroid) (< monotouch) (< net45) (>= netstandard1.5) (< win8) (< wpa81) (< xamarinios) (< xamarinmac) (< xamarintvos) (< xamarinwatchos)) (&& (< monoandroid) (< net45) (>= netstandard1.0) (< netstandard1.3) (< win8) (< wp8) (< wpa81)) (&& (< monoandroid) (< net45) (>= netstandard1.3) (< netstandard1.5) (< win8) (< wpa81))
    System.IO.FileSystem (4.3) - restriction: || (&& (< monoandroid) (< net45) (< netstandard1.3) (>= netstandard2.0) (< win8) (< wpa81)) (&& (< monoandroid) (< net45) (>= netstandard2.0) (< uap10.0) (< xamarinios) (< xamarinmac)) (&& (< monoandroid) (< net45) (>= netstandard2.0) (< win8) (< wpa81) (< xamarinios) (< xamarinmac)) (&& (< monoandroid) (< net46) (>= netstandard2.0) (< xamarinios) (< xamarinmac)) (>= netcoreapp2.1) (&& (>= netstandard2.0) (>= uap10.0) (< win8) (< wpa81))
      Microsoft.NETCore.Platforms (>= 1.1) - restriction: && (< monoandroid) (< monotouch) (< net46) (>= netstandard1.3) (< xamarinios) (< xamarinmac) (< xamarintvos) (< xamarinwatchos)
      Microsoft.NETCore.Targets (>= 1.1) - restriction: && (< monoandroid) (< monotouch) (< net46) (>= netstandard1.3) (< xamarinios) (< xamarinmac) (< xamarintvos) (< xamarinwatchos)
      System.IO (>= 4.3) - restriction: && (< monoandroid) (< monotouch) (< net46) (>= netstandard1.3) (< xamarinios) (< xamarinmac) (< xamarintvos) (< xamarinwatchos)
      System.IO.FileSystem.Primitives (>= 4.3) - restriction: || (&& (< monoandroid) (< monotouch) (>= netstandard1.3) (< xamarinios) (< xamarinmac) (< xamarintvos) (< xamarinwatchos)) (>= net46)
      System.Runtime (>= 4.3) - restriction: && (< monoandroid) (< monotouch) (< net46) (>= netstandard1.3) (< xamarinios) (< xamarinmac) (< xamarintvos) (< xamarinwatchos)
      System.Runtime.Handles (>= 4.3) - restriction: && (< monoandroid) (< monotouch) (< net46) (>= netstandard1.3) (< xamarinios) (< xamarinmac) (< xamarintvos) (< xamarinwatchos)
      System.Text.Encoding (>= 4.3) - restriction: && (< monoandroid) (< monotouch) (< net46) (>= netstandard1.3) (< xamarinios) (< xamarinmac) (< xamarintvos) (< xamarinwatchos)
      System.Threading.Tasks (>= 4.3) - restriction: && (< monoandroid) (< monotouch) (< net46) (>= netstandard1.3) (< xamarinios) (< xamarinmac) (< xamarintvos) (< xamarinwatchos)
    System.IO.FileSystem.Primitives (4.3) - restriction: || (&& (< monoandroid) (< net45) (< netstandard1.3) (>= netstandard2.0) (< win8) (< wpa81)) (&& (< monoandroid) (< net45) (>= netstandard2.0) (< uap10.0) (< xamarinios) (< xamarinmac)) (&& (< monoandroid) (< net45) (>= netstandard2.0) (< win8) (< wpa81) (< xamarinios) (< xamarinmac)) (&& (< monoandroid) (< net46) (>= netstandard2.0) (< xamarinios) (< xamarinmac)) (>= netcoreapp2.1) (&& (>= netstandard2.0) (>= uap10.0) (< win8) (< wpa81))
      System.Runtime (>= 4.3) - restriction: && (< monoandroid) (< monotouch) (< net46) (>= netstandard1.3) (< xamarinios) (< xamarinmac) (< xamarintvos) (< xamarinwatchos)
    System.Linq (4.3) - restriction: || (&& (< monoandroid) (< net45) (>= netstandard2.0) (< win8) (< wpa81) (< xamarinios) (< xamarinmac)) (&& (< monoandroid) (< net46) (>= netstandard2.0) (< xamarinios) (< xamarinmac)) (&& (< net46) (>= net463) (>= netstandard2.0)) (>= netcoreapp2.1) (&& (>= netstandard2.0) (>= uap10.0) (< win8) (< wpa81))
      System.Collections (>= 4.3) - restriction: || (&& (< monoandroid) (< monotouch) (< net45) (>= netstandard1.6) (< xamarinios) (< xamarinmac) (< xamarintvos) (< xamarinwatchos)) (&& (< monoandroid) (< net45) (>= netstandard1.0) (< netstandard1.6) (< win8) (< wp8) (< wpa81))
      System.Diagnostics.Debug (>= 4.3) - restriction: && (< monoandroid) (< monotouch) (< net45) (>= netstandard1.6) (< xamarinios) (< xamarinmac) (< xamarintvos) (< xamarinwatchos)
      System.Resources.ResourceManager (>= 4.3) - restriction: && (< monoandroid) (< monotouch) (< net45) (>= netstandard1.6) (< xamarinios) (< xamarinmac) (< xamarintvos) (< xamarinwatchos)
      System.Runtime (>= 4.3) - restriction: || (&& (< monoandroid) (< monotouch) (< net45) (>= netstandard1.6) (< xamarinios) (< xamarinmac) (< xamarintvos) (< xamarinwatchos)) (&& (< monoandroid) (< net45) (>= netstandard1.0) (< netstandard1.6) (< win8) (< wp8) (< wpa81))
      System.Runtime.Extensions (>= 4.3) - restriction: && (< monoandroid) (< monotouch) (< net45) (>= netstandard1.6) (< xamarinios) (< xamarinmac) (< xamarintvos) (< xamarinwatchos)
    System.Linq.Expressions (4.3) - restriction: >= netcoreapp3.1
      System.Collections (>= 4.3) - restriction: && (< monoandroid) (< monotouch) (< net45) (>= netstandard1.6) (< xamarinios) (< xamarinmac) (< xamarintvos) (< xamarinwatchos)
      System.Diagnostics.Debug (>= 4.3) - restriction: && (< monoandroid) (< monotouch) (< net45) (>= netstandard1.6) (< xamarinios) (< xamarinmac) (< xamarintvos) (< xamarinwatchos)
      System.Globalization (>= 4.3) - restriction: && (< monoandroid) (< monotouch) (< net45) (>= netstandard1.6) (< xamarinios) (< xamarinmac) (< xamarintvos) (< xamarinwatchos)
      System.IO (>= 4.3) - restriction: && (< monoandroid) (< monotouch) (< net45) (>= netstandard1.6) (< xamarinios) (< xamarinmac) (< xamarintvos) (< xamarinwatchos)
      System.Linq (>= 4.3) - restriction: && (< monoandroid) (< monotouch) (< net45) (>= netstandard1.6) (< xamarinios) (< xamarinmac) (< xamarintvos) (< xamarinwatchos)
      System.ObjectModel (>= 4.3) - restriction: && (< monoandroid) (< monotouch) (< net45) (>= netstandard1.6) (< xamarinios) (< xamarinmac) (< xamarintvos) (< xamarinwatchos)
      System.Reflection (>= 4.3) - restriction: || (&& (< monoandroid) (< monotouch) (< net45) (>= netstandard1.6) (< xamarinios) (< xamarinmac) (< xamarintvos) (< xamarinwatchos)) (&& (< monoandroid) (< net45) (>= netstandard1.0) (< netstandard1.3) (< win8) (< wp8) (< wpa81)) (&& (< monoandroid) (< net45) (>= netstandard1.3) (< netstandard1.6) (< win8) (< wpa81))
      System.Reflection.Emit (>= 4.3) - restriction: && (< monoandroid) (< monotouch) (< net45) (>= netstandard1.6) (< xamarinios) (< xamarinmac) (< xamarintvos) (< xamarinwatchos)
      System.Reflection.Emit.ILGeneration (>= 4.3) - restriction: && (< monoandroid) (< monotouch) (< net45) (>= netstandard1.6) (< xamarinios) (< xamarinmac) (< xamarintvos) (< xamarinwatchos)
      System.Reflection.Emit.Lightweight (>= 4.3) - restriction: && (< monoandroid) (< monotouch) (< net45) (>= netstandard1.6) (< xamarinios) (< xamarinmac) (< xamarintvos) (< xamarinwatchos)
      System.Reflection.Extensions (>= 4.3) - restriction: && (< monoandroid) (< monotouch) (< net45) (>= netstandard1.6) (< xamarinios) (< xamarinmac) (< xamarintvos) (< xamarinwatchos)
      System.Reflection.Primitives (>= 4.3) - restriction: && (< monoandroid) (< monotouch) (< net45) (>= netstandard1.6) (< xamarinios) (< xamarinmac) (< xamarintvos) (< xamarinwatchos)
      System.Reflection.TypeExtensions (>= 4.3) - restriction: && (< monoandroid) (< monotouch) (< net45) (>= netstandard1.6) (< xamarinios) (< xamarinmac) (< xamarintvos) (< xamarinwatchos)
      System.Resources.ResourceManager (>= 4.3) - restriction: && (< monoandroid) (< monotouch) (< net45) (>= netstandard1.6) (< xamarinios) (< xamarinmac) (< xamarintvos) (< xamarinwatchos)
      System.Runtime (>= 4.3) - restriction: || (&& (< monoandroid) (< monotouch) (< net45) (>= netstandard1.6) (< xamarinios) (< xamarinmac) (< xamarintvos) (< xamarinwatchos)) (&& (< monoandroid) (< net45) (>= netstandard1.0) (< netstandard1.3) (< win8) (< wp8) (< wpa81)) (&& (< monoandroid) (< net45) (>= netstandard1.3) (< netstandard1.6) (< win8) (< wpa81))
      System.Runtime.Extensions (>= 4.3) - restriction: && (< monoandroid) (< monotouch) (< net45) (>= netstandard1.6) (< xamarinios) (< xamarinmac) (< xamarintvos) (< xamarinwatchos)
      System.Threading (>= 4.3) - restriction: && (< monoandroid) (< monotouch) (< net45) (>= netstandard1.6) (< xamarinios) (< xamarinmac) (< xamarintvos) (< xamarinwatchos)
    System.Memory (4.5.3) - restriction: || (>= net461) (&& (>= netcoreapp2.0) (< netcoreapp2.1)) (&& (>= netcoreapp2.0) (>= uap10.0)) (&& (>= netcoreapp2.0) (>= uap10.1)) (&& (< netcoreapp2.0) (>= netcoreapp2.1)) (&& (>= netcoreapp2.1) (>= uap10.1)) (&& (< netcoreapp2.1) (>= netcoreapp3.0) (< netstandard2.1)) (&& (>= netcoreapp3.0) (>= uap10.1)) (>= netstandard2.0)
    System.Net.Http.WinHttpHandler (4.7) - restriction: >= netcoreapp2.0
      System.Memory (>= 4.5.3) - restriction: || (&& (< net46) (< netcoreapp2.0) (>= netstandard2.0) (< xamarinios) (< xamarinmac)) (>= net461) (&& (>= netcoreapp2.0) (< netcoreapp2.1)) (>= uap10.1)
    System.Net.NameResolution (4.3) - restriction: || (>= netcoreapp2.1) (&& (>= netstandard2.0) (>= uap10.0))
      Microsoft.NETCore.Platforms (>= 1.1) - restriction: && (< monoandroid) (< monotouch) (< net46) (>= netstandard1.3) (< xamarinios) (< xamarinmac) (< xamarintvos) (< xamarinwatchos)
      runtime.native.System (>= 4.3) - restriction: && (< monoandroid) (< monotouch) (< net46) (>= netstandard1.3) (< xamarinios) (< xamarinmac) (< xamarintvos) (< xamarinwatchos)
      System.Collections (>= 4.3) - restriction: && (< monoandroid) (< monotouch) (< net46) (>= netstandard1.3) (< xamarinios) (< xamarinmac) (< xamarintvos) (< xamarinwatchos)
      System.Diagnostics.Tracing (>= 4.3) - restriction: && (< monoandroid) (< monotouch) (< net46) (>= netstandard1.3) (< xamarinios) (< xamarinmac) (< xamarintvos) (< xamarinwatchos)
      System.Globalization (>= 4.3) - restriction: && (< monoandroid) (< monotouch) (< net46) (>= netstandard1.3) (< xamarinios) (< xamarinmac) (< xamarintvos) (< xamarinwatchos)
      System.Net.Primitives (>= 4.3) - restriction: && (< monoandroid) (< monotouch) (< net46) (>= netstandard1.3) (< xamarinios) (< xamarinmac) (< xamarintvos) (< xamarinwatchos)
      System.Resources.ResourceManager (>= 4.3) - restriction: && (< monoandroid) (< monotouch) (< net46) (>= netstandard1.3) (< xamarinios) (< xamarinmac) (< xamarintvos) (< xamarinwatchos)
      System.Runtime (>= 4.3) - restriction: && (< monoandroid) (< monotouch) (< net46) (>= netstandard1.3) (< xamarinios) (< xamarinmac) (< xamarintvos) (< xamarinwatchos)
      System.Runtime.Extensions (>= 4.3) - restriction: && (< monoandroid) (< monotouch) (< net46) (>= netstandard1.3) (< xamarinios) (< xamarinmac) (< xamarintvos) (< xamarinwatchos)
      System.Runtime.Handles (>= 4.3) - restriction: && (< monoandroid) (< monotouch) (< net46) (>= netstandard1.3) (< xamarinios) (< xamarinmac) (< xamarintvos) (< xamarinwatchos)
      System.Runtime.InteropServices (>= 4.3) - restriction: && (< monoandroid) (< monotouch) (< net46) (>= netstandard1.3) (< xamarinios) (< xamarinmac) (< xamarintvos) (< xamarinwatchos)
      System.Security.Principal.Windows (>= 4.3) - restriction: && (< monoandroid) (< monotouch) (< net46) (>= netstandard1.3) (< xamarinios) (< xamarinmac) (< xamarintvos) (< xamarinwatchos)
      System.Threading (>= 4.3) - restriction: && (< monoandroid) (< monotouch) (< net46) (>= netstandard1.3) (< xamarinios) (< xamarinmac) (< xamarintvos) (< xamarinwatchos)
      System.Threading.Tasks (>= 4.3) - restriction: && (< monoandroid) (< monotouch) (< net46) (>= netstandard1.3) (< xamarinios) (< xamarinmac) (< xamarintvos) (< xamarinwatchos)
    System.Net.Primitives (4.3.1) - restriction: || (>= netcoreapp2.1) (&& (>= netstandard2.0) (>= uap10.0))
      Microsoft.NETCore.Platforms (>= 1.1.1) - restriction: || (&& (< monoandroid) (< monotouch) (< net45) (>= netstandard1.3) (< win8) (< wpa81) (< xamarinios) (< xamarinmac) (< xamarintvos) (< xamarinwatchos)) (&& (< monoandroid) (< net45) (>= netstandard1.1) (< netstandard1.3) (< win8) (< wpa81)) (&& (< monoandroid) (>= netstandard1.0) (< netstandard1.1) (< win8) (< wp8))
      Microsoft.NETCore.Targets (>= 1.1.3) - restriction: || (&& (< monoandroid) (< monotouch) (< net45) (>= netstandard1.3) (< win8) (< wpa81) (< xamarinios) (< xamarinmac) (< xamarintvos) (< xamarinwatchos)) (&& (< monoandroid) (< net45) (>= netstandard1.1) (< netstandard1.3) (< win8) (< wpa81)) (&& (< monoandroid) (>= netstandard1.0) (< netstandard1.1) (< win8) (< wp8))
      System.Runtime (>= 4.3.1) - restriction: || (&& (< monoandroid) (< monotouch) (< net45) (>= netstandard1.3) (< win8) (< wpa81) (< xamarinios) (< xamarinmac) (< xamarintvos) (< xamarinwatchos)) (&& (< monoandroid) (< net45) (>= netstandard1.1) (< netstandard1.3) (< win8) (< wpa81)) (&& (< monoandroid) (>= netstandard1.0) (< netstandard1.1) (< win8) (< wp8))
      System.Runtime.Handles (>= 4.3) - restriction: && (< monoandroid) (< monotouch) (< net45) (>= netstandard1.3) (< win8) (< wpa81) (< xamarinios) (< xamarinmac) (< xamarintvos) (< xamarinwatchos)
    System.Numerics.Vectors (4.5) - restriction: || (&& (< net451) (>= net461) (>= netstandard2.0)) (&& (< net451) (< netcoreapp2.0) (>= netstandard2.0) (< xamarinios) (< xamarinmac))
    System.ObjectModel (4.3) - restriction: >= netcoreapp3.1
      System.Collections (>= 4.3) - restriction: && (< monoandroid) (< monotouch) (< net45) (>= netstandard1.3) (< win8) (< wpa81) (< xamarinios) (< xamarinmac) (< xamarintvos) (< xamarinwatchos)
      System.Diagnostics.Debug (>= 4.3) - restriction: && (< monoandroid) (< monotouch) (< net45) (>= netstandard1.3) (< win8) (< wpa81) (< xamarinios) (< xamarinmac) (< xamarintvos) (< xamarinwatchos)
      System.Resources.ResourceManager (>= 4.3) - restriction: && (< monoandroid) (< monotouch) (< net45) (>= netstandard1.3) (< win8) (< wpa81) (< xamarinios) (< xamarinmac) (< xamarintvos) (< xamarinwatchos)
      System.Runtime (>= 4.3) - restriction: || (&& (< monoandroid) (< monotouch) (< net45) (>= netstandard1.3) (< win8) (< wpa81) (< xamarinios) (< xamarinmac) (< xamarintvos) (< xamarinwatchos)) (&& (< monoandroid) (< net45) (>= netstandard1.0) (< netstandard1.3) (< win8) (< wp8) (< wpa81))
      System.Threading (>= 4.3) - restriction: && (< monoandroid) (< monotouch) (< net45) (>= netstandard1.3) (< win8) (< wpa81) (< xamarinios) (< xamarinmac) (< xamarintvos) (< xamarinwatchos)
    System.Private.DataContractSerialization (4.3) - restriction: || (&& (< monoandroid) (< net45) (>= netstandard2.0) (< win8) (< wpa81) (< xamarinios) (< xamarinmac)) (>= netcoreapp2.1) (&& (>= netstandard2.0) (>= uap10.0) (< win8) (< wpa81))
      System.Collections (>= 4.3) - restriction: && (< monoandroid) (< monotouch) (< net46) (>= netstandard1.3) (< xamarinios) (< xamarinmac) (< xamarintvos) (< xamarinwatchos)
      System.Collections.Concurrent (>= 4.3) - restriction: && (< monoandroid) (< monotouch) (< net46) (>= netstandard1.3) (< xamarinios) (< xamarinmac) (< xamarintvos) (< xamarinwatchos)
      System.Diagnostics.Debug (>= 4.3) - restriction: && (< monoandroid) (< monotouch) (< net46) (>= netstandard1.3) (< xamarinios) (< xamarinmac) (< xamarintvos) (< xamarinwatchos)
      System.Globalization (>= 4.3) - restriction: && (< monoandroid) (< monotouch) (< net46) (>= netstandard1.3) (< xamarinios) (< xamarinmac) (< xamarintvos) (< xamarinwatchos)
      System.IO (>= 4.3) - restriction: && (< monoandroid) (< monotouch) (< net46) (>= netstandard1.3) (< xamarinios) (< xamarinmac) (< xamarintvos) (< xamarinwatchos)
      System.Linq (>= 4.3) - restriction: && (< monoandroid) (< monotouch) (< net46) (>= netstandard1.3) (< xamarinios) (< xamarinmac) (< xamarintvos) (< xamarinwatchos)
      System.Reflection (>= 4.3) - restriction: && (< monoandroid) (< monotouch) (< net46) (>= netstandard1.3) (< xamarinios) (< xamarinmac) (< xamarintvos) (< xamarinwatchos)
      System.Reflection.Emit.ILGeneration (>= 4.3) - restriction: && (< monoandroid) (< monotouch) (< net46) (>= netstandard1.3) (< xamarinios) (< xamarinmac) (< xamarintvos) (< xamarinwatchos)
      System.Reflection.Emit.Lightweight (>= 4.3) - restriction: && (< monoandroid) (< monotouch) (< net46) (>= netstandard1.3) (< xamarinios) (< xamarinmac) (< xamarintvos) (< xamarinwatchos)
      System.Reflection.Extensions (>= 4.3) - restriction: && (< monoandroid) (< monotouch) (< net46) (>= netstandard1.3) (< xamarinios) (< xamarinmac) (< xamarintvos) (< xamarinwatchos)
      System.Reflection.Primitives (>= 4.3) - restriction: && (< monoandroid) (< monotouch) (< net46) (>= netstandard1.3) (< xamarinios) (< xamarinmac) (< xamarintvos) (< xamarinwatchos)
      System.Reflection.TypeExtensions (>= 4.3) - restriction: || (&& (< monoandroid) (< monotouch) (>= netstandard1.3) (< xamarinios) (< xamarinmac) (< xamarintvos) (< xamarinwatchos)) (>= net46)
      System.Resources.ResourceManager (>= 4.3) - restriction: && (< monoandroid) (< monotouch) (< net46) (>= netstandard1.3) (< xamarinios) (< xamarinmac) (< xamarintvos) (< xamarinwatchos)
      System.Runtime (>= 4.3) - restriction: && (< monoandroid) (< monotouch) (< net46) (>= netstandard1.3) (< xamarinios) (< xamarinmac) (< xamarintvos) (< xamarinwatchos)
      System.Runtime.Extensions (>= 4.3) - restriction: && (< monoandroid) (< monotouch) (< net46) (>= netstandard1.3) (< xamarinios) (< xamarinmac) (< xamarintvos) (< xamarinwatchos)
      System.Runtime.Serialization.Primitives (>= 4.3) - restriction: || (&& (< monoandroid) (< monotouch) (>= netstandard1.3) (< xamarinios) (< xamarinmac) (< xamarintvos) (< xamarinwatchos)) (>= net46)
      System.Text.Encoding (>= 4.3) - restriction: && (< monoandroid) (< monotouch) (< net46) (>= netstandard1.3) (< xamarinios) (< xamarinmac) (< xamarintvos) (< xamarinwatchos)
      System.Text.Encoding.Extensions (>= 4.3) - restriction: && (< monoandroid) (< monotouch) (< net46) (>= netstandard1.3) (< xamarinios) (< xamarinmac) (< xamarintvos) (< xamarinwatchos)
      System.Text.RegularExpressions (>= 4.3) - restriction: && (< monoandroid) (< monotouch) (< net46) (>= netstandard1.3) (< xamarinios) (< xamarinmac) (< xamarintvos) (< xamarinwatchos)
      System.Threading (>= 4.3) - restriction: && (< monoandroid) (< monotouch) (< net46) (>= netstandard1.3) (< xamarinios) (< xamarinmac) (< xamarintvos) (< xamarinwatchos)
      System.Threading.Tasks (>= 4.3) - restriction: && (< monoandroid) (< monotouch) (< net46) (>= netstandard1.3) (< xamarinios) (< xamarinmac) (< xamarintvos) (< xamarinwatchos)
      System.Xml.ReaderWriter (>= 4.3) - restriction: && (< monoandroid) (< monotouch) (< net46) (>= netstandard1.3) (< xamarinios) (< xamarinmac) (< xamarintvos) (< xamarinwatchos)
      System.Xml.XDocument (>= 4.3) - restriction: && (< monoandroid) (< monotouch) (< net46) (>= netstandard1.3) (< xamarinios) (< xamarinmac) (< xamarintvos) (< xamarinwatchos)
      System.Xml.XmlDocument (>= 4.3) - restriction: || (&& (< monoandroid) (< monotouch) (>= netstandard1.3) (< xamarinios) (< xamarinmac) (< xamarintvos) (< xamarinwatchos)) (>= net46)
      System.Xml.XmlSerializer (>= 4.3) - restriction: && (< monoandroid) (< monotouch) (< net46) (>= netstandard1.3) (< xamarinios) (< xamarinmac) (< xamarintvos) (< xamarinwatchos)
    System.Private.ServiceModel (4.7) - restriction: && (>= netstandard2.0) (>= uap10.0)
      System.Reflection.DispatchProxy (>= 4.5) - restriction: >= netstandard2.0
      System.Security.Cryptography.Xml (>= 4.5) - restriction: >= netstandard2.0
      System.Security.Principal.Windows (>= 4.5) - restriction: >= netstandard2.0
    System.Private.Uri (4.3.2) - restriction: || (&& (< monoandroid9.0) (< net45) (>= netstandard2.0) (< uap10.0) (< xamarinios) (< xamarinmac)) (>= netcoreapp2.1)
      Microsoft.NETCore.Platforms (>= 1.1.1)
      Microsoft.NETCore.Targets (>= 1.1.3)
    System.Reflection (4.3) - restriction: || (&& (< monoandroid) (< net45) (< netcoreapp2.1) (>= netstandard2.0) (< uap10.0) (< xamarinios) (< xamarinmac)) (&& (< monoandroid) (< net45) (>= netstandard2.0) (< win8) (< wpa81) (< xamarinios) (< xamarinmac)) (&& (< monoandroid) (< net461) (>= netstandard2.0) (< xamarinios) (< xamarinmac)) (>= netcoreapp3.1)
      Microsoft.NETCore.Platforms (>= 1.1) - restriction: || (&& (< monoandroid) (< monotouch) (< net45) (>= netstandard1.5) (< win8) (< wpa81) (< xamarinios) (< xamarinmac) (< xamarintvos) (< xamarinwatchos)) (&& (< monoandroid) (< net45) (>= netstandard1.0) (< netstandard1.3) (< win8) (< wp8) (< wpa81)) (&& (< monoandroid) (< net45) (>= netstandard1.3) (< netstandard1.5) (< win8) (< wpa81))
      Microsoft.NETCore.Targets (>= 1.1) - restriction: || (&& (< monoandroid) (< monotouch) (< net45) (>= netstandard1.5) (< win8) (< wpa81) (< xamarinios) (< xamarinmac) (< xamarintvos) (< xamarinwatchos)) (&& (< monoandroid) (< net45) (>= netstandard1.0) (< netstandard1.3) (< win8) (< wp8) (< wpa81)) (&& (< monoandroid) (< net45) (>= netstandard1.3) (< netstandard1.5) (< win8) (< wpa81))
      System.IO (>= 4.3) - restriction: || (&& (< monoandroid) (< monotouch) (< net45) (>= netstandard1.5) (< win8) (< wpa81) (< xamarinios) (< xamarinmac) (< xamarintvos) (< xamarinwatchos)) (&& (< monoandroid) (< net45) (>= netstandard1.0) (< netstandard1.3) (< win8) (< wp8) (< wpa81)) (&& (< monoandroid) (< net45) (>= netstandard1.3) (< netstandard1.5) (< win8) (< wpa81))
      System.Reflection.Primitives (>= 4.3) - restriction: || (&& (< monoandroid) (< monotouch) (< net45) (>= netstandard1.5) (< win8) (< wpa81) (< xamarinios) (< xamarinmac) (< xamarintvos) (< xamarinwatchos)) (&& (< monoandroid) (< net45) (>= netstandard1.0) (< netstandard1.3) (< win8) (< wp8) (< wpa81)) (&& (< monoandroid) (< net45) (>= netstandard1.3) (< netstandard1.5) (< win8) (< wpa81))
      System.Runtime (>= 4.3) - restriction: || (&& (< monoandroid) (< monotouch) (< net45) (>= netstandard1.5) (< win8) (< wpa81) (< xamarinios) (< xamarinmac) (< xamarintvos) (< xamarinwatchos)) (&& (< monoandroid) (< net45) (>= netstandard1.0) (< netstandard1.3) (< win8) (< wp8) (< wpa81)) (&& (< monoandroid) (< net45) (>= netstandard1.3) (< netstandard1.5) (< win8) (< wpa81))
    System.Reflection.DispatchProxy (4.7) - restriction: && (>= netstandard2.0) (>= uap10.0)
    System.Reflection.Emit (4.7) - restriction: || (&& (< monoandroid) (< net45) (>= netstandard2.0) (< win8) (< wpa81) (< xamarinios) (< xamarinmac)) (&& (< net461) (>= netstandard2.0)) (>= netcoreapp2.1) (&& (>= netstandard2.0) (>= uap10.0) (< win8) (< wpa81))
      System.Reflection.Emit.ILGeneration (>= 4.7) - restriction: || (&& (< monoandroid) (< monotouch) (< net45) (>= netstandard1.1) (< netstandard2.0) (< win8) (< wpa81) (< xamarintvos) (< xamarinwatchos)) (&& (< monoandroid) (< netstandard1.1) (>= portable-net45+win8+wpa81) (< win8)) (&& (< net45) (< netcoreapp2.0) (>= netstandard2.0) (< netstandard2.1) (< xamarinios) (< xamarinmac)) (&& (< netstandard1.1) (>= win8)) (&& (< netstandard2.0) (>= wpa81)) (>= uap10.1)
    System.Reflection.Emit.ILGeneration (4.7) - restriction: || (&& (< monoandroid) (< net45) (>= netstandard2.0) (< win8) (< wpa81) (< xamarinios) (< xamarinmac)) (&& (< monoandroid) (< netstandard1.1) (>= netstandard2.0) (< win8)) (&& (< net45) (< netcoreapp2.0) (>= netstandard2.0) (< netstandard2.1) (< xamarinios) (< xamarinmac)) (>= netcoreapp2.1) (&& (< netstandard1.1) (>= netstandard2.0) (>= win8)) (&& (>= netstandard2.0) (>= uap10.0) (< win8) (< wpa81)) (&& (>= netstandard2.0) (>= uap10.1))
    System.Reflection.Emit.Lightweight (4.7) - restriction: || (&& (< monoandroid) (< net45) (>= netstandard2.0) (< win8) (< wpa81) (< xamarinios) (< xamarinmac)) (>= netcoreapp2.1) (&& (>= netstandard2.0) (>= uap10.0) (< win8) (< wpa81))
    System.Reflection.Extensions (4.3) - restriction: || (&& (< monoandroid) (< net45) (>= netstandard2.0) (< win8) (< wpa81) (< xamarinios) (< xamarinmac)) (>= netcoreapp2.1) (&& (>= netstandard2.0) (>= uap10.0) (< win8) (< wpa81))
      Microsoft.NETCore.Platforms (>= 1.1) - restriction: && (< monoandroid) (< monotouch) (< net45) (>= netstandard1.0) (< win8) (< wp8) (< wpa81) (< xamarinios) (< xamarinmac) (< xamarintvos) (< xamarinwatchos)
      Microsoft.NETCore.Targets (>= 1.1) - restriction: && (< monoandroid) (< monotouch) (< net45) (>= netstandard1.0) (< win8) (< wp8) (< wpa81) (< xamarinios) (< xamarinmac) (< xamarintvos) (< xamarinwatchos)
      System.Reflection (>= 4.3) - restriction: && (< monoandroid) (< monotouch) (< net45) (>= netstandard1.0) (< win8) (< wp8) (< wpa81) (< xamarinios) (< xamarinmac) (< xamarintvos) (< xamarinwatchos)
      System.Runtime (>= 4.3) - restriction: && (< monoandroid) (< monotouch) (< net45) (>= netstandard1.0) (< win8) (< wp8) (< wpa81) (< xamarinios) (< xamarinmac) (< xamarintvos) (< xamarinwatchos)
    System.Reflection.Metadata (1.8) - restriction: || (>= net461) (>= netstandard2.0)
      System.Collections.Immutable (>= 1.7) - restriction: || (>= net45) (&& (< netcoreapp3.1) (>= netstandard2.0)) (&& (>= netstandard1.1) (< netstandard2.0) (< win8) (< wpa81)) (&& (< netstandard1.1) (>= portable-net45+win8+wpa81) (< win8)) (&& (< netstandard1.1) (>= win8)) (&& (< netstandard2.0) (>= wpa81))
    System.Reflection.Primitives (4.3) - restriction: || (&& (< monoandroid) (< net45) (< netstandard1.3) (>= netstandard2.0) (< win8) (< wpa81)) (&& (< monoandroid) (< net45) (< netstandard1.5) (>= netstandard2.0) (< win8) (< wpa81)) (&& (< monoandroid) (< net45) (>= netstandard2.0) (< win8) (< wpa81) (< xamarinios) (< xamarinmac)) (>= netcoreapp3.1)
      Microsoft.NETCore.Platforms (>= 1.1) - restriction: && (< monoandroid) (< monotouch) (< net45) (>= netstandard1.0) (< win8) (< wp8) (< wpa81) (< xamarinios) (< xamarinmac) (< xamarintvos) (< xamarinwatchos)
      Microsoft.NETCore.Targets (>= 1.1) - restriction: && (< monoandroid) (< monotouch) (< net45) (>= netstandard1.0) (< win8) (< wp8) (< wpa81) (< xamarinios) (< xamarinmac) (< xamarintvos) (< xamarinwatchos)
      System.Runtime (>= 4.3) - restriction: && (< monoandroid) (< monotouch) (< net45) (>= netstandard1.0) (< win8) (< wp8) (< wpa81) (< xamarinios) (< xamarinmac) (< xamarintvos) (< xamarinwatchos)
    System.Reflection.TypeExtensions (4.7) - restriction: || (&& (< monoandroid) (< net45) (>= netstandard2.0) (< win8) (< wpa81) (< xamarinios) (< xamarinmac)) (&& (< net45) (>= net46) (>= netstandard2.0)) (&& (>= net46) (>= netstandard2.0) (>= uap10.0)) (&& (< net461) (>= netstandard2.0)) (>= netcoreapp2.1) (&& (>= netstandard2.0) (>= uap10.0) (< win8) (< wpa81))
    System.Resources.ResourceManager (4.3) - restriction: || (&& (< monoandroid) (< net45) (>= netstandard2.0) (< uap10.0) (< xamarinios) (< xamarinmac)) (&& (< monoandroid) (< net45) (>= netstandard2.0) (< win8) (< wpa81) (< xamarinios) (< xamarinmac)) (&& (< monoandroid) (< net46) (>= netstandard2.0) (< xamarinios) (< xamarinmac)) (>= netcoreapp2.1) (&& (>= netstandard2.0) (>= uap10.0))
      Microsoft.NETCore.Platforms (>= 1.1) - restriction: && (< monoandroid) (< monotouch) (< net45) (>= netstandard1.0) (< win8) (< wp8) (< wpa81) (< xamarinios) (< xamarinmac) (< xamarintvos) (< xamarinwatchos)
      Microsoft.NETCore.Targets (>= 1.1) - restriction: && (< monoandroid) (< monotouch) (< net45) (>= netstandard1.0) (< win8) (< wp8) (< wpa81) (< xamarinios) (< xamarinmac) (< xamarintvos) (< xamarinwatchos)
      System.Globalization (>= 4.3) - restriction: && (< monoandroid) (< monotouch) (< net45) (>= netstandard1.0) (< win8) (< wp8) (< wpa81) (< xamarinios) (< xamarinmac) (< xamarintvos) (< xamarinwatchos)
      System.Reflection (>= 4.3) - restriction: && (< monoandroid) (< monotouch) (< net45) (>= netstandard1.0) (< win8) (< wp8) (< wpa81) (< xamarinios) (< xamarinmac) (< xamarintvos) (< xamarinwatchos)
      System.Runtime (>= 4.3) - restriction: && (< monoandroid) (< monotouch) (< net45) (>= netstandard1.0) (< win8) (< wp8) (< wpa81) (< xamarinios) (< xamarinmac) (< xamarintvos) (< xamarinwatchos)
    System.Runtime (4.3.1) - restriction: || (&& (< monoandroid) (< net45) (< netstandard1.3) (>= netstandard2.0) (< win8) (< wpa81)) (&& (< monoandroid) (< net45) (< netstandard1.4) (>= netstandard2.0)) (&& (< monoandroid) (< net45) (< netstandard1.5) (>= netstandard2.0) (< win8) (< wpa81)) (&& (< monoandroid) (< net45) (< netstandard1.6) (>= netstandard2.0) (< uap10.0)) (&& (< monoandroid) (< net45) (>= netstandard2.0) (< uap10.0) (< xamarinios) (< xamarinmac)) (&& (< monoandroid) (< net45) (>= netstandard2.0) (< win8) (< wpa81) (< xamarinios) (< xamarinmac)) (&& (< monoandroid) (< net46) (< netstandard1.4) (>= netstandard2.0)) (&& (< monoandroid) (< net46) (< netstandard1.6) (>= netstandard2.0)) (&& (< monoandroid) (< net46) (>= netstandard2.0) (< xamarinios) (< xamarinmac)) (&& (< net461) (>= net463) (>= netstandard2.0)) (>= netcoreapp2.1) (&& (>= netstandard2.0) (>= uap10.0))
      Microsoft.NETCore.Platforms (>= 1.1.1) - restriction: || (&& (< monoandroid) (< monotouch) (< net45) (>= netstandard1.5) (< win8) (< wpa81) (< xamarinios) (< xamarinmac) (< xamarintvos) (< xamarinwatchos)) (&& (< monoandroid) (< net45) (>= netstandard1.0) (< netstandard1.2) (< win8) (< wp8)) (&& (< monoandroid) (< net45) (>= netstandard1.2) (< netstandard1.3) (< win8) (< wpa81)) (&& (< monoandroid) (< net45) (>= netstandard1.3) (< netstandard1.5) (< win8) (< wpa81))
      Microsoft.NETCore.Targets (>= 1.1.3) - restriction: || (&& (< monoandroid) (< monotouch) (< net45) (>= netstandard1.5) (< win8) (< wpa81) (< xamarinios) (< xamarinmac) (< xamarintvos) (< xamarinwatchos)) (&& (< monoandroid) (< net45) (>= netstandard1.0) (< netstandard1.2) (< win8) (< wp8)) (&& (< monoandroid) (< net45) (>= netstandard1.2) (< netstandard1.3) (< win8) (< wpa81)) (&& (< monoandroid) (< net45) (>= netstandard1.3) (< netstandard1.5) (< win8) (< wpa81))
    System.Runtime.Caching (4.7) - restriction: >= netcoreapp2.1
      System.Configuration.ConfigurationManager (>= 4.7) - restriction: && (< net45) (>= netstandard2.0) (< xamarinios) (< xamarinmac)
    System.Runtime.CompilerServices.Unsafe (4.7) - restriction: || (&& (>= net45) (>= netstandard2.1)) (>= net461) (&& (>= netcoreapp2.0) (< netcoreapp2.1)) (&& (>= netcoreapp2.0) (< netcoreapp3.1)) (&& (< netcoreapp2.0) (>= netcoreapp2.1)) (&& (>= netcoreapp2.1) (< netcoreapp3.0)) (&& (>= netcoreapp2.1) (< netcoreapp3.1)) (&& (< netcoreapp2.1) (>= netstandard2.1)) (&& (>= netcoreapp3.0) (< netcoreapp3.1)) (&& (< netstandard1.0) (>= netstandard2.1)) (>= netstandard2.0) (&& (>= netstandard2.1) (>= wp8))
    System.Runtime.Extensions (4.3.1) - restriction: || (&& (< monoandroid) (< net45) (>= netstandard2.0) (< uap10.0) (< xamarinios) (< xamarinmac)) (&& (< monoandroid) (< net45) (>= netstandard2.0) (< win8) (< wpa81) (< xamarinios) (< xamarinmac)) (&& (< monoandroid) (< net46) (>= netstandard2.0) (< xamarinios) (< xamarinmac)) (>= netcoreapp2.1) (&& (>= netstandard2.0) (>= uap10.0))
      Microsoft.NETCore.Platforms (>= 1.1.1) - restriction: || (&& (< monoandroid) (< monotouch) (< net45) (>= netstandard1.5) (< win8) (< wpa81) (< xamarinios) (< xamarinmac) (< xamarintvos) (< xamarinwatchos)) (&& (< monoandroid) (< net45) (>= netstandard1.0) (< netstandard1.3) (< win8) (< wp8) (< wpa81)) (&& (< monoandroid) (< net45) (>= netstandard1.3) (< netstandard1.5) (< win8) (< wpa81))
      Microsoft.NETCore.Targets (>= 1.1.3) - restriction: || (&& (< monoandroid) (< monotouch) (< net45) (>= netstandard1.5) (< win8) (< wpa81) (< xamarinios) (< xamarinmac) (< xamarintvos) (< xamarinwatchos)) (&& (< monoandroid) (< net45) (>= netstandard1.0) (< netstandard1.3) (< win8) (< wp8) (< wpa81)) (&& (< monoandroid) (< net45) (>= netstandard1.3) (< netstandard1.5) (< win8) (< wpa81))
      System.Runtime (>= 4.3.1) - restriction: || (&& (< monoandroid) (< monotouch) (< net45) (>= netstandard1.5) (< win8) (< wpa81) (< xamarinios) (< xamarinmac) (< xamarintvos) (< xamarinwatchos)) (&& (< monoandroid) (< net45) (>= netstandard1.0) (< netstandard1.3) (< win8) (< wp8) (< wpa81)) (&& (< monoandroid) (< net45) (>= netstandard1.3) (< netstandard1.5) (< win8) (< wpa81))
    System.Runtime.Handles (4.3) - restriction: || (&& (< monoandroid) (< net45) (< netstandard1.4) (>= netstandard2.0)) (&& (< monoandroid) (< net45) (< netstandard1.5) (>= netstandard2.0) (< win8) (< wpa81)) (&& (< monoandroid) (< net45) (< netstandard1.6) (>= netstandard2.0) (< uap10.0)) (&& (< monoandroid) (< net45) (>= netstandard2.0) (< uap10.0) (< xamarinios) (< xamarinmac)) (&& (< monoandroid) (< net45) (>= netstandard2.0) (< win8) (< wpa81) (< xamarinios) (< xamarinmac)) (&& (< monoandroid) (< net46) (>= netstandard2.0) (< xamarinios) (< xamarinmac)) (&& (>= netcoreapp1.1) (>= netstandard2.0)) (>= netcoreapp2.1) (&& (>= netstandard2.0) (>= uap10.0))
      Microsoft.NETCore.Platforms (>= 1.1) - restriction: && (< monoandroid) (< monotouch) (< net46) (>= netstandard1.3) (< xamarinios) (< xamarinmac) (< xamarintvos) (< xamarinwatchos)
      Microsoft.NETCore.Targets (>= 1.1) - restriction: && (< monoandroid) (< monotouch) (< net46) (>= netstandard1.3) (< xamarinios) (< xamarinmac) (< xamarintvos) (< xamarinwatchos)
      System.Runtime (>= 4.3) - restriction: && (< monoandroid) (< monotouch) (< net46) (>= netstandard1.3) (< xamarinios) (< xamarinmac) (< xamarintvos) (< xamarinwatchos)
    System.Runtime.InteropServices (4.3) - restriction: || (&& (< monoandroid) (< net45) (< netstandard1.3) (>= netstandard2.0) (< win8) (< wpa81)) (&& (< monoandroid) (< net45) (>= netstandard2.0) (< uap10.0) (< xamarinios) (< xamarinmac)) (&& (< monoandroid) (< net45) (>= netstandard2.0) (< win8) (< wpa81) (< xamarinios) (< xamarinmac)) (&& (< monoandroid) (< net46) (>= netstandard2.0) (< xamarinios) (< xamarinmac)) (>= netcoreapp2.1) (&& (>= netstandard2.0) (>= uap10.0))
      Microsoft.NETCore.Platforms (>= 1.1) - restriction: || (&& (< monoandroid) (< monotouch) (< net45) (>= netstandard1.5) (< win8) (< wpa81) (< xamarinios) (< xamarinmac) (< xamarintvos) (< xamarinwatchos)) (&& (< monoandroid) (< net45) (>= netstandard1.1) (< netstandard1.2) (< win8)) (&& (< monoandroid) (< net45) (>= netstandard1.2) (< netstandard1.3) (< win8) (< wpa81)) (&& (< monoandroid) (< net45) (>= netstandard1.3) (< netstandard1.5) (< win8) (< wpa81)) (>= netcoreapp1.1)
      Microsoft.NETCore.Targets (>= 1.1) - restriction: || (&& (< monoandroid) (< monotouch) (< net45) (>= netstandard1.5) (< win8) (< wpa81) (< xamarinios) (< xamarinmac) (< xamarintvos) (< xamarinwatchos)) (&& (< monoandroid) (< net45) (>= netstandard1.1) (< netstandard1.2) (< win8)) (&& (< monoandroid) (< net45) (>= netstandard1.2) (< netstandard1.3) (< win8) (< wpa81)) (&& (< monoandroid) (< net45) (>= netstandard1.3) (< netstandard1.5) (< win8) (< wpa81)) (>= netcoreapp1.1)
      System.Reflection (>= 4.3) - restriction: || (&& (< monoandroid) (< monotouch) (< net45) (>= netstandard1.5) (< win8) (< wpa81) (< xamarinios) (< xamarinmac) (< xamarintvos) (< xamarinwatchos)) (&& (< monoandroid) (< net45) (>= netstandard1.1) (< netstandard1.2) (< win8)) (&& (< monoandroid) (< net45) (>= netstandard1.2) (< netstandard1.3) (< win8) (< wpa81)) (&& (< monoandroid) (< net45) (>= netstandard1.3) (< netstandard1.5) (< win8) (< wpa81)) (>= netcoreapp1.1)
      System.Reflection.Primitives (>= 4.3) - restriction: || (&& (< monoandroid) (< monotouch) (< net45) (>= netstandard1.5) (< win8) (< wpa81) (< xamarinios) (< xamarinmac) (< xamarintvos) (< xamarinwatchos)) (&& (< monoandroid) (< net45) (>= netstandard1.1) (< netstandard1.2) (< win8)) (&& (< monoandroid) (< net45) (>= netstandard1.2) (< netstandard1.3) (< win8) (< wpa81)) (&& (< monoandroid) (< net45) (>= netstandard1.3) (< netstandard1.5) (< win8) (< wpa81)) (>= netcoreapp1.1)
      System.Runtime (>= 4.3) - restriction: || (&& (< monoandroid) (< monotouch) (< net45) (>= netstandard1.5) (< win8) (< wpa81) (< xamarinios) (< xamarinmac) (< xamarintvos) (< xamarinwatchos)) (&& (< monoandroid) (< net45) (>= netstandard1.1) (< netstandard1.2) (< win8)) (&& (< monoandroid) (< net45) (>= netstandard1.2) (< netstandard1.3) (< win8) (< wpa81)) (&& (< monoandroid) (< net45) (>= netstandard1.3) (< netstandard1.5) (< win8) (< wpa81)) (>= net462) (>= netcoreapp1.1)
      System.Runtime.Handles (>= 4.3) - restriction: || (&& (< monoandroid) (< monotouch) (< net45) (>= netstandard1.5) (< win8) (< wpa81) (< xamarinios) (< xamarinmac) (< xamarintvos) (< xamarinwatchos)) (&& (< monoandroid) (< net45) (>= netstandard1.3) (< netstandard1.5) (< win8) (< wpa81)) (>= netcoreapp1.1)
    System.Runtime.InteropServices.RuntimeInformation (4.3) - restriction: && (>= net45) (>= netstandard2.0)
    System.Runtime.Loader (4.3) - restriction: || (&& (< net461) (>= netstandard2.0)) (>= netcoreapp2.0)
      System.IO (>= 4.3) - restriction: && (< monoandroid) (< monotouch) (< net462) (>= netstandard1.5) (< xamarinios) (< xamarinmac) (< xamarintvos) (< xamarinwatchos)
      System.Reflection (>= 4.3) - restriction: && (< monoandroid) (< monotouch) (< net462) (>= netstandard1.5) (< xamarinios) (< xamarinmac) (< xamarintvos) (< xamarinwatchos)
      System.Runtime (>= 4.3) - restriction: && (< monoandroid) (< monotouch) (< net462) (>= netstandard1.5) (< xamarinios) (< xamarinmac) (< xamarintvos) (< xamarinwatchos)
    System.Runtime.Numerics (4.3) - restriction: || (&& (< monoandroid) (< net45) (< netcoreapp2.1) (>= netstandard2.0) (< uap10.0) (< xamarinios) (< xamarinmac)) (&& (< monoandroid) (< net46) (>= netstandard2.0) (< xamarinios) (< xamarinmac))
      System.Globalization (>= 4.3) - restriction: && (< monoandroid) (< monotouch) (< net45) (>= netstandard1.3) (< win8) (< wpa81) (< xamarinios) (< xamarinmac) (< xamarintvos) (< xamarinwatchos)
      System.Resources.ResourceManager (>= 4.3) - restriction: && (< monoandroid) (< monotouch) (< net45) (>= netstandard1.3) (< win8) (< wpa81) (< xamarinios) (< xamarinmac) (< xamarintvos) (< xamarinwatchos)
      System.Runtime (>= 4.3) - restriction: || (&& (< monoandroid) (< monotouch) (< net45) (>= netstandard1.3) (< win8) (< wpa81) (< xamarinios) (< xamarinmac) (< xamarintvos) (< xamarinwatchos)) (&& (< monoandroid) (< net45) (>= netstandard1.1) (< netstandard1.3) (< win8) (< wpa81))
      System.Runtime.Extensions (>= 4.3) - restriction: && (< monoandroid) (< monotouch) (< net45) (>= netstandard1.3) (< win8) (< wpa81) (< xamarinios) (< xamarinmac) (< xamarintvos) (< xamarinwatchos)
    System.Runtime.Serialization.Formatters (4.3) - restriction: || (&& (< monoandroid9.0) (< net45) (>= netstandard2.0) (< xamarinmac)) (>= netcoreapp2.1) (&& (>= netstandard2.0) (>= uap10.0)) (>= xamarinios)
      System.Collections (>= 4.3) - restriction: && (< monoandroid) (< monotouch) (< net46) (>= netstandard1.4) (< xamarinios) (< xamarinmac) (< xamarintvos) (< xamarinwatchos)
      System.Reflection (>= 4.3) - restriction: && (< monoandroid) (< monotouch) (< net46) (>= netstandard1.4) (< xamarinios) (< xamarinmac) (< xamarintvos) (< xamarinwatchos)
      System.Resources.ResourceManager (>= 4.3) - restriction: && (< monoandroid) (< monotouch) (< net46) (>= netstandard1.4) (< xamarinios) (< xamarinmac) (< xamarintvos) (< xamarinwatchos)
      System.Runtime (>= 4.3) - restriction: || (&& (< monoandroid) (< monotouch) (< net46) (>= netstandard1.4) (< xamarinios) (< xamarinmac) (< xamarintvos) (< xamarinwatchos)) (&& (< monoandroid) (< net46) (>= netstandard1.3) (< netstandard1.4))
      System.Runtime.Serialization.Primitives (>= 4.3) - restriction: || (&& (< monoandroid) (< monotouch) (>= netstandard1.4) (< xamarinios) (< xamarinmac) (< xamarintvos) (< xamarinwatchos)) (&& (< monoandroid) (>= netstandard1.3) (< netstandard1.4)) (>= net46)
    System.Runtime.Serialization.Json (4.3) - restriction: || (&& (< monoandroid9.0) (< net45) (>= netstandard2.0) (< xamarinios) (< xamarinmac)) (>= netcoreapp2.1) (&& (>= netstandard2.0) (>= uap10.0))
      System.IO (>= 4.3) - restriction: || (&& (< monoandroid) (< monotouch) (< net45) (>= netstandard1.3) (< win8) (< wpa81) (< xamarinios) (< xamarinmac) (< xamarintvos) (< xamarinwatchos)) (&& (< monoandroid) (< net45) (>= netstandard1.0) (< netstandard1.3) (< win8) (< wp8) (< wpa81))
      System.Private.DataContractSerialization (>= 4.3) - restriction: && (< monoandroid) (< monotouch) (< net45) (>= netstandard1.3) (< win8) (< wpa81) (< xamarinios) (< xamarinmac) (< xamarintvos) (< xamarinwatchos)
      System.Runtime (>= 4.3) - restriction: || (&& (< monoandroid) (< monotouch) (< net45) (>= netstandard1.3) (< win8) (< wpa81) (< xamarinios) (< xamarinmac) (< xamarintvos) (< xamarinwatchos)) (&& (< monoandroid) (< net45) (>= netstandard1.0) (< netstandard1.3) (< win8) (< wp8) (< wpa81))
    System.Runtime.Serialization.Primitives (4.3) - restriction: || (&& (< monoandroid) (< net45) (< netstandard1.4) (>= netstandard2.0)) (&& (< monoandroid) (< net45) (>= netstandard2.0) (< xamarinmac)) (&& (< monoandroid9.0) (< net45) (>= netstandard2.0) (< xamarinmac)) (&& (< net45) (>= net46) (>= netstandard2.0)) (>= netcoreapp2.1) (&& (>= netstandard2.0) (>= uap10.0)) (>= xamarinios)
      System.Resources.ResourceManager (>= 4.3) - restriction: && (< monoandroid) (< monotouch) (< net45) (>= netstandard1.3) (< win8) (< wpa81) (< xamarinios) (< xamarinmac) (< xamarintvos) (< xamarinwatchos)
      System.Runtime (>= 4.3) - restriction: || (&& (< monoandroid) (< monotouch) (< net45) (>= netstandard1.3) (< win8) (< wpa81) (< xamarinios) (< xamarinmac) (< xamarintvos) (< xamarinwatchos)) (&& (< monoandroid) (< net45) (>= netstandard1.0) (< netstandard1.3) (< win8) (< wp8) (< wpa81))
    System.Security.AccessControl (4.7) - restriction: || (&& (>= monoandroid) (>= netcoreapp2.1) (< netstandard2.0)) (&& (>= monotouch) (>= netcoreapp2.1)) (&& (>= monotouch) (>= netstandard2.0)) (&& (< net46) (>= netstandard2.0)) (&& (>= net461) (>= netcoreapp2.1)) (>= netcoreapp2.0) (&& (>= netcoreapp2.1) (>= xamarintvos)) (&& (>= netcoreapp2.1) (>= xamarinwatchos)) (&& (>= netstandard2.0) (>= xamarintvos)) (&& (>= netstandard2.0) (>= xamarinwatchos)) (>= xamarinios) (>= xamarinmac)
      Microsoft.NETCore.Platforms (>= 3.1) - restriction: >= netcoreapp2.0
      System.Security.Principal.Windows (>= 4.7) - restriction: || (&& (>= net46) (< netstandard2.0)) (&& (< net46) (>= netstandard1.3) (< netstandard2.0) (< uap10.1)) (&& (< net46) (>= netstandard2.0)) (>= net461) (>= netcoreapp2.0)
    System.Security.Cryptography.Algorithms (4.3.1) - restriction: || (&& (< monoandroid) (< net45) (< netcoreapp2.1) (>= netstandard2.0) (< uap10.0) (< xamarinios) (< xamarinmac)) (&& (< monoandroid) (< net45) (< netstandard1.4) (>= netstandard2.0)) (&& (< monoandroid) (< net45) (< netstandard1.6) (>= netstandard2.0) (< uap10.0)) (&& (< net45) (>= net46) (< netstandard1.4) (>= netstandard2.0)) (&& (< net45) (>= net461) (>= netstandard2.0)) (&& (< net461) (>= netstandard2.0))
      Microsoft.NETCore.Platforms (>= 1.1) - restriction: && (< monoandroid) (< monotouch) (< net46) (>= netstandard1.6) (< xamarinios) (< xamarinmac) (< xamarintvos) (< xamarinwatchos)
      runtime.native.System.Security.Cryptography.Apple (>= 4.3.1) - restriction: && (< monoandroid) (< monotouch) (< net46) (>= netstandard1.6) (< xamarinios) (< xamarinmac) (< xamarintvos) (< xamarinwatchos)
      runtime.native.System.Security.Cryptography.OpenSsl (>= 4.3.2) - restriction: && (< monoandroid) (< monotouch) (< net46) (>= netstandard1.6) (< xamarinios) (< xamarinmac) (< xamarintvos) (< xamarinwatchos)
      System.Collections (>= 4.3) - restriction: && (< monoandroid) (< monotouch) (< net46) (>= netstandard1.6) (< xamarinios) (< xamarinmac) (< xamarintvos) (< xamarinwatchos)
      System.IO (>= 4.3) - restriction: || (&& (< monoandroid) (< monotouch) (< net46) (>= netstandard1.6) (< xamarinios) (< xamarinmac) (< xamarintvos) (< xamarinwatchos)) (&& (< monoandroid) (< net46) (>= netstandard1.3) (< netstandard1.4)) (&& (< monoandroid) (< net46) (>= netstandard1.4) (< netstandard1.6)) (>= net463)
      System.Resources.ResourceManager (>= 4.3) - restriction: && (< monoandroid) (< monotouch) (< net46) (>= netstandard1.6) (< xamarinios) (< xamarinmac) (< xamarintvos) (< xamarinwatchos)
      System.Runtime (>= 4.3) - restriction: || (&& (< monoandroid) (< monotouch) (< net46) (>= netstandard1.6) (< xamarinios) (< xamarinmac) (< xamarintvos) (< xamarinwatchos)) (&& (< monoandroid) (< net46) (>= netstandard1.3) (< netstandard1.4)) (&& (< monoandroid) (< net46) (>= netstandard1.4) (< netstandard1.6)) (>= net463)
      System.Runtime.Extensions (>= 4.3) - restriction: && (< monoandroid) (< monotouch) (< net46) (>= netstandard1.6) (< xamarinios) (< xamarinmac) (< xamarintvos) (< xamarinwatchos)
      System.Runtime.Handles (>= 4.3) - restriction: && (< monoandroid) (< monotouch) (< net46) (>= netstandard1.6) (< xamarinios) (< xamarinmac) (< xamarintvos) (< xamarinwatchos)
      System.Runtime.InteropServices (>= 4.3) - restriction: && (< monoandroid) (< monotouch) (< net46) (>= netstandard1.6) (< xamarinios) (< xamarinmac) (< xamarintvos) (< xamarinwatchos)
      System.Runtime.Numerics (>= 4.3) - restriction: && (< monoandroid) (< monotouch) (< net46) (>= netstandard1.6) (< xamarinios) (< xamarinmac) (< xamarintvos) (< xamarinwatchos)
      System.Security.Cryptography.Encoding (>= 4.3) - restriction: || (&& (< monoandroid) (< monotouch) (< net46) (>= netstandard1.6) (< xamarinios) (< xamarinmac) (< xamarintvos) (< xamarinwatchos)) (>= net463)
      System.Security.Cryptography.Primitives (>= 4.3) - restriction: || (&& (< monoandroid) (< monotouch) (< net46) (>= netstandard1.6) (< xamarinios) (< xamarinmac) (< xamarintvos) (< xamarinwatchos)) (&& (< monoandroid) (< net46) (>= netstandard1.3) (< netstandard1.4)) (&& (< monoandroid) (< net46) (>= netstandard1.4) (< netstandard1.6)) (&& (>= net46) (< netstandard1.4)) (&& (>= net461) (< netstandard1.6)) (>= net463)
      System.Text.Encoding (>= 4.3) - restriction: && (< monoandroid) (< monotouch) (< net46) (>= netstandard1.6) (< xamarinios) (< xamarinmac) (< xamarintvos) (< xamarinwatchos)
    System.Security.Cryptography.Cng (4.7) - restriction: || (&& (< monoandroid) (< net45) (>= netstandard2.0) (< uap10.0) (< xamarinios) (< xamarinmac)) (&& (< net45) (>= net46) (>= netstandard2.0)) (&& (< net45) (>= net461) (>= netstandard2.0)) (&& (>= netcoreapp2.0) (>= uap10.0)) (>= netcoreapp2.1) (&& (>= netcoreapp3.0) (>= uap10.0)) (&& (>= netstandard2.0) (>= uap10.0)) (&& (>= netstandard2.1) (>= uap10.0))
    System.Security.Cryptography.Csp (4.3) - restriction: && (< monoandroid) (< net45) (< netcoreapp2.1) (>= netstandard2.0) (< uap10.0) (< xamarinios) (< xamarinmac)
      Microsoft.NETCore.Platforms (>= 1.1) - restriction: && (< monoandroid) (< monotouch) (< net46) (>= netstandard1.3) (< xamarinios) (< xamarinmac) (< xamarintvos) (< xamarinwatchos)
      System.IO (>= 4.3) - restriction: && (< monoandroid) (< monotouch) (< net46) (>= netstandard1.3) (< xamarinios) (< xamarinmac) (< xamarintvos) (< xamarinwatchos)
      System.Reflection (>= 4.3) - restriction: && (< monoandroid) (< monotouch) (< net46) (>= netstandard1.3) (< xamarinios) (< xamarinmac) (< xamarintvos) (< xamarinwatchos)
      System.Resources.ResourceManager (>= 4.3) - restriction: && (< monoandroid) (< monotouch) (< net46) (>= netstandard1.3) (< xamarinios) (< xamarinmac) (< xamarintvos) (< xamarinwatchos)
      System.Runtime (>= 4.3) - restriction: && (< monoandroid) (< monotouch) (< net46) (>= netstandard1.3) (< xamarinios) (< xamarinmac) (< xamarintvos) (< xamarinwatchos)
      System.Runtime.Extensions (>= 4.3) - restriction: && (< monoandroid) (< monotouch) (< net46) (>= netstandard1.3) (< xamarinios) (< xamarinmac) (< xamarintvos) (< xamarinwatchos)
      System.Runtime.Handles (>= 4.3) - restriction: && (< monoandroid) (< monotouch) (< net46) (>= netstandard1.3) (< xamarinios) (< xamarinmac) (< xamarintvos) (< xamarinwatchos)
      System.Runtime.InteropServices (>= 4.3) - restriction: && (< monoandroid) (< monotouch) (< net46) (>= netstandard1.3) (< xamarinios) (< xamarinmac) (< xamarintvos) (< xamarinwatchos)
      System.Security.Cryptography.Algorithms (>= 4.3) - restriction: || (&& (< monoandroid) (< monotouch) (>= netstandard1.3) (< xamarinios) (< xamarinmac) (< xamarintvos) (< xamarinwatchos)) (>= net46)
      System.Security.Cryptography.Encoding (>= 4.3) - restriction: && (< monoandroid) (< monotouch) (< net46) (>= netstandard1.3) (< xamarinios) (< xamarinmac) (< xamarintvos) (< xamarinwatchos)
      System.Security.Cryptography.Primitives (>= 4.3) - restriction: || (&& (< monoandroid) (< monotouch) (>= netstandard1.3) (< xamarinios) (< xamarinmac) (< xamarintvos) (< xamarinwatchos)) (>= net46)
      System.Text.Encoding (>= 4.3) - restriction: && (< monoandroid) (< monotouch) (< net46) (>= netstandard1.3) (< xamarinios) (< xamarinmac) (< xamarintvos) (< xamarinwatchos)
      System.Threading (>= 4.3) - restriction: && (< monoandroid) (< monotouch) (< net46) (>= netstandard1.3) (< xamarinios) (< xamarinmac) (< xamarintvos) (< xamarinwatchos)
    System.Security.Cryptography.Encoding (4.3) - restriction: || (&& (< monoandroid) (< net45) (< netcoreapp2.1) (>= netstandard2.0) (< uap10.0) (< xamarinios) (< xamarinmac)) (&& (< monoandroid) (< net45) (< netstandard1.4) (>= netstandard2.0)) (&& (< monoandroid) (< net45) (< netstandard1.6) (>= netstandard2.0) (< uap10.0)) (&& (< monoandroid) (< net46) (>= netstandard2.0) (< xamarinios) (< xamarinmac)) (&& (< net45) (>= net46) (< netstandard1.4) (>= netstandard2.0)) (&& (< net45) (>= net461) (>= netstandard2.0)) (&& (< net461) (>= net463) (>= netstandard2.0))
      Microsoft.NETCore.Platforms (>= 1.1) - restriction: && (< monoandroid) (< monotouch) (< net46) (>= netstandard1.3) (< xamarinios) (< xamarinmac) (< xamarintvos) (< xamarinwatchos)
      runtime.native.System.Security.Cryptography.OpenSsl (>= 4.3) - restriction: && (< monoandroid) (< monotouch) (< net46) (>= netstandard1.3) (< xamarinios) (< xamarinmac) (< xamarintvos) (< xamarinwatchos)
      System.Collections (>= 4.3) - restriction: && (< monoandroid) (< monotouch) (< net46) (>= netstandard1.3) (< xamarinios) (< xamarinmac) (< xamarintvos) (< xamarinwatchos)
      System.Collections.Concurrent (>= 4.3) - restriction: && (< monoandroid) (< monotouch) (< net46) (>= netstandard1.3) (< xamarinios) (< xamarinmac) (< xamarintvos) (< xamarinwatchos)
      System.Linq (>= 4.3) - restriction: && (< monoandroid) (< monotouch) (< net46) (>= netstandard1.3) (< xamarinios) (< xamarinmac) (< xamarintvos) (< xamarinwatchos)
      System.Resources.ResourceManager (>= 4.3) - restriction: && (< monoandroid) (< monotouch) (< net46) (>= netstandard1.3) (< xamarinios) (< xamarinmac) (< xamarintvos) (< xamarinwatchos)
      System.Runtime (>= 4.3) - restriction: && (< monoandroid) (< monotouch) (< net46) (>= netstandard1.3) (< xamarinios) (< xamarinmac) (< xamarintvos) (< xamarinwatchos)
      System.Runtime.Extensions (>= 4.3) - restriction: && (< monoandroid) (< monotouch) (< net46) (>= netstandard1.3) (< xamarinios) (< xamarinmac) (< xamarintvos) (< xamarinwatchos)
      System.Runtime.Handles (>= 4.3) - restriction: && (< monoandroid) (< monotouch) (< net46) (>= netstandard1.3) (< xamarinios) (< xamarinmac) (< xamarintvos) (< xamarinwatchos)
      System.Runtime.InteropServices (>= 4.3) - restriction: && (< monoandroid) (< monotouch) (< net46) (>= netstandard1.3) (< xamarinios) (< xamarinmac) (< xamarintvos) (< xamarinwatchos)
      System.Security.Cryptography.Primitives (>= 4.3) - restriction: && (< monoandroid) (< monotouch) (< net46) (>= netstandard1.3) (< xamarinios) (< xamarinmac) (< xamarintvos) (< xamarinwatchos)
      System.Text.Encoding (>= 4.3) - restriction: && (< monoandroid) (< monotouch) (< net46) (>= netstandard1.3) (< xamarinios) (< xamarinmac) (< xamarintvos) (< xamarinwatchos)
    System.Security.Cryptography.OpenSsl (4.7) - restriction: && (< monoandroid) (< net45) (< netcoreapp2.1) (>= netstandard2.0) (< uap10.0) (< xamarinios) (< xamarinmac)
      Microsoft.NETCore.Platforms (>= 3.1) - restriction: && (>= netcoreapp2.0) (< netcoreapp2.1)
    System.Security.Cryptography.Pkcs (4.7) - restriction: && (>= netstandard2.0) (>= uap10.0)
      System.Buffers (>= 4.5) - restriction: && (< net46) (< netcoreapp2.0) (>= netstandard2.0) (< netstandard2.1) (< xamarinios) (< xamarinmac)
      System.Memory (>= 4.5.3) - restriction: || (&& (< net46) (< netcoreapp2.0) (>= netstandard2.0) (< netstandard2.1) (< xamarinios) (< xamarinmac)) (&& (>= netcoreapp2.0) (< netcoreapp2.1) (< netstandard2.1)) (>= uap10.1)
      System.Security.Cryptography.Cng (>= 4.7) - restriction: || (&& (< net46) (< netcoreapp2.0) (>= netstandard2.0) (< netstandard2.1) (< xamarinios) (< xamarinmac)) (&& (>= netcoreapp2.0) (< netcoreapp2.1) (< netstandard2.1)) (&& (< netcoreapp2.0) (>= netstandard2.1)) (&& (>= netcoreapp2.1) (< netstandard2.1)) (>= netcoreapp3.0)
    System.Security.Cryptography.Primitives (4.3) - restriction: || (&& (< monoandroid) (< net45) (< netcoreapp2.1) (>= netstandard2.0) (< uap10.0) (< xamarinios) (< xamarinmac)) (&& (< monoandroid) (< net46) (< netstandard1.4) (>= netstandard2.0)) (&& (< monoandroid) (< net46) (< netstandard1.6) (>= netstandard2.0)) (&& (< monoandroid) (< net46) (>= netstandard2.0) (< xamarinios) (< xamarinmac)) (&& (>= net46) (< netstandard1.4) (>= netstandard2.0)) (&& (< net461) (>= net463) (>= netstandard2.0))
      System.Diagnostics.Debug (>= 4.3) - restriction: && (< monoandroid) (< monotouch) (< net46) (>= netstandard1.3) (< xamarinios) (< xamarinmac) (< xamarintvos) (< xamarinwatchos)
      System.Globalization (>= 4.3) - restriction: && (< monoandroid) (< monotouch) (< net46) (>= netstandard1.3) (< xamarinios) (< xamarinmac) (< xamarintvos) (< xamarinwatchos)
      System.IO (>= 4.3) - restriction: && (< monoandroid) (< monotouch) (< net46) (>= netstandard1.3) (< xamarinios) (< xamarinmac) (< xamarintvos) (< xamarinwatchos)
      System.Resources.ResourceManager (>= 4.3) - restriction: && (< monoandroid) (< monotouch) (< net46) (>= netstandard1.3) (< xamarinios) (< xamarinmac) (< xamarintvos) (< xamarinwatchos)
      System.Runtime (>= 4.3) - restriction: && (< monoandroid) (< monotouch) (< net46) (>= netstandard1.3) (< xamarinios) (< xamarinmac) (< xamarintvos) (< xamarinwatchos)
      System.Threading (>= 4.3) - restriction: && (< monoandroid) (< monotouch) (< net46) (>= netstandard1.3) (< xamarinios) (< xamarinmac) (< xamarintvos) (< xamarinwatchos)
      System.Threading.Tasks (>= 4.3) - restriction: && (< monoandroid) (< monotouch) (< net46) (>= netstandard1.3) (< xamarinios) (< xamarinmac) (< xamarintvos) (< xamarinwatchos)
    System.Security.Cryptography.ProtectedData (4.7) - restriction: || (&& (< net46) (>= netstandard2.0) (< xamarinios) (< xamarinmac)) (>= netcoreapp2.0)
      System.Memory (>= 4.5.3) - restriction: && (< net46) (< netcoreapp2.1) (>= netstandard2.0) (< xamarinios) (< xamarinmac)
    System.Security.Cryptography.X509Certificates (4.3.2) - restriction: && (< monoandroid9.0) (< net45) (< netcoreapp2.1) (>= netstandard2.0) (< uap10.0) (< xamarinios) (< xamarinmac)
      Microsoft.NETCore.Platforms (>= 1.1) - restriction: && (< monoandroid) (< monotouch) (< net46) (>= netstandard1.6) (< xamarinios) (< xamarinmac) (< xamarintvos) (< xamarinwatchos)
      runtime.native.System (>= 4.3) - restriction: && (< monoandroid) (< monotouch) (< net46) (>= netstandard1.6) (< xamarinios) (< xamarinmac) (< xamarintvos) (< xamarinwatchos)
      runtime.native.System.Net.Http (>= 4.3) - restriction: && (< monoandroid) (< monotouch) (< net46) (>= netstandard1.6) (< xamarinios) (< xamarinmac) (< xamarintvos) (< xamarinwatchos)
      runtime.native.System.Security.Cryptography.OpenSsl (>= 4.3.2) - restriction: && (< monoandroid) (< monotouch) (< net46) (>= netstandard1.6) (< xamarinios) (< xamarinmac) (< xamarintvos) (< xamarinwatchos)
      System.Collections (>= 4.3) - restriction: && (< monoandroid) (< monotouch) (< net46) (>= netstandard1.6) (< xamarinios) (< xamarinmac) (< xamarintvos) (< xamarinwatchos)
      System.Diagnostics.Debug (>= 4.3) - restriction: && (< monoandroid) (< monotouch) (< net46) (>= netstandard1.6) (< xamarinios) (< xamarinmac) (< xamarintvos) (< xamarinwatchos)
      System.Globalization (>= 4.3) - restriction: && (< monoandroid) (< monotouch) (< net46) (>= netstandard1.6) (< xamarinios) (< xamarinmac) (< xamarintvos) (< xamarinwatchos)
      System.Globalization.Calendars (>= 4.3) - restriction: && (< monoandroid) (< monotouch) (< net46) (>= netstandard1.6) (< xamarinios) (< xamarinmac) (< xamarintvos) (< xamarinwatchos)
      System.IO (>= 4.3) - restriction: && (< monoandroid) (< monotouch) (< net46) (>= netstandard1.6) (< xamarinios) (< xamarinmac) (< xamarintvos) (< xamarinwatchos)
      System.IO.FileSystem (>= 4.3) - restriction: && (< monoandroid) (< monotouch) (< net46) (>= netstandard1.6) (< xamarinios) (< xamarinmac) (< xamarintvos) (< xamarinwatchos)
      System.IO.FileSystem.Primitives (>= 4.3) - restriction: && (< monoandroid) (< monotouch) (< net46) (>= netstandard1.6) (< xamarinios) (< xamarinmac) (< xamarintvos) (< xamarinwatchos)
      System.Resources.ResourceManager (>= 4.3) - restriction: && (< monoandroid) (< monotouch) (< net46) (>= netstandard1.6) (< xamarinios) (< xamarinmac) (< xamarintvos) (< xamarinwatchos)
      System.Runtime (>= 4.3) - restriction: || (&& (< monoandroid) (< monotouch) (< net46) (>= netstandard1.6) (< xamarinios) (< xamarinmac) (< xamarintvos) (< xamarinwatchos)) (&& (< monoandroid) (< net46) (>= netstandard1.3) (< netstandard1.4)) (&& (< monoandroid) (< net46) (>= netstandard1.4) (< netstandard1.6))
      System.Runtime.Extensions (>= 4.3) - restriction: && (< monoandroid) (< monotouch) (< net46) (>= netstandard1.6) (< xamarinios) (< xamarinmac) (< xamarintvos) (< xamarinwatchos)
      System.Runtime.Handles (>= 4.3) - restriction: || (&& (< monoandroid) (< monotouch) (< net46) (>= netstandard1.6) (< xamarinios) (< xamarinmac) (< xamarintvos) (< xamarinwatchos)) (&& (< monoandroid) (< net46) (>= netstandard1.3) (< netstandard1.4)) (&& (< monoandroid) (< net46) (>= netstandard1.4) (< netstandard1.6))
      System.Runtime.InteropServices (>= 4.3) - restriction: && (< monoandroid) (< monotouch) (< net46) (>= netstandard1.6) (< xamarinios) (< xamarinmac) (< xamarintvos) (< xamarinwatchos)
      System.Runtime.Numerics (>= 4.3) - restriction: && (< monoandroid) (< monotouch) (< net46) (>= netstandard1.6) (< xamarinios) (< xamarinmac) (< xamarintvos) (< xamarinwatchos)
      System.Security.Cryptography.Algorithms (>= 4.3) - restriction: || (&& (< monoandroid) (< monotouch) (< net46) (>= netstandard1.6) (< xamarinios) (< xamarinmac) (< xamarintvos) (< xamarinwatchos)) (&& (< monoandroid) (< net46) (>= netstandard1.3) (< netstandard1.4)) (&& (< monoandroid) (< net46) (>= netstandard1.4) (< netstandard1.6)) (&& (>= net46) (< netstandard1.4)) (>= net461)
      System.Security.Cryptography.Cng (>= 4.3) - restriction: && (< monoandroid) (< monotouch) (< net46) (>= netstandard1.6) (< xamarinios) (< xamarinmac) (< xamarintvos) (< xamarinwatchos)
      System.Security.Cryptography.Csp (>= 4.3) - restriction: && (< monoandroid) (< monotouch) (< net46) (>= netstandard1.6) (< xamarinios) (< xamarinmac) (< xamarintvos) (< xamarinwatchos)
      System.Security.Cryptography.Encoding (>= 4.3) - restriction: || (&& (< monoandroid) (< monotouch) (< net46) (>= netstandard1.6) (< xamarinios) (< xamarinmac) (< xamarintvos) (< xamarinwatchos)) (&& (< monoandroid) (< net46) (>= netstandard1.3) (< netstandard1.4)) (&& (< monoandroid) (< net46) (>= netstandard1.4) (< netstandard1.6)) (&& (>= net46) (< netstandard1.4)) (>= net461)
      System.Security.Cryptography.OpenSsl (>= 4.3) - restriction: && (< monoandroid) (< monotouch) (< net46) (>= netstandard1.6) (< xamarinios) (< xamarinmac) (< xamarintvos) (< xamarinwatchos)
      System.Security.Cryptography.Primitives (>= 4.3) - restriction: && (< monoandroid) (< monotouch) (< net46) (>= netstandard1.6) (< xamarinios) (< xamarinmac) (< xamarintvos) (< xamarinwatchos)
      System.Text.Encoding (>= 4.3) - restriction: && (< monoandroid) (< monotouch) (< net46) (>= netstandard1.6) (< xamarinios) (< xamarinmac) (< xamarintvos) (< xamarinwatchos)
      System.Threading (>= 4.3) - restriction: && (< monoandroid) (< monotouch) (< net46) (>= netstandard1.6) (< xamarinios) (< xamarinmac) (< xamarintvos) (< xamarinwatchos)
    System.Security.Cryptography.Xml (4.7) - restriction: && (>= netstandard2.0) (>= uap10.0)
      System.Security.Cryptography.Pkcs (>= 4.7) - restriction: && (< net461) (>= netstandard2.0)
      System.Security.Permissions (>= 4.7) - restriction: || (>= net461) (>= netstandard2.0)
    System.Security.Permissions (4.7) - restriction: || (&& (>= monoandroid) (>= netstandard2.0)) (&& (>= monotouch) (>= netstandard2.0)) (&& (< net46) (>= netstandard2.0)) (>= netcoreapp2.1) (&& (>= netstandard2.0) (>= uap10.0)) (&& (>= netstandard2.0) (>= xamarintvos)) (&& (>= netstandard2.0) (>= xamarinwatchos))
      System.Security.AccessControl (>= 4.7) - restriction: || (>= net461) (>= netstandard2.0)
      System.Windows.Extensions (>= 4.7) - restriction: >= netcoreapp3.0
    System.Security.Principal.Windows (4.7) - restriction: || (&& (>= monoandroid) (>= netcoreapp2.1) (< netstandard2.0)) (&& (>= monotouch) (>= netcoreapp2.1)) (&& (>= monotouch) (>= netstandard2.0)) (&& (< net46) (>= netstandard2.0)) (&& (>= net461) (>= netcoreapp2.1)) (>= netcoreapp2.0) (&& (>= netcoreapp2.1) (>= xamarintvos)) (&& (>= netcoreapp2.1) (>= xamarinwatchos)) (&& (>= netstandard2.0) (>= uap10.0)) (&& (>= netstandard2.0) (>= xamarintvos)) (&& (>= netstandard2.0) (>= xamarinwatchos)) (>= xamarinios) (>= xamarinmac)
      Microsoft.NETCore.Platforms (>= 3.1) - restriction: || (&& (>= netcoreapp2.0) (< netcoreapp2.1)) (&& (>= netcoreapp2.1) (< netcoreapp3.0))
    System.Security.SecureString (4.3) - restriction: || (>= monoandroid9.0) (&& (< net45) (>= netstandard2.0) (< xamarinmac)) (>= netcoreapp2.1) (&& (>= netstandard2.0) (>= uap10.0)) (>= xamarinios)
      Microsoft.NETCore.Platforms (>= 1.1) - restriction: && (< monoandroid) (< monotouch) (< net46) (>= netstandard1.3) (< xamarinios) (< xamarinmac) (< xamarintvos) (< xamarinwatchos)
      System.Resources.ResourceManager (>= 4.3) - restriction: && (< monoandroid) (< monotouch) (< net46) (>= netstandard1.3) (< xamarinios) (< xamarinmac) (< xamarintvos) (< xamarinwatchos)
      System.Runtime (>= 4.3) - restriction: && (< monoandroid) (< monotouch) (< net46) (>= netstandard1.3) (< xamarinios) (< xamarinmac) (< xamarintvos) (< xamarinwatchos)
      System.Runtime.Handles (>= 4.3) - restriction: && (< monoandroid) (< monotouch) (< net46) (>= netstandard1.3) (< xamarinios) (< xamarinmac) (< xamarintvos) (< xamarinwatchos)
      System.Runtime.InteropServices (>= 4.3) - restriction: && (< monoandroid) (< monotouch) (< net46) (>= netstandard1.3) (< xamarinios) (< xamarinmac) (< xamarintvos) (< xamarinwatchos)
      System.Security.Cryptography.Primitives (>= 4.3) - restriction: && (< monoandroid) (< monotouch) (< net46) (>= netstandard1.3) (< xamarinios) (< xamarinmac) (< xamarintvos) (< xamarinwatchos)
      System.Text.Encoding (>= 4.3) - restriction: && (< monoandroid) (< monotouch) (< net46) (>= netstandard1.3) (< xamarinios) (< xamarinmac) (< xamarintvos) (< xamarinwatchos)
      System.Threading (>= 4.3) - restriction: && (< monoandroid) (< monotouch) (< net46) (>= netstandard1.3) (< xamarinios) (< xamarinmac) (< xamarintvos) (< xamarinwatchos)
    System.ServiceModel.Http (4.7) - restriction: && (>= netstandard2.0) (>= uap10.0)
      System.Private.ServiceModel (>= 4.7) - restriction: && (< net45) (>= netstandard2.0) (< xamarinios) (< xamarinmac)
      System.ServiceModel.Primitives (>= 4.7) - restriction: || (&& (< net45) (>= netstandard2.0) (< xamarinios) (< xamarinmac)) (>= net461)
    System.ServiceModel.NetTcp (4.7) - restriction: && (>= netstandard2.0) (>= uap10.0)
      System.Private.ServiceModel (>= 4.7) - restriction: && (< net45) (>= netstandard2.0) (< xamarinios) (< xamarinmac)
      System.ServiceModel.Primitives (>= 4.7) - restriction: || (&& (< net45) (>= netstandard2.0) (< xamarinios) (< xamarinmac)) (>= net461)
    System.ServiceModel.Primitives (4.7) - restriction: && (>= netstandard2.0) (>= uap10.0)
      System.Private.ServiceModel (>= 4.7) - restriction: || (&& (< net45) (>= netstandard2.0) (< xamarinios) (< xamarinmac)) (>= netcoreapp2.1)
    System.ServiceModel.Security (4.7) - restriction: && (>= netstandard2.0) (>= uap10.0)
      System.Private.ServiceModel (>= 4.7) - restriction: && (< net45) (>= netstandard2.0) (< xamarinios) (< xamarinmac)
      System.ServiceModel.Primitives (>= 4.7) - restriction: || (&& (< net45) (>= netstandard2.0) (< xamarinios) (< xamarinmac)) (>= net461)
    System.Text.Encoding (4.3) - restriction: || (&& (< monoandroid) (< net45) (< netcoreapp2.1) (>= netstandard2.0) (< uap10.0) (< xamarinios) (< xamarinmac)) (&& (< monoandroid) (< net45) (< netstandard1.3) (>= netstandard2.0) (< win8) (< wpa81)) (&& (< monoandroid) (< net45) (>= netstandard2.0) (< win8) (< wpa81) (< xamarinios) (< xamarinmac)) (&& (< monoandroid) (< net46) (>= netstandard2.0) (< xamarinios) (< xamarinmac)) (>= netcoreapp3.1)
      Microsoft.NETCore.Platforms (>= 1.1) - restriction: || (&& (< monoandroid) (< monotouch) (< net45) (>= netstandard1.3) (< win8) (< wpa81) (< xamarinios) (< xamarinmac) (< xamarintvos) (< xamarinwatchos)) (&& (< monoandroid) (< net45) (>= netstandard1.0) (< netstandard1.3) (< win8) (< wp8) (< wpa81))
      Microsoft.NETCore.Targets (>= 1.1) - restriction: || (&& (< monoandroid) (< monotouch) (< net45) (>= netstandard1.3) (< win8) (< wpa81) (< xamarinios) (< xamarinmac) (< xamarintvos) (< xamarinwatchos)) (&& (< monoandroid) (< net45) (>= netstandard1.0) (< netstandard1.3) (< win8) (< wp8) (< wpa81))
      System.Runtime (>= 4.3) - restriction: || (&& (< monoandroid) (< monotouch) (< net45) (>= netstandard1.3) (< win8) (< wpa81) (< xamarinios) (< xamarinmac) (< xamarintvos) (< xamarinwatchos)) (&& (< monoandroid) (< net45) (>= netstandard1.0) (< netstandard1.3) (< win8) (< wp8) (< wpa81))
    System.Text.Encoding.CodePages (4.7) - restriction: >= netstandard2.0
      Microsoft.NETCore.Platforms (>= 3.1) - restriction: >= netcoreapp2.0
      System.Runtime.CompilerServices.Unsafe (>= 4.7) - restriction: || (&& (< net46) (< netcoreapp2.0) (>= netstandard2.0) (< xamarinios) (< xamarinmac)) (>= net461) (&& (>= netcoreapp2.0) (< netcoreapp3.1))
    System.Text.Encoding.Extensions (4.3) - restriction: || (&& (< monoandroid) (< net45) (>= netstandard2.0) (< win8) (< wpa81) (< xamarinios) (< xamarinmac)) (&& (< monoandroid) (< net46) (>= netstandard2.0) (< xamarinios) (< xamarinmac)) (>= netcoreapp2.1) (&& (>= netstandard2.0) (>= uap10.0) (< win8) (< wpa81))
      Microsoft.NETCore.Platforms (>= 1.1) - restriction: || (&& (< monoandroid) (< monotouch) (< net45) (>= netstandard1.3) (< win8) (< wpa81) (< xamarinios) (< xamarinmac) (< xamarintvos) (< xamarinwatchos)) (&& (< monoandroid) (< net45) (>= netstandard1.0) (< netstandard1.3) (< win8) (< wp8) (< wpa81))
      Microsoft.NETCore.Targets (>= 1.1) - restriction: || (&& (< monoandroid) (< monotouch) (< net45) (>= netstandard1.3) (< win8) (< wpa81) (< xamarinios) (< xamarinmac) (< xamarintvos) (< xamarinwatchos)) (&& (< monoandroid) (< net45) (>= netstandard1.0) (< netstandard1.3) (< win8) (< wp8) (< wpa81))
      System.Runtime (>= 4.3) - restriction: || (&& (< monoandroid) (< monotouch) (< net45) (>= netstandard1.3) (< win8) (< wpa81) (< xamarinios) (< xamarinmac) (< xamarintvos) (< xamarinwatchos)) (&& (< monoandroid) (< net45) (>= netstandard1.0) (< netstandard1.3) (< win8) (< wp8) (< wpa81))
      System.Text.Encoding (>= 4.3) - restriction: || (&& (< monoandroid) (< monotouch) (< net45) (>= netstandard1.3) (< win8) (< wpa81) (< xamarinios) (< xamarinmac) (< xamarintvos) (< xamarinwatchos)) (&& (< monoandroid) (< net45) (>= netstandard1.0) (< netstandard1.3) (< win8) (< wp8) (< wpa81))
    System.Text.Encodings.Web (4.7) - restriction: || (&& (>= monotouch) (>= netstandard2.0)) (&& (< net451) (>= net461) (>= netstandard2.0)) (&& (< net451) (< netcoreapp2.0) (>= netstandard2.0)) (&& (>= netcoreapp2.0) (< netcoreapp2.1)) (&& (>= netcoreapp2.1) (< netcoreapp3.0)) (&& (>= netcoreapp3.0) (< netcoreapp3.1)) (&& (>= netstandard2.0) (>= uap10.1)) (&& (>= netstandard2.0) (>= xamarintvos)) (&& (>= netstandard2.0) (>= xamarinwatchos)) (>= xamarinios) (>= xamarinmac)
      System.Memory (>= 4.5.3) - restriction: || (&& (< net45) (< netcoreapp2.1) (>= netstandard2.0) (< netstandard2.1)) (>= net461) (>= uap10.1)
    System.Text.Json (4.7) - restriction: && (< net451) (>= netstandard2.0)
      Microsoft.Bcl.AsyncInterfaces (>= 1.1) - restriction: || (&& (>= monoandroid) (< netstandard2.0)) (>= monotouch) (>= net461) (&& (>= netcoreapp2.0) (< netcoreapp2.1)) (&& (< netcoreapp2.0) (>= netstandard2.0)) (&& (>= netcoreapp2.1) (< netcoreapp3.0)) (>= uap10.1) (>= xamarinios) (>= xamarinmac) (>= xamarintvos) (>= xamarinwatchos)
      System.Buffers (>= 4.5) - restriction: || (&& (>= monoandroid) (< netstandard2.0)) (>= monotouch) (>= net461) (&& (< netcoreapp2.0) (>= netstandard2.0)) (>= xamarinios) (>= xamarinmac) (>= xamarintvos) (>= xamarinwatchos)
      System.Memory (>= 4.5.3) - restriction: || (>= net461) (&& (>= netcoreapp2.0) (< netcoreapp2.1)) (&& (< netcoreapp2.0) (>= netstandard2.0) (< xamarinios) (< xamarinmac)) (>= uap10.1)
      System.Numerics.Vectors (>= 4.5) - restriction: || (>= net461) (&& (< netcoreapp2.0) (>= netstandard2.0) (< xamarinios) (< xamarinmac))
      System.Runtime.CompilerServices.Unsafe (>= 4.7) - restriction: || (&& (>= monoandroid) (< netstandard2.0)) (>= monotouch) (>= net461) (&& (>= netcoreapp2.0) (< netcoreapp2.1)) (&& (< netcoreapp2.0) (>= netstandard2.0)) (&& (>= netcoreapp2.1) (< netcoreapp3.0)) (&& (>= netcoreapp3.0) (< netcoreapp3.1)) (>= uap10.1) (>= xamarinios) (>= xamarinmac) (>= xamarintvos) (>= xamarinwatchos)
      System.Text.Encodings.Web (>= 4.7) - restriction: || (&& (>= monoandroid) (< netstandard2.0)) (>= monotouch) (>= net461) (&& (>= netcoreapp2.0) (< netcoreapp2.1)) (&& (< netcoreapp2.0) (>= netstandard2.0)) (&& (>= netcoreapp2.1) (< netcoreapp3.0)) (&& (>= netcoreapp3.0) (< netcoreapp3.1)) (>= uap10.1) (>= xamarinios) (>= xamarinmac) (>= xamarintvos) (>= xamarinwatchos)
      System.Threading.Tasks.Extensions (>= 4.5.2) - restriction: || (>= net461) (&& (>= netcoreapp2.0) (< netcoreapp2.1)) (&& (< netcoreapp2.0) (>= netstandard2.0) (< xamarinios) (< xamarinmac)) (>= uap10.1)
    System.Text.RegularExpressions (4.3.1) - restriction: || (&& (< monoandroid) (< net45) (>= netstandard2.0) (< win8) (< wpa81) (< xamarinios) (< xamarinmac)) (>= netcoreapp2.1) (&& (>= netstandard2.0) (>= uap10.0) (< win8) (< wpa81))
      System.Collections (>= 4.3) - restriction: && (< monoandroid) (< monotouch) (< net45) (< netcoreapp1.1) (>= netstandard1.6) (< xamarinios) (< xamarinmac) (< xamarintvos) (< xamarinwatchos)
      System.Globalization (>= 4.3) - restriction: && (< monoandroid) (< monotouch) (< net45) (< netcoreapp1.1) (>= netstandard1.6) (< xamarinios) (< xamarinmac) (< xamarintvos) (< xamarinwatchos)
      System.Resources.ResourceManager (>= 4.3) - restriction: && (< monoandroid) (< monotouch) (< net45) (< netcoreapp1.1) (>= netstandard1.6) (< xamarinios) (< xamarinmac) (< xamarintvos) (< xamarinwatchos)
      System.Runtime (>= 4.3.1) - restriction: || (&& (< monoandroid) (< monotouch) (< net45) (>= netstandard1.6) (< xamarinios) (< xamarinmac) (< xamarintvos) (< xamarinwatchos)) (&& (< monoandroid) (< net45) (>= netstandard1.0) (< netstandard1.3) (< win8) (< wp8) (< wpa81)) (&& (< monoandroid) (< net45) (>= netstandard1.3) (< netstandard1.6) (< win8) (< wpa81)) (>= netcoreapp1.1)
      System.Runtime.Extensions (>= 4.3.1) - restriction: && (< monoandroid) (< monotouch) (< net45) (< netcoreapp1.1) (>= netstandard1.6) (< xamarinios) (< xamarinmac) (< xamarintvos) (< xamarinwatchos)
      System.Threading (>= 4.3) - restriction: && (< monoandroid) (< monotouch) (< net45) (< netcoreapp1.1) (>= netstandard1.6) (< xamarinios) (< xamarinmac) (< xamarintvos) (< xamarinwatchos)
    System.Threading (4.3) - restriction: || (&& (< monoandroid) (< net45) (>= netstandard2.0) (< uap10.0) (< xamarinios) (< xamarinmac)) (&& (< monoandroid) (< net45) (>= netstandard2.0) (< win8) (< wpa81) (< xamarinios) (< xamarinmac)) (&& (< monoandroid) (< net46) (>= netstandard2.0) (< xamarinios) (< xamarinmac)) (>= netcoreapp2.1) (&& (>= netstandard2.0) (>= uap10.0))
      System.Runtime (>= 4.3) - restriction: || (&& (< monoandroid) (< monotouch) (< net45) (>= netstandard1.3) (< win8) (< wpa81) (< xamarinios) (< xamarinmac) (< xamarintvos) (< xamarinwatchos)) (&& (< monoandroid) (< net45) (>= netstandard1.0) (< netstandard1.3) (< win8) (< wp8) (< wpa81))
      System.Threading.Tasks (>= 4.3) - restriction: || (&& (< monoandroid) (< monotouch) (< net45) (>= netstandard1.3) (< win8) (< wpa81) (< xamarinios) (< xamarinmac) (< xamarintvos) (< xamarinwatchos)) (&& (< monoandroid) (< net45) (>= netstandard1.0) (< netstandard1.3) (< win8) (< wp8) (< wpa81))
    System.Threading.Tasks (4.3) - restriction: || (&& (< monoandroid) (< net45) (< netstandard1.3) (>= netstandard2.0) (< win8) (< wpa81)) (&& (< monoandroid) (< net45) (>= netstandard2.0) (< win8) (< wpa81) (< xamarinios) (< xamarinmac)) (&& (< monoandroid) (< net46) (>= netstandard2.0) (< xamarinios) (< xamarinmac)) (>= netcoreapp2.1) (&& (>= netstandard2.0) (>= uap10.0))
      Microsoft.NETCore.Platforms (>= 1.1) - restriction: || (&& (< monoandroid) (< monotouch) (< net45) (>= netstandard1.3) (< win8) (< wpa81) (< xamarinios) (< xamarinmac) (< xamarintvos) (< xamarinwatchos)) (&& (< monoandroid) (< net45) (>= netstandard1.0) (< netstandard1.3) (< win8) (< wp8) (< wpa81))
      Microsoft.NETCore.Targets (>= 1.1) - restriction: || (&& (< monoandroid) (< monotouch) (< net45) (>= netstandard1.3) (< win8) (< wpa81) (< xamarinios) (< xamarinmac) (< xamarintvos) (< xamarinwatchos)) (&& (< monoandroid) (< net45) (>= netstandard1.0) (< netstandard1.3) (< win8) (< wp8) (< wpa81))
      System.Runtime (>= 4.3) - restriction: || (&& (< monoandroid) (< monotouch) (< net45) (>= netstandard1.3) (< win8) (< wpa81) (< xamarinios) (< xamarinmac) (< xamarintvos) (< xamarinwatchos)) (&& (< monoandroid) (< net45) (>= netstandard1.0) (< netstandard1.3) (< win8) (< wp8) (< wpa81))
    System.Threading.Tasks.Extensions (4.5.3) - restriction: || (>= net461) (>= netstandard2.0)
      System.Runtime.CompilerServices.Unsafe (>= 4.5.2) - restriction: || (&& (< monoandroid) (< monotouch) (>= netstandard1.0) (< netstandard2.0) (< win8) (< wpa81) (< xamarintvos) (< xamarinwatchos)) (&& (< monoandroid) (< netstandard1.0) (>= portable-net45+win8+wp8+wpa81) (< win8)) (>= net45) (&& (< netcoreapp2.1) (>= netstandard2.0) (< xamarinios) (< xamarinmac)) (&& (< netstandard1.0) (>= win8)) (&& (< netstandard2.0) (>= wpa81)) (>= wp8)
    System.Threading.Thread (4.3) - restriction: && (< monoandroid) (< net46) (>= netstandard2.0) (< xamarinios) (< xamarinmac)
      System.Runtime (>= 4.3) - restriction: && (< monoandroid) (< monotouch) (< net46) (>= netstandard1.3) (< xamarinios) (< xamarinmac) (< xamarintvos) (< xamarinwatchos)
    System.Threading.ThreadPool (4.3) - restriction: && (< monoandroid) (< net46) (>= netstandard2.0) (< xamarinios) (< xamarinmac)
      System.Runtime (>= 4.3) - restriction: && (< monoandroid) (< monotouch) (< net46) (>= netstandard1.3) (< xamarinios) (< xamarinmac) (< xamarintvos) (< xamarinwatchos)
      System.Runtime.Handles (>= 4.3) - restriction: && (< monoandroid) (< monotouch) (< net46) (>= netstandard1.3) (< xamarinios) (< xamarinmac) (< xamarintvos) (< xamarinwatchos)
    System.ValueTuple (4.5) - restriction: >= net461
    System.Windows.Extensions (4.7) - restriction: >= netcoreapp3.0
      System.Drawing.Common (>= 4.7) - restriction: >= netcoreapp3.0
    System.Xml.ReaderWriter (4.3.1) - restriction: || (&& (< monoandroid) (< net45) (< netstandard1.3) (>= netstandard2.0) (< win8) (< wpa81)) (&& (< monoandroid) (< net45) (>= netstandard2.0) (< win8) (< wpa81) (< xamarinios) (< xamarinmac)) (>= netcoreapp2.1) (&& (>= netstandard2.0) (>= uap10.0) (< win8) (< wpa81))
      System.Collections (>= 4.3) - restriction: && (< monoandroid) (< monotouch) (< net45) (>= netstandard1.3) (< win8) (< wpa81) (< xamarinios) (< xamarinmac) (< xamarintvos) (< xamarinwatchos)
      System.Diagnostics.Debug (>= 4.3) - restriction: && (< monoandroid) (< monotouch) (< net45) (>= netstandard1.3) (< win8) (< wpa81) (< xamarinios) (< xamarinmac) (< xamarintvos) (< xamarinwatchos)
      System.Globalization (>= 4.3) - restriction: && (< monoandroid) (< monotouch) (< net45) (>= netstandard1.3) (< win8) (< wpa81) (< xamarinios) (< xamarinmac) (< xamarintvos) (< xamarinwatchos)
      System.IO (>= 4.3) - restriction: || (&& (< monoandroid) (< monotouch) (< net45) (>= netstandard1.3) (< win8) (< wpa81) (< xamarinios) (< xamarinmac) (< xamarintvos) (< xamarinwatchos)) (&& (< monoandroid) (< net45) (>= netstandard1.0) (< netstandard1.3) (< win8) (< wp8) (< wpa81))
      System.IO.FileSystem (>= 4.3) - restriction: && (< monoandroid) (< monotouch) (< net45) (>= netstandard1.3) (< win8) (< wpa81) (< xamarinios) (< xamarinmac) (< xamarintvos) (< xamarinwatchos)
      System.IO.FileSystem.Primitives (>= 4.3) - restriction: && (< monoandroid) (< monotouch) (< net45) (>= netstandard1.3) (< win8) (< wpa81) (< xamarinios) (< xamarinmac) (< xamarintvos) (< xamarinwatchos)
      System.Resources.ResourceManager (>= 4.3) - restriction: && (< monoandroid) (< monotouch) (< net45) (>= netstandard1.3) (< win8) (< wpa81) (< xamarinios) (< xamarinmac) (< xamarintvos) (< xamarinwatchos)
      System.Runtime (>= 4.3) - restriction: || (&& (< monoandroid) (< monotouch) (< net45) (>= netstandard1.3) (< win8) (< wpa81) (< xamarinios) (< xamarinmac) (< xamarintvos) (< xamarinwatchos)) (&& (< monoandroid) (< net45) (>= netstandard1.0) (< netstandard1.3) (< win8) (< wp8) (< wpa81))
      System.Runtime.Extensions (>= 4.3) - restriction: && (< monoandroid) (< monotouch) (< net45) (>= netstandard1.3) (< win8) (< wpa81) (< xamarinios) (< xamarinmac) (< xamarintvos) (< xamarinwatchos)
      System.Runtime.InteropServices (>= 4.3) - restriction: && (< monoandroid) (< monotouch) (< net45) (>= netstandard1.3) (< win8) (< wpa81) (< xamarinios) (< xamarinmac) (< xamarintvos) (< xamarinwatchos)
      System.Text.Encoding (>= 4.3) - restriction: || (&& (< monoandroid) (< monotouch) (< net45) (>= netstandard1.3) (< win8) (< wpa81) (< xamarinios) (< xamarinmac) (< xamarintvos) (< xamarinwatchos)) (&& (< monoandroid) (< net45) (>= netstandard1.0) (< netstandard1.3) (< win8) (< wp8) (< wpa81))
      System.Text.Encoding.Extensions (>= 4.3) - restriction: && (< monoandroid) (< monotouch) (< net45) (>= netstandard1.3) (< win8) (< wpa81) (< xamarinios) (< xamarinmac) (< xamarintvos) (< xamarinwatchos)
      System.Text.RegularExpressions (>= 4.3) - restriction: && (< monoandroid) (< monotouch) (< net45) (>= netstandard1.3) (< win8) (< wpa81) (< xamarinios) (< xamarinmac) (< xamarintvos) (< xamarinwatchos)
      System.Threading.Tasks (>= 4.3) - restriction: || (&& (< monoandroid) (< monotouch) (< net45) (>= netstandard1.3) (< win8) (< wpa81) (< xamarinios) (< xamarinmac) (< xamarintvos) (< xamarinwatchos)) (&& (< monoandroid) (< net45) (>= netstandard1.0) (< netstandard1.3) (< win8) (< wp8) (< wpa81))
      System.Threading.Tasks.Extensions (>= 4.3) - restriction: && (< monoandroid) (< monotouch) (< net45) (>= netstandard1.3) (< win8) (< wpa81) (< xamarinios) (< xamarinmac) (< xamarintvos) (< xamarinwatchos)
    System.Xml.XDocument (4.3) - restriction: || (&& (< monoandroid) (< net45) (>= netstandard2.0) (< win8) (< wpa81) (< xamarinios) (< xamarinmac)) (&& (< monoandroid9.0) (< net45) (>= netstandard2.0) (< xamarinios) (< xamarinmac)) (>= netcoreapp2.1) (&& (>= netstandard2.0) (>= uap10.0))
      System.Collections (>= 4.3) - restriction: && (< monoandroid) (< monotouch) (< net45) (>= netstandard1.3) (< win8) (< wpa81) (< xamarinios) (< xamarinmac) (< xamarintvos) (< xamarinwatchos)
      System.Diagnostics.Debug (>= 4.3) - restriction: && (< monoandroid) (< monotouch) (< net45) (>= netstandard1.3) (< win8) (< wpa81) (< xamarinios) (< xamarinmac) (< xamarintvos) (< xamarinwatchos)
      System.Diagnostics.Tools (>= 4.3) - restriction: && (< monoandroid) (< monotouch) (< net45) (>= netstandard1.3) (< win8) (< wpa81) (< xamarinios) (< xamarinmac) (< xamarintvos) (< xamarinwatchos)
      System.Globalization (>= 4.3) - restriction: && (< monoandroid) (< monotouch) (< net45) (>= netstandard1.3) (< win8) (< wpa81) (< xamarinios) (< xamarinmac) (< xamarintvos) (< xamarinwatchos)
      System.IO (>= 4.3) - restriction: || (&& (< monoandroid) (< monotouch) (< net45) (>= netstandard1.3) (< win8) (< wpa81) (< xamarinios) (< xamarinmac) (< xamarintvos) (< xamarinwatchos)) (&& (< monoandroid) (< net45) (>= netstandard1.0) (< netstandard1.3) (< win8) (< wp8) (< wpa81))
      System.Reflection (>= 4.3) - restriction: && (< monoandroid) (< monotouch) (< net45) (>= netstandard1.3) (< win8) (< wpa81) (< xamarinios) (< xamarinmac) (< xamarintvos) (< xamarinwatchos)
      System.Resources.ResourceManager (>= 4.3) - restriction: && (< monoandroid) (< monotouch) (< net45) (>= netstandard1.3) (< win8) (< wpa81) (< xamarinios) (< xamarinmac) (< xamarintvos) (< xamarinwatchos)
      System.Runtime (>= 4.3) - restriction: || (&& (< monoandroid) (< monotouch) (< net45) (>= netstandard1.3) (< win8) (< wpa81) (< xamarinios) (< xamarinmac) (< xamarintvos) (< xamarinwatchos)) (&& (< monoandroid) (< net45) (>= netstandard1.0) (< netstandard1.3) (< win8) (< wp8) (< wpa81))
      System.Runtime.Extensions (>= 4.3) - restriction: && (< monoandroid) (< monotouch) (< net45) (>= netstandard1.3) (< win8) (< wpa81) (< xamarinios) (< xamarinmac) (< xamarintvos) (< xamarinwatchos)
      System.Text.Encoding (>= 4.3) - restriction: && (< monoandroid) (< monotouch) (< net45) (>= netstandard1.3) (< win8) (< wpa81) (< xamarinios) (< xamarinmac) (< xamarintvos) (< xamarinwatchos)
      System.Threading (>= 4.3) - restriction: && (< monoandroid) (< monotouch) (< net45) (>= netstandard1.3) (< win8) (< wpa81) (< xamarinios) (< xamarinmac) (< xamarintvos) (< xamarinwatchos)
      System.Xml.ReaderWriter (>= 4.3) - restriction: || (&& (< monoandroid) (< monotouch) (< net45) (>= netstandard1.3) (< win8) (< wpa81) (< xamarinios) (< xamarinmac) (< xamarintvos) (< xamarinwatchos)) (&& (< monoandroid) (< net45) (>= netstandard1.0) (< netstandard1.3) (< win8) (< wp8) (< wpa81))
    System.Xml.XmlDocument (4.3) - restriction: || (&& (< monoandroid) (< net45) (>= netstandard2.0) (< win8) (< wpa81) (< xamarinmac)) (&& (< monoandroid9.0) (< net45) (>= netstandard2.0) (< uap10.0) (< xamarinmac)) (&& (< net45) (>= net46) (>= netstandard2.0)) (&& (>= net46) (>= netstandard2.0) (>= uap10.0)) (>= netcoreapp2.1) (&& (>= netstandard2.0) (>= uap10.0) (< win8) (< wpa81)) (>= xamarinios)
      System.Collections (>= 4.3) - restriction: && (< monoandroid) (< monotouch) (< net46) (>= netstandard1.3) (< xamarinios) (< xamarinmac) (< xamarintvos) (< xamarinwatchos)
      System.Diagnostics.Debug (>= 4.3) - restriction: && (< monoandroid) (< monotouch) (< net46) (>= netstandard1.3) (< xamarinios) (< xamarinmac) (< xamarintvos) (< xamarinwatchos)
      System.Globalization (>= 4.3) - restriction: && (< monoandroid) (< monotouch) (< net46) (>= netstandard1.3) (< xamarinios) (< xamarinmac) (< xamarintvos) (< xamarinwatchos)
      System.IO (>= 4.3) - restriction: && (< monoandroid) (< monotouch) (< net46) (>= netstandard1.3) (< xamarinios) (< xamarinmac) (< xamarintvos) (< xamarinwatchos)
      System.Resources.ResourceManager (>= 4.3) - restriction: && (< monoandroid) (< monotouch) (< net46) (>= netstandard1.3) (< xamarinios) (< xamarinmac) (< xamarintvos) (< xamarinwatchos)
      System.Runtime (>= 4.3) - restriction: && (< monoandroid) (< monotouch) (< net46) (>= netstandard1.3) (< xamarinios) (< xamarinmac) (< xamarintvos) (< xamarinwatchos)
      System.Runtime.Extensions (>= 4.3) - restriction: && (< monoandroid) (< monotouch) (< net46) (>= netstandard1.3) (< xamarinios) (< xamarinmac) (< xamarintvos) (< xamarinwatchos)
      System.Text.Encoding (>= 4.3) - restriction: && (< monoandroid) (< monotouch) (< net46) (>= netstandard1.3) (< xamarinios) (< xamarinmac) (< xamarintvos) (< xamarinwatchos)
      System.Threading (>= 4.3) - restriction: && (< monoandroid) (< monotouch) (< net46) (>= netstandard1.3) (< xamarinios) (< xamarinmac) (< xamarintvos) (< xamarinwatchos)
      System.Xml.ReaderWriter (>= 4.3) - restriction: && (< monoandroid) (< monotouch) (< net46) (>= netstandard1.3) (< xamarinios) (< xamarinmac) (< xamarintvos) (< xamarinwatchos)
    System.Xml.XmlSerializer (4.3) - restriction: || (&& (< monoandroid) (< net45) (>= netstandard2.0) (< win8) (< wpa81) (< xamarinios) (< xamarinmac)) (>= netcoreapp2.1) (&& (>= netstandard2.0) (>= uap10.0) (< win8) (< wpa81))
      System.Collections (>= 4.3) - restriction: && (< monoandroid) (< monotouch) (< net45) (>= netstandard1.3) (< win8) (< wpa81) (< xamarinios) (< xamarinmac) (< xamarintvos) (< xamarinwatchos)
      System.Globalization (>= 4.3) - restriction: && (< monoandroid) (< monotouch) (< net45) (>= netstandard1.3) (< win8) (< wpa81) (< xamarinios) (< xamarinmac) (< xamarintvos) (< xamarinwatchos)
      System.IO (>= 4.3) - restriction: || (&& (< monoandroid) (< monotouch) (< net45) (>= netstandard1.3) (< win8) (< wpa81) (< xamarinios) (< xamarinmac) (< xamarintvos) (< xamarinwatchos)) (&& (< monoandroid) (< net45) (>= netstandard1.0) (< netstandard1.3) (< win8) (< wp8) (< wpa81))
      System.Linq (>= 4.3) - restriction: && (< monoandroid) (< monotouch) (< net45) (>= netstandard1.3) (< win8) (< wpa81) (< xamarinios) (< xamarinmac) (< xamarintvos) (< xamarinwatchos)
      System.Reflection (>= 4.3) - restriction: && (< monoandroid) (< monotouch) (< net45) (>= netstandard1.3) (< win8) (< wpa81) (< xamarinios) (< xamarinmac) (< xamarintvos) (< xamarinwatchos)
      System.Reflection.Emit (>= 4.3) - restriction: && (< monoandroid) (< monotouch) (< net45) (>= netstandard1.3) (< win8) (< wpa81) (< xamarinios) (< xamarinmac) (< xamarintvos) (< xamarinwatchos)
      System.Reflection.Emit.ILGeneration (>= 4.3) - restriction: && (< monoandroid) (< monotouch) (< net45) (>= netstandard1.3) (< win8) (< wpa81) (< xamarinios) (< xamarinmac) (< xamarintvos) (< xamarinwatchos)
      System.Reflection.Extensions (>= 4.3) - restriction: && (< monoandroid) (< monotouch) (< net45) (>= netstandard1.3) (< win8) (< wpa81) (< xamarinios) (< xamarinmac) (< xamarintvos) (< xamarinwatchos)
      System.Reflection.Primitives (>= 4.3) - restriction: && (< monoandroid) (< monotouch) (< net45) (>= netstandard1.3) (< win8) (< wpa81) (< xamarinios) (< xamarinmac) (< xamarintvos) (< xamarinwatchos)
      System.Reflection.TypeExtensions (>= 4.3) - restriction: && (< monoandroid) (< monotouch) (< net45) (>= netstandard1.3) (< win8) (< wpa81) (< xamarinios) (< xamarinmac) (< xamarintvos) (< xamarinwatchos)
      System.Resources.ResourceManager (>= 4.3) - restriction: && (< monoandroid) (< monotouch) (< net45) (>= netstandard1.3) (< win8) (< wpa81) (< xamarinios) (< xamarinmac) (< xamarintvos) (< xamarinwatchos)
      System.Runtime (>= 4.3) - restriction: || (&& (< monoandroid) (< monotouch) (< net45) (>= netstandard1.3) (< win8) (< wpa81) (< xamarinios) (< xamarinmac) (< xamarintvos) (< xamarinwatchos)) (&& (< monoandroid) (< net45) (>= netstandard1.0) (< netstandard1.3) (< win8) (< wp8) (< wpa81))
      System.Runtime.Extensions (>= 4.3) - restriction: && (< monoandroid) (< monotouch) (< net45) (>= netstandard1.3) (< win8) (< wpa81) (< xamarinios) (< xamarinmac) (< xamarintvos) (< xamarinwatchos)
      System.Text.RegularExpressions (>= 4.3) - restriction: && (< monoandroid) (< monotouch) (< net45) (>= netstandard1.3) (< win8) (< wpa81) (< xamarinios) (< xamarinmac) (< xamarintvos) (< xamarinwatchos)
      System.Threading (>= 4.3) - restriction: && (< monoandroid) (< monotouch) (< net45) (>= netstandard1.3) (< win8) (< wpa81) (< xamarinios) (< xamarinmac) (< xamarintvos) (< xamarinwatchos)
      System.Xml.ReaderWriter (>= 4.3) - restriction: || (&& (< monoandroid) (< monotouch) (< net45) (>= netstandard1.3) (< win8) (< wpa81) (< xamarinios) (< xamarinmac) (< xamarintvos) (< xamarinwatchos)) (&& (< monoandroid) (< net45) (>= netstandard1.0) (< netstandard1.3) (< win8) (< wp8) (< wpa81))
      System.Xml.XmlDocument (>= 4.3) - restriction: && (< monoandroid) (< monotouch) (< net45) (>= netstandard1.3) (< win8) (< wpa81) (< xamarinios) (< xamarinmac) (< xamarintvos) (< xamarinwatchos)
    Xamarin.Android.Arch.Core.Common (1.1.1.3) - restriction: >= monoandroid9.0
      Xamarin.Android.Support.Annotations (28.0.0.3) - restriction: >= monoandroid8.0
    Xamarin.Android.Arch.Core.Runtime (1.1.1.3) - restriction: >= monoandroid9.0
      Xamarin.Android.Arch.Core.Common (1.1.1.3) - restriction: >= monoandroid8.1
      Xamarin.Android.Support.Annotations (28.0.0.3) - restriction: >= monoandroid8.1
    Xamarin.Android.Arch.Lifecycle.Common (1.1.1.3) - restriction: >= monoandroid9.0
      Xamarin.Android.Support.Annotations (28.0.0.3) - restriction: >= monoandroid8.0
    Xamarin.Android.Arch.Lifecycle.LiveData (1.1.1.3) - restriction: >= monoandroid9.0
      Xamarin.Android.Arch.Core.Common (1.1.1.3) - restriction: >= monoandroid9.0
      Xamarin.Android.Arch.Core.Runtime (1.1.1.3) - restriction: >= monoandroid9.0
      Xamarin.Android.Arch.Lifecycle.LiveData.Core (1.1.1.3) - restriction: >= monoandroid9.0
    Xamarin.Android.Arch.Lifecycle.LiveData.Core (1.1.1.3) - restriction: >= monoandroid9.0
      Xamarin.Android.Arch.Core.Common (1.1.1.3) - restriction: >= monoandroid9.0
      Xamarin.Android.Arch.Core.Runtime (1.1.1.3) - restriction: >= monoandroid9.0
      Xamarin.Android.Arch.Lifecycle.Common (1.1.1.3) - restriction: >= monoandroid9.0
    Xamarin.Android.Arch.Lifecycle.Runtime (1.1.1.3) - restriction: >= monoandroid9.0
      Xamarin.Android.Arch.Core.Common (1.1.1.3) - restriction: >= monoandroid8.0
      Xamarin.Android.Arch.Lifecycle.Common (1.1.1.3) - restriction: >= monoandroid8.0
      Xamarin.Android.Support.Annotations (28.0.0.3) - restriction: >= monoandroid8.0
    Xamarin.Android.Arch.Lifecycle.ViewModel (1.1.1.3) - restriction: >= monoandroid9.0
      Xamarin.Android.Support.Annotations (28.0.0.3) - restriction: >= monoandroid9.0
    Xamarin.Android.Support.Animated.Vector.Drawable (28.0.0.3) - restriction: >= monoandroid9.0
      Xamarin.Android.Support.Core.UI (28.0.0.3) - restriction: >= monoandroid9.0
      Xamarin.Android.Support.Vector.Drawable (28.0.0.3) - restriction: >= monoandroid6.0
    Xamarin.Android.Support.Annotations (28.0.0.3) - restriction: >= monoandroid9.0
    Xamarin.Android.Support.AsyncLayoutInflater (28.0.0.3) - restriction: >= monoandroid9.0
      Xamarin.Android.Support.Annotations (28.0.0.3) - restriction: >= monoandroid9.0
      Xamarin.Android.Support.Compat (28.0.0.3) - restriction: >= monoandroid9.0
    Xamarin.Android.Support.Collections (28.0.0.3) - restriction: >= monoandroid9.0
      Xamarin.Android.Support.Annotations (28.0.0.3) - restriction: >= monoandroid9.0
    Xamarin.Android.Support.Compat (28.0.0.3) - restriction: >= monoandroid9.0
      Xamarin.Android.Arch.Lifecycle.Runtime (1.1.1.3) - restriction: >= monoandroid8.0
      Xamarin.Android.Support.Annotations (28.0.0.3) - restriction: >= monoandroid7.1
      Xamarin.Android.Support.Collections (28.0.0.3) - restriction: >= monoandroid9.0
      Xamarin.Android.Support.VersionedParcelable (28.0.0.3) - restriction: >= monoandroid9.0
    Xamarin.Android.Support.CoordinaterLayout (28.0.0.3) - restriction: >= monoandroid9.0
      Xamarin.Android.Support.Annotations (28.0.0.3) - restriction: >= monoandroid9.0
      Xamarin.Android.Support.Compat (28.0.0.3) - restriction: >= monoandroid9.0
      Xamarin.Android.Support.CustomView (28.0.0.3) - restriction: >= monoandroid9.0
    Xamarin.Android.Support.Core.UI (28.0.0.3) - restriction: >= monoandroid9.0
      Xamarin.Android.Support.Annotations (28.0.0.3) - restriction: >= monoandroid9.0
      Xamarin.Android.Support.AsyncLayoutInflater (28.0.0.3) - restriction: >= monoandroid9.0
      Xamarin.Android.Support.Compat (28.0.0.3) - restriction: >= monoandroid7.0
      Xamarin.Android.Support.CoordinaterLayout (28.0.0.3) - restriction: >= monoandroid9.0
      Xamarin.Android.Support.Core.Utils (28.0.0.3) - restriction: >= monoandroid9.0
      Xamarin.Android.Support.CursorAdapter (28.0.0.3) - restriction: >= monoandroid9.0
      Xamarin.Android.Support.CustomView (28.0.0.3) - restriction: >= monoandroid9.0
      Xamarin.Android.Support.DrawerLayout (28.0.0.3) - restriction: >= monoandroid9.0
      Xamarin.Android.Support.Interpolator (28.0.0.3) - restriction: >= monoandroid9.0
      Xamarin.Android.Support.SlidingPaneLayout (28.0.0.3) - restriction: >= monoandroid9.0
      Xamarin.Android.Support.SwipeRefreshLayout (28.0.0.3) - restriction: >= monoandroid9.0
      Xamarin.Android.Support.ViewPager (28.0.0.3) - restriction: >= monoandroid9.0
    Xamarin.Android.Support.Core.Utils (28.0.0.3) - restriction: >= monoandroid9.0
      Xamarin.Android.Support.Annotations (28.0.0.3) - restriction: >= monoandroid9.0
      Xamarin.Android.Support.Compat (28.0.0.3) - restriction: >= monoandroid7.0
      Xamarin.Android.Support.DocumentFile (28.0.0.3) - restriction: >= monoandroid9.0
      Xamarin.Android.Support.Loader (28.0.0.3) - restriction: >= monoandroid9.0
      Xamarin.Android.Support.LocalBroadcastManager (28.0.0.3) - restriction: >= monoandroid9.0
      Xamarin.Android.Support.Print (28.0.0.3) - restriction: >= monoandroid9.0
    Xamarin.Android.Support.CursorAdapter (28.0.0.3) - restriction: >= monoandroid9.0
      Xamarin.Android.Support.Annotations (28.0.0.3) - restriction: >= monoandroid9.0
    Xamarin.Android.Support.CustomTabs (28.0.0.3) - restriction: >= monoandroid9.0
      Xamarin.Android.Support.Annotations (28.0.0.3) - restriction: >= monoandroid9.0
      Xamarin.Android.Support.Collections (28.0.0.3) - restriction: >= monoandroid9.0
      Xamarin.Android.Support.Compat (28.0.0.3) - restriction: >= monoandroid7.0
      Xamarin.Android.Support.Core.UI (28.0.0.3) - restriction: >= monoandroid9.0
      Xamarin.Android.Support.Interpolator (28.0.0.3) - restriction: >= monoandroid9.0
    Xamarin.Android.Support.CustomView (28.0.0.3) - restriction: >= monoandroid9.0
      Xamarin.Android.Support.Annotations (28.0.0.3) - restriction: >= monoandroid9.0
      Xamarin.Android.Support.Compat (28.0.0.3) - restriction: >= monoandroid9.0
    Xamarin.Android.Support.DocumentFile (28.0.0.3) - restriction: >= monoandroid9.0
      Xamarin.Android.Support.Annotations (28.0.0.3) - restriction: >= monoandroid9.0
    Xamarin.Android.Support.DrawerLayout (28.0.0.3) - restriction: >= monoandroid9.0
      Xamarin.Android.Support.Annotations (28.0.0.3) - restriction: >= monoandroid9.0
      Xamarin.Android.Support.Compat (28.0.0.3) - restriction: >= monoandroid9.0
      Xamarin.Android.Support.CustomView (28.0.0.3) - restriction: >= monoandroid9.0
    Xamarin.Android.Support.Fragment (28.0.0.3) - restriction: >= monoandroid9.0
      Xamarin.Android.Arch.Lifecycle.ViewModel (1.1.1.3) - restriction: >= monoandroid9.0
      Xamarin.Android.Support.Annotations (28.0.0.3) - restriction: >= monoandroid9.0
      Xamarin.Android.Support.Compat (28.0.0.3) - restriction: >= monoandroid7.0
      Xamarin.Android.Support.Core.UI (28.0.0.3) - restriction: >= monoandroid7.0
      Xamarin.Android.Support.Core.Utils (28.0.0.3) - restriction: >= monoandroid7.0
      Xamarin.Android.Support.Loader (28.0.0.3) - restriction: >= monoandroid9.0
    Xamarin.Android.Support.Interpolator (28.0.0.3) - restriction: >= monoandroid9.0
      Xamarin.Android.Support.Annotations (28.0.0.3) - restriction: >= monoandroid9.0
    Xamarin.Android.Support.Loader (28.0.0.3) - restriction: >= monoandroid9.0
      Xamarin.Android.Arch.Lifecycle.LiveData (1.1.1.3) - restriction: >= monoandroid9.0
      Xamarin.Android.Arch.Lifecycle.ViewModel (1.1.1.3) - restriction: >= monoandroid9.0
      Xamarin.Android.Support.Annotations (28.0.0.3) - restriction: >= monoandroid9.0
      Xamarin.Android.Support.Compat (28.0.0.3) - restriction: >= monoandroid9.0
    Xamarin.Android.Support.LocalBroadcastManager (28.0.0.3) - restriction: >= monoandroid9.0
      Xamarin.Android.Support.Annotations (28.0.0.3) - restriction: >= monoandroid9.0
    Xamarin.Android.Support.Print (28.0.0.3) - restriction: >= monoandroid9.0
      Xamarin.Android.Support.Annotations (28.0.0.3) - restriction: >= monoandroid9.0
    Xamarin.Android.Support.SlidingPaneLayout (28.0.0.3) - restriction: >= monoandroid9.0
      Xamarin.Android.Support.Annotations (28.0.0.3) - restriction: >= monoandroid9.0
      Xamarin.Android.Support.Compat (28.0.0.3) - restriction: >= monoandroid9.0
      Xamarin.Android.Support.CustomView (28.0.0.3) - restriction: >= monoandroid9.0
    Xamarin.Android.Support.SwipeRefreshLayout (28.0.0.3) - restriction: >= monoandroid9.0
      Xamarin.Android.Support.Annotations (28.0.0.3) - restriction: >= monoandroid9.0
      Xamarin.Android.Support.Compat (28.0.0.3) - restriction: >= monoandroid9.0
      Xamarin.Android.Support.Interpolator (28.0.0.3) - restriction: >= monoandroid9.0
    Xamarin.Android.Support.v7.AppCompat (28.0.0.3) - restriction: >= monoandroid9.0
      Xamarin.Android.Support.Animated.Vector.Drawable (28.0.0.3) - restriction: >= monoandroid6.0
      Xamarin.Android.Support.Annotations (28.0.0.3) - restriction: >= monoandroid9.0
      Xamarin.Android.Support.Collections (28.0.0.3) - restriction: >= monoandroid9.0
      Xamarin.Android.Support.Compat (28.0.0.3) - restriction: >= monoandroid7.0
      Xamarin.Android.Support.Core.Utils (28.0.0.3) - restriction: >= monoandroid7.0
      Xamarin.Android.Support.CursorAdapter (28.0.0.3) - restriction: >= monoandroid9.0
      Xamarin.Android.Support.Fragment (28.0.0.3) - restriction: >= monoandroid7.0
      Xamarin.Android.Support.Vector.Drawable (28.0.0.3) - restriction: >= monoandroid6.0
    Xamarin.Android.Support.Vector.Drawable (28.0.0.3) - restriction: >= monoandroid9.0
      Xamarin.Android.Support.Annotations (28.0.0.3) - restriction: >= monoandroid9.0
      Xamarin.Android.Support.Compat (28.0.0.3) - restriction: >= monoandroid7.0
    Xamarin.Android.Support.VersionedParcelable (28.0.0.3) - restriction: >= monoandroid9.0
      Xamarin.Android.Support.Annotations (28.0.0.3) - restriction: >= monoandroid9.0
      Xamarin.Android.Support.Collections (28.0.0.3) - restriction: >= monoandroid9.0
    Xamarin.Android.Support.ViewPager (28.0.0.3) - restriction: >= monoandroid9.0
      Xamarin.Android.Support.Annotations (28.0.0.3) - restriction: >= monoandroid9.0
      Xamarin.Android.Support.Compat (28.0.0.3) - restriction: >= monoandroid9.0
      Xamarin.Android.Support.CustomView (28.0.0.3) - restriction: >= monoandroid9.0
    xunit (2.4.1) - restriction: || (>= net46) (>= netstandard2.0)
      xunit.analyzers (>= 0.10)
      xunit.assert (2.4.1)
      xunit.core (2.4.1)
    xunit.abstractions (2.0.3) - restriction: || (>= net46) (>= netstandard2.0)
    xunit.analyzers (0.10) - restriction: || (>= net46) (>= netstandard2.0)
    xunit.assert (2.4.1) - restriction: || (>= net46) (>= netstandard2.0)
      NETStandard.Library (>= 1.6.1) - restriction: && (< net452) (>= netstandard1.1)
    xunit.core (2.4.1) - restriction: || (>= net46) (>= netstandard2.0)
      xunit.extensibility.core (2.4.1)
      xunit.extensibility.execution (2.4.1)
    xunit.extensibility.core (2.4.1) - restriction: || (>= net46) (>= netstandard2.0)
      NETStandard.Library (>= 1.6.1) - restriction: && (< net452) (>= netstandard1.1)
      xunit.abstractions (>= 2.0.3) - restriction: >= netstandard1.1
    xunit.extensibility.execution (2.4.1) - restriction: || (>= net46) (>= netstandard2.0)
      NETStandard.Library (>= 1.6.1) - restriction: && (< net452) (>= netstandard1.1)
      xunit.extensibility.core (2.4.1) - restriction: >= netstandard1.1
    xunit.runner.visualstudio (2.4.1)
      Microsoft.NET.Test.Sdk (>= 15.0) - restriction: >= netcoreapp1.0

GROUP FakeBuild
STORAGE: NONE
NUGET
  remote: https://api.nuget.org/v3/index.json
    BlackFox.VsWhere (1.0) - restriction: || (>= net462) (>= netstandard2.0)
      FSharp.Core (>= 4.0.0.1) - restriction: >= net45
      FSharp.Core (>= 4.2.3) - restriction: && (< net45) (>= netstandard2.0)
    Fake.Core.CommandLineParsing (5.19) - restriction: || (>= net462) (>= netstandard2.0)
      FParsec (>= 1.0.3) - restriction: || (>= net462) (>= netstandard2.0)
      FSharp.Core (>= 4.7) - restriction: || (>= net462) (>= netstandard2.0)
      System.ValueTuple (>= 4.4) - restriction: >= net462
    Fake.Core.Context (5.19) - restriction: || (>= net462) (>= netstandard2.0)
      FSharp.Core (>= 4.7) - restriction: || (>= net462) (>= netstandard2.0)
      System.ValueTuple (>= 4.4) - restriction: >= net462
    Fake.Core.Environment (5.19) - restriction: || (>= net462) (>= netstandard2.0)
      FSharp.Core (>= 4.7) - restriction: || (>= net462) (>= netstandard2.0)
      System.ValueTuple (>= 4.4) - restriction: >= net462
    Fake.Core.FakeVar (5.19) - restriction: || (>= net462) (>= netstandard2.0)
      Fake.Core.Context (>= 5.19) - restriction: || (>= net462) (>= netstandard2.0)
      FSharp.Core (>= 4.7) - restriction: || (>= net462) (>= netstandard2.0)
      System.ValueTuple (>= 4.4) - restriction: >= net462
    Fake.Core.Process (5.19) - restriction: || (>= net462) (>= netstandard2.0)
      Fake.Core.Environment (>= 5.19) - restriction: || (>= net462) (>= netstandard2.0)
      Fake.Core.FakeVar (>= 5.19) - restriction: || (>= net462) (>= netstandard2.0)
      Fake.Core.String (>= 5.19) - restriction: || (>= net462) (>= netstandard2.0)
      Fake.Core.Trace (>= 5.19) - restriction: || (>= net462) (>= netstandard2.0)
      Fake.IO.FileSystem (>= 5.19) - restriction: || (>= net462) (>= netstandard2.0)
      FSharp.Core (>= 4.7) - restriction: || (>= net462) (>= netstandard2.0)
      System.Diagnostics.Process (>= 4.3) - restriction: || (>= net462) (>= netstandard2.0)
      System.ValueTuple (>= 4.4) - restriction: >= net462
    Fake.Core.SemVer (5.19) - restriction: || (>= net462) (>= netstandard2.0)
      FSharp.Core (>= 4.7) - restriction: || (>= net462) (>= netstandard2.0)
      System.Runtime.Numerics (>= 4.3) - restriction: || (>= net462) (>= netstandard2.0)
      System.ValueTuple (>= 4.4) - restriction: >= net462
    Fake.Core.String (5.19) - restriction: || (>= net462) (>= netstandard2.0)
      FSharp.Core (>= 4.7) - restriction: || (>= net462) (>= netstandard2.0)
      System.ValueTuple (>= 4.4) - restriction: >= net462
    Fake.Core.Target (5.19)
      Fake.Core.CommandLineParsing (>= 5.19) - restriction: || (>= net462) (>= netstandard2.0)
      Fake.Core.Context (>= 5.19) - restriction: || (>= net462) (>= netstandard2.0)
      Fake.Core.Environment (>= 5.19) - restriction: || (>= net462) (>= netstandard2.0)
      Fake.Core.FakeVar (>= 5.19) - restriction: || (>= net462) (>= netstandard2.0)
      Fake.Core.Process (>= 5.19) - restriction: || (>= net462) (>= netstandard2.0)
      Fake.Core.String (>= 5.19) - restriction: || (>= net462) (>= netstandard2.0)
      Fake.Core.Trace (>= 5.19) - restriction: || (>= net462) (>= netstandard2.0)
      FSharp.Control.Reactive (>= 4.2) - restriction: || (>= net462) (>= netstandard2.0)
      FSharp.Core (>= 4.7) - restriction: || (>= net462) (>= netstandard2.0)
      System.Reactive.Compatibility (>= 4.3.1) - restriction: || (>= net462) (>= netstandard2.0)
    Fake.Core.Tasks (5.19) - restriction: || (>= net462) (>= netstandard2.0)
      Fake.Core.Trace (>= 5.19) - restriction: || (>= net462) (>= netstandard2.0)
      FSharp.Core (>= 4.7) - restriction: || (>= net462) (>= netstandard2.0)
      System.ValueTuple (>= 4.4) - restriction: >= net462
    Fake.Core.Trace (5.19) - restriction: || (>= net462) (>= netstandard2.0)
      Fake.Core.Environment (>= 5.19) - restriction: || (>= net462) (>= netstandard2.0)
      Fake.Core.FakeVar (>= 5.19) - restriction: || (>= net462) (>= netstandard2.0)
      FSharp.Core (>= 4.7) - restriction: || (>= net462) (>= netstandard2.0)
      System.ValueTuple (>= 4.4) - restriction: >= net462
    Fake.Core.Xml (5.19) - restriction: || (>= net462) (>= netstandard2.0)
      Fake.Core.String (>= 5.19) - restriction: || (>= net462) (>= netstandard2.0)
      FSharp.Core (>= 4.7) - restriction: || (>= net462) (>= netstandard2.0)
      System.ValueTuple (>= 4.4) - restriction: >= net462
      System.Xml.ReaderWriter (>= 4.3.1) - restriction: && (< net462) (>= netstandard2.0)
      System.Xml.XDocument (>= 4.3) - restriction: && (< net462) (>= netstandard2.0)
      System.Xml.XPath (>= 4.3) - restriction: || (>= net462) (>= netstandard2.0)
      System.Xml.XPath.XDocument (>= 4.3) - restriction: || (>= net462) (>= netstandard2.0)
      System.Xml.XPath.XmlDocument (>= 4.3) - restriction: || (>= net462) (>= netstandard2.0)
    Fake.DotNet.Cli (5.19)
      Fake.Core.Environment (>= 5.19) - restriction: || (>= net462) (>= netstandard2.0)
      Fake.Core.Process (>= 5.19) - restriction: || (>= net462) (>= netstandard2.0)
      Fake.Core.String (>= 5.19) - restriction: || (>= net462) (>= netstandard2.0)
      Fake.Core.Trace (>= 5.19) - restriction: || (>= net462) (>= netstandard2.0)
      Fake.DotNet.MSBuild (>= 5.19) - restriction: || (>= net462) (>= netstandard2.0)
      Fake.DotNet.NuGet (>= 5.19) - restriction: || (>= net462) (>= netstandard2.0)
      Fake.IO.FileSystem (>= 5.19) - restriction: || (>= net462) (>= netstandard2.0)
      FSharp.Core (>= 4.7) - restriction: || (>= net462) (>= netstandard2.0)
      Mono.Posix.NETStandard (>= 1.0) - restriction: || (>= net462) (>= netstandard2.0)
      Newtonsoft.Json (>= 12.0.3) - restriction: || (>= net462) (>= netstandard2.0)
      System.ValueTuple (>= 4.4) - restriction: >= net462
    Fake.DotNet.MSBuild (5.19) - restriction: || (>= net462) (>= netstandard2.0)
      BlackFox.VsWhere (>= 1.0) - restriction: || (>= net462) (>= netstandard2.0)
      Fake.Core.Environment (>= 5.19) - restriction: || (>= net462) (>= netstandard2.0)
      Fake.Core.Process (>= 5.19) - restriction: || (>= net462) (>= netstandard2.0)
      Fake.Core.String (>= 5.19) - restriction: || (>= net462) (>= netstandard2.0)
      Fake.Core.Trace (>= 5.19) - restriction: || (>= net462) (>= netstandard2.0)
      Fake.IO.FileSystem (>= 5.19) - restriction: || (>= net462) (>= netstandard2.0)
      FSharp.Core (>= 4.7) - restriction: || (>= net462) (>= netstandard2.0)
      MSBuild.StructuredLogger (>= 2.0.152) - restriction: || (>= net462) (>= netstandard2.0)
      System.ValueTuple (>= 4.4) - restriction: >= net462
    Fake.DotNet.NuGet (5.19) - restriction: || (>= net462) (>= netstandard2.0)
      Fake.Core.Environment (>= 5.19) - restriction: || (>= net462) (>= netstandard2.0)
      Fake.Core.Process (>= 5.19) - restriction: || (>= net462) (>= netstandard2.0)
      Fake.Core.SemVer (>= 5.19) - restriction: || (>= net462) (>= netstandard2.0)
      Fake.Core.String (>= 5.19) - restriction: || (>= net462) (>= netstandard2.0)
      Fake.Core.Tasks (>= 5.19) - restriction: || (>= net462) (>= netstandard2.0)
      Fake.Core.Trace (>= 5.19) - restriction: || (>= net462) (>= netstandard2.0)
      Fake.Core.Xml (>= 5.19) - restriction: || (>= net462) (>= netstandard2.0)
      Fake.IO.FileSystem (>= 5.19) - restriction: || (>= net462) (>= netstandard2.0)
      Fake.Net.Http (>= 5.19) - restriction: || (>= net462) (>= netstandard2.0)
      FSharp.Core (>= 4.7) - restriction: || (>= net462) (>= netstandard2.0)
      Newtonsoft.Json (>= 12.0.3) - restriction: || (>= net462) (>= netstandard2.0)
      NuGet.Protocol (>= 4.9.4) - restriction: || (>= net462) (>= netstandard2.0)
      System.Net.Http (>= 4.3.4) - restriction: || (>= net462) (>= netstandard2.0)
      System.ValueTuple (>= 4.4) - restriction: >= net462
    Fake.IO.FileSystem (5.19) - restriction: || (>= net462) (>= netstandard2.0)
      Fake.Core.String (>= 5.19) - restriction: || (>= net462) (>= netstandard2.0)
      FSharp.Core (>= 4.7) - restriction: || (>= net462) (>= netstandard2.0)
      System.Diagnostics.FileVersionInfo (>= 4.3) - restriction: || (>= net462) (>= netstandard2.0)
      System.IO.FileSystem.Watcher (>= 4.3) - restriction: || (>= net462) (>= netstandard2.0)
      System.ValueTuple (>= 4.4) - restriction: >= net462
    Fake.Net.Http (5.19) - restriction: || (>= net462) (>= netstandard2.0)
      Fake.Core.Trace (>= 5.19) - restriction: || (>= net462) (>= netstandard2.0)
      FSharp.Core (>= 4.7) - restriction: || (>= net462) (>= netstandard2.0)
      System.Net.Http (>= 4.3.4) - restriction: || (>= net462) (>= netstandard2.0)
      System.ValueTuple (>= 4.4) - restriction: >= net462
    FParsec (1.1.1) - restriction: || (>= net462) (>= netstandard2.0)
      FSharp.Core (>= 4.3.4) - restriction: || (>= net45) (>= netstandard2.0)
      System.ValueTuple (>= 4.4) - restriction: >= net45
    FSharp.Control.Reactive (4.2) - restriction: || (>= net462) (>= netstandard2.0)
      FSharp.Core (>= 4.2.3) - restriction: || (>= net46) (>= netstandard2.0)
      System.Reactive (>= 4.0) - restriction: || (>= net46) (>= netstandard2.0)
    FSharp.Core (4.7) - restriction: || (>= net462) (>= netstandard2.0)
    Microsoft.Build (16.4) - restriction: || (>= net462) (>= netstandard2.0)
      Microsoft.Build.Framework (>= 16.4) - restriction: || (>= net472) (>= netcoreapp2.1)
      Microsoft.VisualStudio.Setup.Configuration.Interop (>= 1.16.30) - restriction: >= net472
      Microsoft.Win32.Registry (>= 4.3) - restriction: >= netcoreapp2.1
      System.Collections.Immutable (>= 1.5) - restriction: || (>= net472) (>= netcoreapp2.1)
      System.Diagnostics.TraceSource (>= 4.0) - restriction: >= netcoreapp2.1
      System.Memory (>= 4.5.3) - restriction: || (>= net472) (>= netcoreapp2.1)
      System.Reflection.Metadata (>= 1.6) - restriction: >= netcoreapp2.1
      System.Reflection.TypeExtensions (>= 4.1) - restriction: >= netcoreapp2.1
      System.Runtime.Loader (>= 4.0) - restriction: >= netcoreapp2.1
      System.Security.Principal.Windows (>= 4.3) - restriction: >= netcoreapp2.1
      System.Text.Encoding.CodePages (>= 4.0.1) - restriction: >= netcoreapp2.1
      System.Threading.Tasks.Dataflow (>= 4.9) - restriction: || (>= net472) (>= netcoreapp2.1)
    Microsoft.Build.Framework (16.4) - restriction: || (>= net462) (>= netstandard2.0)
      System.Runtime.Serialization.Primitives (>= 4.1.1) - restriction: && (< net472) (>= netstandard2.0)
      System.Threading.Thread (>= 4.0) - restriction: && (< net472) (>= netstandard2.0)
    Microsoft.Build.Tasks.Core (16.4) - restriction: || (>= net462) (>= netstandard2.0)
      Microsoft.Build.Framework (>= 16.4) - restriction: >= netstandard2.0
      Microsoft.Build.Utilities.Core (>= 16.4) - restriction: >= netstandard2.0
      Microsoft.VisualStudio.Setup.Configuration.Interop (>= 1.16.30) - restriction: >= net472
      Microsoft.Win32.Registry (>= 4.3) - restriction: && (< net472) (>= netstandard2.0)
      System.CodeDom (>= 4.4) - restriction: && (< net472) (>= netstandard2.0)
      System.Collections.Immutable (>= 1.5) - restriction: >= netstandard2.0
      System.Linq.Parallel (>= 4.0.1) - restriction: && (< net472) (>= netstandard2.0)
      System.Net.Http (>= 4.3.4) - restriction: && (< net472) (>= netstandard2.0)
      System.Reflection.Metadata (>= 1.6) - restriction: && (< net472) (>= netstandard2.0)
      System.Reflection.TypeExtensions (>= 4.1) - restriction: && (< net472) (>= netstandard2.0)
      System.Resources.Extensions (>= 4.6) - restriction: >= netstandard2.0
      System.Resources.Writer (>= 4.0) - restriction: && (< net472) (>= netstandard2.0)
      System.Threading.Tasks.Dataflow (>= 4.9) - restriction: >= netstandard2.0
    Microsoft.Build.Utilities.Core (16.4) - restriction: || (>= net462) (>= netstandard2.0)
      Microsoft.Build.Framework (>= 16.4) - restriction: >= netstandard2.0
      Microsoft.VisualStudio.Setup.Configuration.Interop (>= 1.16.30) - restriction: >= net472
      Microsoft.Win32.Registry (>= 4.3) - restriction: && (< net472) (>= netstandard2.0)
      System.Collections.Immutable (>= 1.5) - restriction: >= netstandard2.0
      System.Text.Encoding.CodePages (>= 4.0.1) - restriction: && (< net472) (>= netstandard2.0)
    Microsoft.NETCore.Platforms (3.1) - restriction: || (&& (< monoandroid) (< net45) (< netstandard1.3) (>= netstandard2.0) (< win8) (< wpa81)) (&& (< monoandroid) (< net45) (< netstandard1.6) (>= netstandard2.0) (< win8) (< wpa81)) (&& (< monoandroid) (< net45) (>= netstandard2.0) (< xamarinios) (< xamarinmac)) (&& (< monoandroid) (< netstandard1.1) (>= netstandard2.0) (< win8)) (&& (>= monotouch) (>= netcoreapp2.1)) (&& (< net45) (>= net462) (< netstandard1.3)) (&& (< net45) (>= net462) (>= netstandard1.6)) (&& (< net45) (>= net462) (< netstandard1.6)) (&& (>= net461) (>= netcoreapp2.1)) (&& (>= net462) (>= netcoreapp2.1)) (&& (>= net462) (< netstandard1.1)) (>= netcoreapp2.0) (&& (>= netcoreapp2.1) (< netcoreapp3.0)) (&& (>= netcoreapp2.1) (>= xamarintvos)) (&& (>= netcoreapp2.1) (>= xamarinwatchos))
    Microsoft.NETCore.Targets (3.1) - restriction: || (&& (< monoandroid) (< net45) (< netstandard1.3) (>= netstandard2.0) (< win8) (< wpa81)) (&& (< monoandroid) (< net45) (< netstandard1.6) (>= netstandard2.0) (< win8) (< wpa81)) (&& (< monoandroid) (< net45) (>= netstandard2.0) (< xamarinios) (< xamarinmac)) (&& (< monoandroid) (< netstandard1.1) (>= netstandard2.0) (< win8)) (&& (< net45) (>= net462) (< netstandard1.3)) (&& (< net45) (>= net462) (>= netstandard1.6)) (&& (< net45) (>= net462) (< netstandard1.6)) (&& (>= net462) (< netstandard1.1))
    Microsoft.VisualStudio.Setup.Configuration.Interop (1.16.30) - restriction: >= net472
    Microsoft.Win32.Primitives (4.3) - restriction: || (&& (< monoandroid) (< net46) (>= netstandard2.0) (< xamarinios) (< xamarinmac)) (&& (< net46) (>= net462))
      Microsoft.NETCore.Platforms (>= 1.1) - restriction: && (< monoandroid) (< monotouch) (< net46) (>= netstandard1.3) (< xamarinios) (< xamarinmac) (< xamarintvos) (< xamarinwatchos)
      Microsoft.NETCore.Targets (>= 1.1) - restriction: && (< monoandroid) (< monotouch) (< net46) (>= netstandard1.3) (< xamarinios) (< xamarinmac) (< xamarintvos) (< xamarinwatchos)
      System.Runtime (>= 4.3) - restriction: && (< monoandroid) (< monotouch) (< net46) (>= netstandard1.3) (< xamarinios) (< xamarinmac) (< xamarintvos) (< xamarinwatchos)
    Microsoft.Win32.Registry (4.7) - restriction: || (&& (< monoandroid) (< net46) (>= netstandard2.0) (< xamarinios) (< xamarinmac)) (&& (< net46) (>= net462)) (&& (< net472) (>= netstandard2.0)) (>= netcoreapp2.1)
      System.Buffers (>= 4.5) - restriction: || (&& (>= monoandroid) (< netstandard2.0)) (>= monotouch) (&& (< net46) (< netcoreapp2.0) (>= netstandard2.0)) (>= xamarinios) (>= xamarinmac) (>= xamarintvos) (>= xamarinwatchos)
      System.Memory (>= 4.5.3) - restriction: || (&& (< net46) (< netcoreapp2.0) (>= netstandard2.0) (< xamarinios) (< xamarinmac)) (&& (>= netcoreapp2.0) (< netcoreapp2.1)) (>= uap10.1)
      System.Security.AccessControl (>= 4.7) - restriction: || (&& (>= monoandroid) (< netstandard2.0)) (>= monotouch) (&& (< net46) (>= netstandard2.0)) (>= net461) (>= netcoreapp2.0) (>= xamarinios) (>= xamarinmac) (>= xamarintvos) (>= xamarinwatchos)
      System.Security.Principal.Windows (>= 4.7) - restriction: || (&& (>= monoandroid) (< netstandard2.0)) (>= monotouch) (&& (< net46) (>= netstandard2.0)) (>= net461) (>= netcoreapp2.0) (>= xamarinios) (>= xamarinmac) (>= xamarintvos) (>= xamarinwatchos)
    Mono.Posix.NETStandard (1.0) - restriction: || (>= net462) (>= netstandard2.0)
    MSBuild.StructuredLogger (2.0.174) - restriction: || (>= net462) (>= netstandard2.0)
      Microsoft.Build (>= 14.3) - restriction: >= net46
      Microsoft.Build (>= 15.8.166) - restriction: && (< net46) (>= netstandard2.0)
      Microsoft.Build.Framework (>= 14.3) - restriction: >= net46
      Microsoft.Build.Framework (>= 15.8.166) - restriction: && (< net46) (>= netstandard2.0)
      Microsoft.Build.Tasks.Core (>= 14.3) - restriction: >= net46
      Microsoft.Build.Tasks.Core (>= 15.8.166) - restriction: && (< net46) (>= netstandard2.0)
      Microsoft.Build.Utilities.Core (>= 14.3) - restriction: >= net46
      Microsoft.Build.Utilities.Core (>= 15.8.166) - restriction: && (< net46) (>= netstandard2.0)
    Newtonsoft.Json (12.0.3) - restriction: || (>= net462) (>= netstandard2.0)
    NuGet.Common (5.4) - restriction: >= netstandard2.0
      NuGet.Frameworks (>= 5.4) - restriction: >= netstandard2.0
      System.Diagnostics.Process (>= 4.3) - restriction: && (< net472) (>= netstandard2.0)
      System.Threading.Thread (>= 4.3) - restriction: && (< net472) (>= netstandard2.0)
    NuGet.Configuration (5.4) - restriction: >= netstandard2.0
      NuGet.Common (>= 5.4) - restriction: >= netstandard2.0
      System.Security.Cryptography.ProtectedData (>= 4.3) - restriction: && (< net472) (>= netstandard2.0)
    NuGet.Frameworks (5.4) - restriction: >= netstandard2.0
    NuGet.Packaging (5.4) - restriction: >= netstandard2.0
      Newtonsoft.Json (>= 9.0.1) - restriction: >= netstandard2.0
      NuGet.Configuration (>= 5.4) - restriction: >= netstandard2.0
      NuGet.Versioning (>= 5.4) - restriction: >= netstandard2.0
      System.Dynamic.Runtime (>= 4.3) - restriction: && (< net472) (>= netstandard2.0)
    NuGet.Protocol (5.4) - restriction: || (>= net462) (>= netstandard2.0)
      NuGet.Packaging (>= 5.4) - restriction: >= netstandard2.0
      System.Dynamic.Runtime (>= 4.3) - restriction: && (< net472) (>= netstandard2.0)
    NuGet.Versioning (5.4) - restriction: >= netstandard2.0
    runtime.debian.8-x64.runtime.native.System.Security.Cryptography.OpenSsl (4.3.3) - restriction: || (&& (< monoandroid) (< net45) (>= netstandard2.0) (< xamarinios) (< xamarinmac)) (&& (< net45) (>= net462) (>= netstandard1.6))
    runtime.debian.9-x64.runtime.native.System.Security.Cryptography.OpenSsl (4.3.3) - restriction: || (&& (< monoandroid) (< net45) (>= netstandard2.0) (< xamarinios) (< xamarinmac)) (&& (< net45) (>= net462) (>= netstandard1.6))
    runtime.fedora.23-x64.runtime.native.System.Security.Cryptography.OpenSsl (4.3.3) - restriction: || (&& (< monoandroid) (< net45) (>= netstandard2.0) (< xamarinios) (< xamarinmac)) (&& (< net45) (>= net462) (>= netstandard1.6))
    runtime.fedora.24-x64.runtime.native.System.Security.Cryptography.OpenSsl (4.3.3) - restriction: || (&& (< monoandroid) (< net45) (>= netstandard2.0) (< xamarinios) (< xamarinmac)) (&& (< net45) (>= net462) (>= netstandard1.6))
    runtime.fedora.27-x64.runtime.native.System.Security.Cryptography.OpenSsl (4.3.3) - restriction: || (&& (< monoandroid) (< net45) (>= netstandard2.0) (< xamarinios) (< xamarinmac)) (&& (< net45) (>= net462) (>= netstandard1.6))
    runtime.fedora.28-x64.runtime.native.System.Security.Cryptography.OpenSsl (4.3.3) - restriction: || (&& (< monoandroid) (< net45) (>= netstandard2.0) (< xamarinios) (< xamarinmac)) (&& (< net45) (>= net462) (>= netstandard1.6))
    runtime.native.System (4.3.1) - restriction: || (&& (< monoandroid) (< net45) (>= netstandard2.0) (< xamarinios) (< xamarinmac)) (&& (< net45) (>= net462) (>= netstandard1.6)) (>= netcoreapp2.1)
      Microsoft.NETCore.Platforms (>= 1.1.1)
      Microsoft.NETCore.Targets (>= 1.1.3)
    runtime.native.System.Net.Http (4.3.1) - restriction: || (&& (< monoandroid) (< net45) (>= netstandard2.0) (< xamarinios) (< xamarinmac)) (&& (< net45) (>= net462) (>= netstandard1.6))
      Microsoft.NETCore.Platforms (>= 1.1.1)
      Microsoft.NETCore.Targets (>= 1.1.3)
    runtime.native.System.Security.Cryptography.Apple (4.3.1) - restriction: || (&& (< monoandroid) (< net45) (>= netstandard2.0) (< xamarinios) (< xamarinmac)) (&& (< net45) (>= net462) (>= netstandard1.6))
      runtime.osx.10.10-x64.runtime.native.System.Security.Cryptography.Apple (>= 4.3.1)
    runtime.native.System.Security.Cryptography.OpenSsl (4.3.3) - restriction: || (&& (< monoandroid) (< net45) (>= netstandard2.0) (< xamarinios) (< xamarinmac)) (&& (< net45) (>= net462) (>= netstandard1.6))
      runtime.debian.8-x64.runtime.native.System.Security.Cryptography.OpenSsl (>= 4.3.3)
      runtime.debian.9-x64.runtime.native.System.Security.Cryptography.OpenSsl (>= 4.3.3)
      runtime.fedora.23-x64.runtime.native.System.Security.Cryptography.OpenSsl (>= 4.3.3)
      runtime.fedora.24-x64.runtime.native.System.Security.Cryptography.OpenSsl (>= 4.3.3)
      runtime.fedora.27-x64.runtime.native.System.Security.Cryptography.OpenSsl (>= 4.3.3)
      runtime.fedora.28-x64.runtime.native.System.Security.Cryptography.OpenSsl (>= 4.3.3)
      runtime.opensuse.13.2-x64.runtime.native.System.Security.Cryptography.OpenSsl (>= 4.3.3)
      runtime.opensuse.42.1-x64.runtime.native.System.Security.Cryptography.OpenSsl (>= 4.3.3)
      runtime.opensuse.42.3-x64.runtime.native.System.Security.Cryptography.OpenSsl (>= 4.3.3)
      runtime.osx.10.10-x64.runtime.native.System.Security.Cryptography.OpenSsl (>= 4.3.3)
      runtime.rhel.7-x64.runtime.native.System.Security.Cryptography.OpenSsl (>= 4.3.3)
      runtime.ubuntu.14.04-x64.runtime.native.System.Security.Cryptography.OpenSsl (>= 4.3.3)
      runtime.ubuntu.16.04-x64.runtime.native.System.Security.Cryptography.OpenSsl (>= 4.3.3)
      runtime.ubuntu.16.10-x64.runtime.native.System.Security.Cryptography.OpenSsl (>= 4.3.3)
      runtime.ubuntu.18.04-x64.runtime.native.System.Security.Cryptography.OpenSsl (>= 4.3.3)
    runtime.opensuse.13.2-x64.runtime.native.System.Security.Cryptography.OpenSsl (4.3.3) - restriction: || (&& (< monoandroid) (< net45) (>= netstandard2.0) (< xamarinios) (< xamarinmac)) (&& (< net45) (>= net462) (>= netstandard1.6))
    runtime.opensuse.42.1-x64.runtime.native.System.Security.Cryptography.OpenSsl (4.3.3) - restriction: || (&& (< monoandroid) (< net45) (>= netstandard2.0) (< xamarinios) (< xamarinmac)) (&& (< net45) (>= net462) (>= netstandard1.6))
    runtime.opensuse.42.3-x64.runtime.native.System.Security.Cryptography.OpenSsl (4.3.3) - restriction: || (&& (< monoandroid) (< net45) (>= netstandard2.0) (< xamarinios) (< xamarinmac)) (&& (< net45) (>= net462) (>= netstandard1.6))
    runtime.osx.10.10-x64.runtime.native.System.Security.Cryptography.Apple (4.3.1) - restriction: || (&& (< monoandroid) (< net45) (>= netstandard2.0) (< xamarinios) (< xamarinmac)) (&& (< net45) (>= net462) (>= netstandard1.6))
    runtime.osx.10.10-x64.runtime.native.System.Security.Cryptography.OpenSsl (4.3.3) - restriction: || (&& (< monoandroid) (< net45) (>= netstandard2.0) (< xamarinios) (< xamarinmac)) (&& (< net45) (>= net462) (>= netstandard1.6))
    runtime.rhel.7-x64.runtime.native.System.Security.Cryptography.OpenSsl (4.3.3) - restriction: || (&& (< monoandroid) (< net45) (>= netstandard2.0) (< xamarinios) (< xamarinmac)) (&& (< net45) (>= net462) (>= netstandard1.6))
    runtime.ubuntu.14.04-x64.runtime.native.System.Security.Cryptography.OpenSsl (4.3.3) - restriction: || (&& (< monoandroid) (< net45) (>= netstandard2.0) (< xamarinios) (< xamarinmac)) (&& (< net45) (>= net462) (>= netstandard1.6))
    runtime.ubuntu.16.04-x64.runtime.native.System.Security.Cryptography.OpenSsl (4.3.3) - restriction: || (&& (< monoandroid) (< net45) (>= netstandard2.0) (< xamarinios) (< xamarinmac)) (&& (< net45) (>= net462) (>= netstandard1.6))
    runtime.ubuntu.16.10-x64.runtime.native.System.Security.Cryptography.OpenSsl (4.3.3) - restriction: || (&& (< monoandroid) (< net45) (>= netstandard2.0) (< xamarinios) (< xamarinmac)) (&& (< net45) (>= net462) (>= netstandard1.6))
    runtime.ubuntu.18.04-x64.runtime.native.System.Security.Cryptography.OpenSsl (4.3.3) - restriction: || (&& (< monoandroid) (< net45) (>= netstandard2.0) (< xamarinios) (< xamarinmac)) (&& (< net45) (>= net462) (>= netstandard1.6))
    System.Buffers (4.5) - restriction: || (&& (>= monoandroid) (>= net462) (< netstandard2.0)) (&& (< monoandroid) (< net46) (< netcoreapp2.0) (>= netstandard2.0) (< xamarinios) (< xamarinmac)) (&& (>= monotouch) (>= net462)) (&& (>= monotouch) (>= netcoreapp2.1)) (&& (>= monotouch) (>= netstandard2.0)) (&& (< net46) (>= net462) (>= netstandard2.0)) (&& (>= net461) (>= netcoreapp2.1)) (&& (>= net462) (>= xamarinios)) (&& (>= net462) (>= xamarinmac)) (&& (>= net462) (>= xamarintvos)) (&& (>= net462) (>= xamarinwatchos)) (>= net472) (&& (< netcoreapp2.0) (>= netcoreapp2.1)) (&& (>= netcoreapp2.1) (< netstandard1.1)) (&& (>= netcoreapp2.1) (< netstandard2.0)) (&& (>= netcoreapp2.1) (>= xamarinios)) (&& (>= netcoreapp2.1) (>= xamarinmac)) (&& (>= netcoreapp2.1) (>= xamarintvos)) (&& (>= netcoreapp2.1) (>= xamarinwatchos)) (&& (>= netstandard2.0) (>= xamarintvos)) (&& (>= netstandard2.0) (>= xamarinwatchos))
    System.CodeDom (4.7) - restriction: && (< net472) (>= netstandard2.0)
    System.Collections (4.3) - restriction: || (&& (< monoandroid) (< net45) (< netstandard1.6) (>= netstandard2.0) (< win8) (< wpa81)) (&& (< monoandroid) (< net45) (>= netstandard2.0) (< xamarinios) (< xamarinmac)) (&& (< net45) (>= net462) (>= netstandard1.6)) (&& (< net45) (>= net462) (< netstandard1.6)) (>= netcoreapp2.1)
      Microsoft.NETCore.Platforms (>= 1.1) - restriction: || (&& (< monoandroid) (< monotouch) (< net45) (>= netstandard1.3) (< win8) (< wpa81) (< xamarinios) (< xamarinmac) (< xamarintvos) (< xamarinwatchos)) (&& (< monoandroid) (< net45) (>= netstandard1.0) (< netstandard1.3) (< win8) (< wp8) (< wpa81))
      Microsoft.NETCore.Targets (>= 1.1) - restriction: || (&& (< monoandroid) (< monotouch) (< net45) (>= netstandard1.3) (< win8) (< wpa81) (< xamarinios) (< xamarinmac) (< xamarintvos) (< xamarinwatchos)) (&& (< monoandroid) (< net45) (>= netstandard1.0) (< netstandard1.3) (< win8) (< wp8) (< wpa81))
      System.Runtime (>= 4.3) - restriction: || (&& (< monoandroid) (< monotouch) (< net45) (>= netstandard1.3) (< win8) (< wpa81) (< xamarinios) (< xamarinmac) (< xamarintvos) (< xamarinwatchos)) (&& (< monoandroid) (< net45) (>= netstandard1.0) (< netstandard1.3) (< win8) (< wp8) (< wpa81))
    System.Collections.Concurrent (4.3) - restriction: || (&& (< monoandroid) (< net45) (< netstandard1.3) (>= netstandard2.0) (< win8) (< wpa81)) (&& (< monoandroid) (< net45) (< netstandard1.6) (>= netstandard2.0) (< win8) (< wpa81)) (&& (< monoandroid) (< net45) (>= netstandard2.0) (< xamarinios) (< xamarinmac)) (&& (< net45) (>= net462) (>= netstandard1.6)) (&& (< net45) (>= net462) (< netstandard1.6))
      System.Collections (>= 4.3) - restriction: && (< monoandroid) (< monotouch) (< net45) (>= netstandard1.3) (< win8) (< wpa81) (< xamarinios) (< xamarinmac) (< xamarintvos) (< xamarinwatchos)
      System.Diagnostics.Debug (>= 4.3) - restriction: && (< monoandroid) (< monotouch) (< net45) (>= netstandard1.3) (< win8) (< wpa81) (< xamarinios) (< xamarinmac) (< xamarintvos) (< xamarinwatchos)
      System.Diagnostics.Tracing (>= 4.3) - restriction: && (< monoandroid) (< monotouch) (< net45) (>= netstandard1.3) (< win8) (< wpa81) (< xamarinios) (< xamarinmac) (< xamarintvos) (< xamarinwatchos)
      System.Globalization (>= 4.3) - restriction: && (< monoandroid) (< monotouch) (< net45) (>= netstandard1.3) (< win8) (< wpa81) (< xamarinios) (< xamarinmac) (< xamarintvos) (< xamarinwatchos)
      System.Reflection (>= 4.3) - restriction: && (< monoandroid) (< monotouch) (< net45) (>= netstandard1.3) (< win8) (< wpa81) (< xamarinios) (< xamarinmac) (< xamarintvos) (< xamarinwatchos)
      System.Resources.ResourceManager (>= 4.3) - restriction: && (< monoandroid) (< monotouch) (< net45) (>= netstandard1.3) (< win8) (< wpa81) (< xamarinios) (< xamarinmac) (< xamarintvos) (< xamarinwatchos)
      System.Runtime (>= 4.3) - restriction: || (&& (< monoandroid) (< monotouch) (< net45) (>= netstandard1.3) (< win8) (< wpa81) (< xamarinios) (< xamarinmac) (< xamarintvos) (< xamarinwatchos)) (&& (< monoandroid) (< net45) (>= netstandard1.1) (< netstandard1.3) (< win8) (< wpa81))
      System.Runtime.Extensions (>= 4.3) - restriction: && (< monoandroid) (< monotouch) (< net45) (>= netstandard1.3) (< win8) (< wpa81) (< xamarinios) (< xamarinmac) (< xamarintvos) (< xamarinwatchos)
      System.Threading (>= 4.3) - restriction: && (< monoandroid) (< monotouch) (< net45) (>= netstandard1.3) (< win8) (< wpa81) (< xamarinios) (< xamarinmac) (< xamarintvos) (< xamarinwatchos)
      System.Threading.Tasks (>= 4.3) - restriction: || (&& (< monoandroid) (< monotouch) (< net45) (>= netstandard1.3) (< win8) (< wpa81) (< xamarinios) (< xamarinmac) (< xamarintvos) (< xamarinwatchos)) (&& (< monoandroid) (< net45) (>= netstandard1.1) (< netstandard1.3) (< win8) (< wpa81))
    System.Collections.Immutable (1.7) - restriction: || (&& (< net46) (>= net462)) (&& (>= net462) (< netstandard1.1)) (&& (>= net462) (>= wpa81)) (>= netstandard2.0)
      System.Memory (>= 4.5.3) - restriction: || (&& (< monoandroid) (< monotouch) (< net45) (>= netstandard1.3) (< netstandard2.0) (< win8) (< wpa81) (< xamarintvos) (< xamarinwatchos)) (&& (< net45) (< netcoreapp2.1) (>= netstandard2.0) (< xamarinios) (< xamarinmac)) (>= net46) (>= uap10.1)
    System.ComponentModel (4.3) - restriction: || (&& (>= net462) (>= uap10.0)) (&& (>= netstandard2.0) (>= uap10.0))
    System.Diagnostics.Debug (4.3) - restriction: || (&& (< monoandroid) (< net45) (< netstandard1.6) (>= netstandard2.0) (< win8) (< wpa81)) (&& (< monoandroid) (< net45) (>= netstandard2.0) (< xamarinios) (< xamarinmac)) (&& (< net45) (>= net462) (>= netstandard1.6)) (&& (< net45) (>= net462) (< netstandard1.6)) (>= netcoreapp2.1)
      Microsoft.NETCore.Platforms (>= 1.1) - restriction: || (&& (< monoandroid) (< monotouch) (< net45) (>= netstandard1.3) (< win8) (< wpa81) (< xamarinios) (< xamarinmac) (< xamarintvos) (< xamarinwatchos)) (&& (< monoandroid) (< net45) (>= netstandard1.0) (< netstandard1.3) (< win8) (< wp8) (< wpa81))
      Microsoft.NETCore.Targets (>= 1.1) - restriction: || (&& (< monoandroid) (< monotouch) (< net45) (>= netstandard1.3) (< win8) (< wpa81) (< xamarinios) (< xamarinmac) (< xamarintvos) (< xamarinwatchos)) (&& (< monoandroid) (< net45) (>= netstandard1.0) (< netstandard1.3) (< win8) (< wp8) (< wpa81))
      System.Runtime (>= 4.3) - restriction: || (&& (< monoandroid) (< monotouch) (< net45) (>= netstandard1.3) (< win8) (< wpa81) (< xamarinios) (< xamarinmac) (< xamarintvos) (< xamarinwatchos)) (&& (< monoandroid) (< net45) (>= netstandard1.0) (< netstandard1.3) (< win8) (< wp8) (< wpa81))
    System.Diagnostics.DiagnosticSource (4.7) - restriction: || (&& (< monoandroid) (< net45) (< netstandard1.6) (>= netstandard2.0) (< win8) (< wpa81)) (&& (< monoandroid) (< net45) (>= netstandard2.0) (< xamarinios) (< xamarinmac)) (&& (< net45) (>= net462) (>= netstandard1.6)) (&& (< net45) (>= net462) (< netstandard1.6))
      System.Memory (>= 4.5.3) - restriction: || (&& (< monoandroid) (< monotouch) (< net45) (>= netstandard1.3) (< netstandard2.0) (< win8) (< wpa81) (< xamarintvos) (< xamarinwatchos)) (&& (>= net45) (< netstandard1.3)) (&& (< net45) (< netcoreapp2.1) (>= netstandard2.0) (< xamarinios) (< xamarinmac)) (>= net46) (>= uap10.1)
    System.Diagnostics.FileVersionInfo (4.3) - restriction: || (>= net462) (>= netstandard2.0)
      Microsoft.NETCore.Platforms (>= 1.1) - restriction: && (< monoandroid) (< monotouch) (< net46) (>= netstandard1.3) (< xamarinios) (< xamarinmac) (< xamarintvos) (< xamarinwatchos)
      System.Globalization (>= 4.3) - restriction: && (< monoandroid) (< monotouch) (< net46) (>= netstandard1.3) (< xamarinios) (< xamarinmac) (< xamarintvos) (< xamarinwatchos)
      System.IO (>= 4.3) - restriction: && (< monoandroid) (< monotouch) (< net46) (>= netstandard1.3) (< xamarinios) (< xamarinmac) (< xamarintvos) (< xamarinwatchos)
      System.IO.FileSystem (>= 4.3) - restriction: && (< monoandroid) (< monotouch) (< net46) (>= netstandard1.3) (< xamarinios) (< xamarinmac) (< xamarintvos) (< xamarinwatchos)
      System.IO.FileSystem.Primitives (>= 4.3) - restriction: && (< monoandroid) (< monotouch) (< net46) (>= netstandard1.3) (< xamarinios) (< xamarinmac) (< xamarintvos) (< xamarinwatchos)
      System.Reflection.Metadata (>= 1.4.1) - restriction: && (< monoandroid) (< monotouch) (< net46) (>= netstandard1.3) (< xamarinios) (< xamarinmac) (< xamarintvos) (< xamarinwatchos)
      System.Runtime (>= 4.3) - restriction: && (< monoandroid) (< monotouch) (< net46) (>= netstandard1.3) (< xamarinios) (< xamarinmac) (< xamarintvos) (< xamarinwatchos)
      System.Runtime.Extensions (>= 4.3) - restriction: && (< monoandroid) (< monotouch) (< net46) (>= netstandard1.3) (< xamarinios) (< xamarinmac) (< xamarintvos) (< xamarinwatchos)
      System.Runtime.InteropServices (>= 4.3) - restriction: && (< monoandroid) (< monotouch) (< net46) (>= netstandard1.3) (< xamarinios) (< xamarinmac) (< xamarintvos) (< xamarinwatchos)
    System.Diagnostics.Process (4.3) - restriction: || (>= net462) (>= netstandard2.0)
      Microsoft.NETCore.Platforms (>= 1.1) - restriction: && (< monoandroid) (< monotouch) (< net46) (>= netstandard1.4) (< xamarinios) (< xamarinmac) (< xamarintvos) (< xamarinwatchos)
      Microsoft.Win32.Primitives (>= 4.3) - restriction: && (< monoandroid) (< monotouch) (< net46) (>= netstandard1.4) (< xamarinios) (< xamarinmac) (< xamarintvos) (< xamarinwatchos)
      Microsoft.Win32.Registry (>= 4.3) - restriction: && (< monoandroid) (< monotouch) (< net46) (>= netstandard1.4) (< xamarinios) (< xamarinmac) (< xamarintvos) (< xamarinwatchos)
      runtime.native.System (>= 4.3) - restriction: && (< monoandroid) (< monotouch) (< net46) (>= netstandard1.4) (< xamarinios) (< xamarinmac) (< xamarintvos) (< xamarinwatchos)
      System.Collections (>= 4.3) - restriction: && (< monoandroid) (< monotouch) (< net46) (>= netstandard1.4) (< xamarinios) (< xamarinmac) (< xamarintvos) (< xamarinwatchos)
      System.Diagnostics.Debug (>= 4.3) - restriction: && (< monoandroid) (< monotouch) (< net46) (>= netstandard1.4) (< xamarinios) (< xamarinmac) (< xamarintvos) (< xamarinwatchos)
      System.Globalization (>= 4.3) - restriction: && (< monoandroid) (< monotouch) (< net46) (>= netstandard1.4) (< xamarinios) (< xamarinmac) (< xamarintvos) (< xamarinwatchos)
      System.IO (>= 4.3) - restriction: || (&& (< monoandroid) (< monotouch) (< net46) (>= netstandard1.4) (< xamarinios) (< xamarinmac) (< xamarintvos) (< xamarinwatchos)) (&& (< monoandroid) (< net46) (>= netstandard1.3) (< netstandard1.4))
      System.IO.FileSystem (>= 4.3) - restriction: && (< monoandroid) (< monotouch) (< net46) (>= netstandard1.4) (< xamarinios) (< xamarinmac) (< xamarintvos) (< xamarinwatchos)
      System.IO.FileSystem.Primitives (>= 4.3) - restriction: && (< monoandroid) (< monotouch) (< net46) (>= netstandard1.4) (< xamarinios) (< xamarinmac) (< xamarintvos) (< xamarinwatchos)
      System.Resources.ResourceManager (>= 4.3) - restriction: && (< monoandroid) (< monotouch) (< net46) (>= netstandard1.4) (< xamarinios) (< xamarinmac) (< xamarintvos) (< xamarinwatchos)
      System.Runtime (>= 4.3) - restriction: || (&& (< monoandroid) (< monotouch) (< net46) (>= netstandard1.4) (< xamarinios) (< xamarinmac) (< xamarintvos) (< xamarinwatchos)) (&& (< monoandroid) (< net46) (>= netstandard1.3) (< netstandard1.4))
      System.Runtime.Extensions (>= 4.3) - restriction: && (< monoandroid) (< monotouch) (< net46) (>= netstandard1.4) (< xamarinios) (< xamarinmac) (< xamarintvos) (< xamarinwatchos)
      System.Runtime.Handles (>= 4.3) - restriction: || (&& (< monoandroid) (< monotouch) (< net46) (>= netstandard1.4) (< xamarinios) (< xamarinmac) (< xamarintvos) (< xamarinwatchos)) (&& (< monoandroid) (< net46) (>= netstandard1.3) (< netstandard1.4))
      System.Runtime.InteropServices (>= 4.3) - restriction: && (< monoandroid) (< monotouch) (< net46) (>= netstandard1.4) (< xamarinios) (< xamarinmac) (< xamarintvos) (< xamarinwatchos)
      System.Text.Encoding (>= 4.3) - restriction: || (&& (< monoandroid) (< monotouch) (< net46) (>= netstandard1.4) (< xamarinios) (< xamarinmac) (< xamarintvos) (< xamarinwatchos)) (&& (< monoandroid) (< net46) (>= netstandard1.3) (< netstandard1.4))
      System.Text.Encoding.Extensions (>= 4.3) - restriction: && (< monoandroid) (< monotouch) (< net46) (>= netstandard1.4) (< xamarinios) (< xamarinmac) (< xamarintvos) (< xamarinwatchos)
      System.Threading (>= 4.3) - restriction: && (< monoandroid) (< monotouch) (< net46) (>= netstandard1.4) (< xamarinios) (< xamarinmac) (< xamarintvos) (< xamarinwatchos)
      System.Threading.Tasks (>= 4.3) - restriction: && (< monoandroid) (< monotouch) (< net46) (>= netstandard1.4) (< xamarinios) (< xamarinmac) (< xamarintvos) (< xamarinwatchos)
      System.Threading.Thread (>= 4.3) - restriction: && (< monoandroid) (< monotouch) (< net46) (>= netstandard1.4) (< xamarinios) (< xamarinmac) (< xamarintvos) (< xamarinwatchos)
      System.Threading.ThreadPool (>= 4.3) - restriction: && (< monoandroid) (< monotouch) (< net46) (>= netstandard1.4) (< xamarinios) (< xamarinmac) (< xamarintvos) (< xamarinwatchos)
    System.Diagnostics.Tools (4.3) - restriction: && (< monoandroid) (< net45) (>= netstandard2.0) (< win8) (< wpa81) (< xamarinios) (< xamarinmac)
      Microsoft.NETCore.Platforms (>= 1.1) - restriction: && (< monoandroid) (< monotouch) (< net45) (>= netstandard1.0) (< win8) (< wp8) (< wpa81) (< xamarinios) (< xamarinmac) (< xamarintvos) (< xamarinwatchos)
      Microsoft.NETCore.Targets (>= 1.1) - restriction: && (< monoandroid) (< monotouch) (< net45) (>= netstandard1.0) (< win8) (< wp8) (< wpa81) (< xamarinios) (< xamarinmac) (< xamarintvos) (< xamarinwatchos)
      System.Runtime (>= 4.3) - restriction: && (< monoandroid) (< monotouch) (< net45) (>= netstandard1.0) (< win8) (< wp8) (< wpa81) (< xamarinios) (< xamarinmac) (< xamarintvos) (< xamarinwatchos)
    System.Diagnostics.TraceSource (4.3) - restriction: >= netcoreapp2.1
      Microsoft.NETCore.Platforms (>= 1.1) - restriction: && (< monoandroid) (< monotouch) (< net46) (>= netstandard1.3) (< xamarinios) (< xamarinmac) (< xamarintvos) (< xamarinwatchos)
      runtime.native.System (>= 4.3) - restriction: && (< monoandroid) (< monotouch) (< net46) (>= netstandard1.3) (< xamarinios) (< xamarinmac) (< xamarintvos) (< xamarinwatchos)
      System.Collections (>= 4.3) - restriction: && (< monoandroid) (< monotouch) (< net46) (>= netstandard1.3) (< xamarinios) (< xamarinmac) (< xamarintvos) (< xamarinwatchos)
      System.Diagnostics.Debug (>= 4.3) - restriction: && (< monoandroid) (< monotouch) (< net46) (>= netstandard1.3) (< xamarinios) (< xamarinmac) (< xamarintvos) (< xamarinwatchos)
      System.Globalization (>= 4.3) - restriction: && (< monoandroid) (< monotouch) (< net46) (>= netstandard1.3) (< xamarinios) (< xamarinmac) (< xamarintvos) (< xamarinwatchos)
      System.Resources.ResourceManager (>= 4.3) - restriction: && (< monoandroid) (< monotouch) (< net46) (>= netstandard1.3) (< xamarinios) (< xamarinmac) (< xamarintvos) (< xamarinwatchos)
      System.Runtime (>= 4.3) - restriction: && (< monoandroid) (< monotouch) (< net46) (>= netstandard1.3) (< xamarinios) (< xamarinmac) (< xamarintvos) (< xamarinwatchos)
      System.Runtime.Extensions (>= 4.3) - restriction: && (< monoandroid) (< monotouch) (< net46) (>= netstandard1.3) (< xamarinios) (< xamarinmac) (< xamarintvos) (< xamarinwatchos)
      System.Threading (>= 4.3) - restriction: && (< monoandroid) (< monotouch) (< net46) (>= netstandard1.3) (< xamarinios) (< xamarinmac) (< xamarintvos) (< xamarinwatchos)
    System.Diagnostics.Tracing (4.3) - restriction: || (&& (< monoandroid) (< net45) (< netstandard1.6) (>= netstandard2.0) (< win8) (< wpa81)) (&& (< monoandroid) (< net45) (>= netstandard2.0) (< xamarinios) (< xamarinmac)) (&& (< net45) (>= net462) (>= netstandard1.6)) (&& (< net45) (>= net462) (< netstandard1.6))
      Microsoft.NETCore.Platforms (>= 1.1) - restriction: || (&& (< monoandroid) (< monotouch) (< net45) (>= netstandard1.5) (< win8) (< wpa81) (< xamarinios) (< xamarinmac) (< xamarintvos) (< xamarinwatchos)) (&& (< monoandroid) (< net45) (>= netstandard1.1) (< netstandard1.2) (< win8)) (&& (< monoandroid) (< net45) (>= netstandard1.2) (< netstandard1.3) (< win8) (< wpa81)) (&& (< monoandroid) (< net45) (>= netstandard1.3) (< netstandard1.5) (< win8) (< wpa81))
      Microsoft.NETCore.Targets (>= 1.1) - restriction: || (&& (< monoandroid) (< monotouch) (< net45) (>= netstandard1.5) (< win8) (< wpa81) (< xamarinios) (< xamarinmac) (< xamarintvos) (< xamarinwatchos)) (&& (< monoandroid) (< net45) (>= netstandard1.1) (< netstandard1.2) (< win8)) (&& (< monoandroid) (< net45) (>= netstandard1.2) (< netstandard1.3) (< win8) (< wpa81)) (&& (< monoandroid) (< net45) (>= netstandard1.3) (< netstandard1.5) (< win8) (< wpa81))
      System.Runtime (>= 4.3) - restriction: || (&& (< monoandroid) (< monotouch) (< net45) (>= netstandard1.5) (< win8) (< wpa81) (< xamarinios) (< xamarinmac) (< xamarintvos) (< xamarinwatchos)) (&& (< monoandroid) (< net45) (>= netstandard1.1) (< netstandard1.2) (< win8)) (&& (< monoandroid) (< net45) (>= netstandard1.2) (< netstandard1.3) (< win8) (< wpa81)) (&& (< monoandroid) (< net45) (>= netstandard1.3) (< netstandard1.5) (< win8) (< wpa81))
    System.Dynamic.Runtime (4.3) - restriction: || (&& (>= net462) (>= uap10.0)) (&& (< net472) (>= netstandard2.0)) (&& (>= netstandard2.0) (>= uap10.0))
      System.Collections (>= 4.3) - restriction: && (< monoandroid) (< monotouch) (< net45) (>= netstandard1.3) (< win8) (< wpa81) (< xamarinios) (< xamarinmac) (< xamarintvos) (< xamarinwatchos)
      System.Diagnostics.Debug (>= 4.3) - restriction: && (< monoandroid) (< monotouch) (< net45) (>= netstandard1.3) (< win8) (< wpa81) (< xamarinios) (< xamarinmac) (< xamarintvos) (< xamarinwatchos)
      System.Linq (>= 4.3) - restriction: && (< monoandroid) (< monotouch) (< net45) (>= netstandard1.3) (< win8) (< wpa81) (< xamarinios) (< xamarinmac) (< xamarintvos) (< xamarinwatchos)
      System.Linq.Expressions (>= 4.3) - restriction: || (&& (< monoandroid) (< monotouch) (< net45) (>= netstandard1.3) (< win8) (< wpa81) (< xamarinios) (< xamarinmac) (< xamarintvos) (< xamarinwatchos)) (&& (< monoandroid) (< net45) (>= netstandard1.0) (< netstandard1.3) (< win8) (< wp8) (< wpa81))
      System.ObjectModel (>= 4.3) - restriction: || (&& (< monoandroid) (< monotouch) (< net45) (>= netstandard1.3) (< win8) (< wpa81) (< xamarinios) (< xamarinmac) (< xamarintvos) (< xamarinwatchos)) (&& (< monoandroid) (< net45) (>= netstandard1.0) (< netstandard1.3) (< win8) (< wp8) (< wpa81))
      System.Reflection (>= 4.3) - restriction: || (&& (< monoandroid) (< monotouch) (< net45) (>= netstandard1.3) (< win8) (< wpa81) (< xamarinios) (< xamarinmac) (< xamarintvos) (< xamarinwatchos)) (&& (< monoandroid) (< net45) (>= netstandard1.0) (< netstandard1.3) (< win8) (< wp8) (< wpa81))
      System.Reflection.Emit (>= 4.3) - restriction: && (< monoandroid) (< monotouch) (< net45) (>= netstandard1.3) (< win8) (< wpa81) (< xamarinios) (< xamarinmac) (< xamarintvos) (< xamarinwatchos)
      System.Reflection.Emit.ILGeneration (>= 4.3) - restriction: && (< monoandroid) (< monotouch) (< net45) (>= netstandard1.3) (< win8) (< wpa81) (< xamarinios) (< xamarinmac) (< xamarintvos) (< xamarinwatchos)
      System.Reflection.Primitives (>= 4.3) - restriction: && (< monoandroid) (< monotouch) (< net45) (>= netstandard1.3) (< win8) (< wpa81) (< xamarinios) (< xamarinmac) (< xamarintvos) (< xamarinwatchos)
      System.Reflection.TypeExtensions (>= 4.3) - restriction: && (< monoandroid) (< monotouch) (< net45) (>= netstandard1.3) (< win8) (< wpa81) (< xamarinios) (< xamarinmac) (< xamarintvos) (< xamarinwatchos)
      System.Resources.ResourceManager (>= 4.3) - restriction: && (< monoandroid) (< monotouch) (< net45) (>= netstandard1.3) (< win8) (< wpa81) (< xamarinios) (< xamarinmac) (< xamarintvos) (< xamarinwatchos)
      System.Runtime (>= 4.3) - restriction: || (&& (< monoandroid) (< monotouch) (< net45) (>= netstandard1.3) (< win8) (< wpa81) (< xamarinios) (< xamarinmac) (< xamarintvos) (< xamarinwatchos)) (&& (< monoandroid) (< net45) (>= netstandard1.0) (< netstandard1.3) (< win8) (< wp8) (< wpa81))
      System.Runtime.Extensions (>= 4.3) - restriction: && (< monoandroid) (< monotouch) (< net45) (>= netstandard1.3) (< win8) (< wpa81) (< xamarinios) (< xamarinmac) (< xamarintvos) (< xamarinwatchos)
      System.Threading (>= 4.3) - restriction: && (< monoandroid) (< monotouch) (< net45) (>= netstandard1.3) (< win8) (< wpa81) (< xamarinios) (< xamarinmac) (< xamarintvos) (< xamarinwatchos)
    System.Globalization (4.3) - restriction: || (&& (< monoandroid) (< net45) (< netstandard1.6) (>= netstandard2.0) (< win8) (< wpa81)) (&& (< monoandroid) (< net45) (>= netstandard2.0) (< xamarinios) (< xamarinmac)) (&& (< net45) (>= net462) (>= netstandard1.6)) (&& (< net45) (>= net462) (< netstandard1.6)) (>= netcoreapp2.1)
      Microsoft.NETCore.Platforms (>= 1.1) - restriction: || (&& (< monoandroid) (< monotouch) (< net45) (>= netstandard1.3) (< win8) (< wpa81) (< xamarinios) (< xamarinmac) (< xamarintvos) (< xamarinwatchos)) (&& (< monoandroid) (< net45) (>= netstandard1.0) (< netstandard1.3) (< win8) (< wp8) (< wpa81))
      Microsoft.NETCore.Targets (>= 1.1) - restriction: || (&& (< monoandroid) (< monotouch) (< net45) (>= netstandard1.3) (< win8) (< wpa81) (< xamarinios) (< xamarinmac) (< xamarintvos) (< xamarinwatchos)) (&& (< monoandroid) (< net45) (>= netstandard1.0) (< netstandard1.3) (< win8) (< wp8) (< wpa81))
      System.Runtime (>= 4.3) - restriction: || (&& (< monoandroid) (< monotouch) (< net45) (>= netstandard1.3) (< win8) (< wpa81) (< xamarinios) (< xamarinmac) (< xamarintvos) (< xamarinwatchos)) (&& (< monoandroid) (< net45) (>= netstandard1.0) (< netstandard1.3) (< win8) (< wp8) (< wpa81))
    System.Globalization.Calendars (4.3) - restriction: || (&& (< monoandroid) (< net45) (< netstandard1.6) (>= netstandard2.0) (< win8) (< wpa81)) (&& (< monoandroid) (< net45) (>= netstandard2.0) (< xamarinios) (< xamarinmac)) (&& (< net46) (>= net462) (>= netstandard1.6))
      Microsoft.NETCore.Platforms (>= 1.1) - restriction: && (< monoandroid) (< monotouch) (< net46) (>= netstandard1.3) (< xamarinios) (< xamarinmac) (< xamarintvos) (< xamarinwatchos)
      Microsoft.NETCore.Targets (>= 1.1) - restriction: && (< monoandroid) (< monotouch) (< net46) (>= netstandard1.3) (< xamarinios) (< xamarinmac) (< xamarintvos) (< xamarinwatchos)
      System.Globalization (>= 4.3) - restriction: && (< monoandroid) (< monotouch) (< net46) (>= netstandard1.3) (< xamarinios) (< xamarinmac) (< xamarintvos) (< xamarinwatchos)
      System.Runtime (>= 4.3) - restriction: && (< monoandroid) (< monotouch) (< net46) (>= netstandard1.3) (< xamarinios) (< xamarinmac) (< xamarintvos) (< xamarinwatchos)
    System.Globalization.Extensions (4.3) - restriction: || (&& (< monoandroid) (< net45) (>= netstandard2.0) (< xamarinios) (< xamarinmac)) (&& (< net45) (>= net462) (>= netstandard1.6))
      Microsoft.NETCore.Platforms (>= 1.1) - restriction: && (< monoandroid) (< monotouch) (< net46) (>= netstandard1.3) (< xamarinios) (< xamarinmac) (< xamarintvos) (< xamarinwatchos)
      System.Globalization (>= 4.3) - restriction: && (< monoandroid) (< monotouch) (< net46) (>= netstandard1.3) (< xamarinios) (< xamarinmac) (< xamarintvos) (< xamarinwatchos)
      System.Resources.ResourceManager (>= 4.3) - restriction: && (< monoandroid) (< monotouch) (< net46) (>= netstandard1.3) (< xamarinios) (< xamarinmac) (< xamarintvos) (< xamarinwatchos)
      System.Runtime (>= 4.3) - restriction: && (< monoandroid) (< monotouch) (< net46) (>= netstandard1.3) (< xamarinios) (< xamarinmac) (< xamarintvos) (< xamarinwatchos)
      System.Runtime.Extensions (>= 4.3) - restriction: && (< monoandroid) (< monotouch) (< net46) (>= netstandard1.3) (< xamarinios) (< xamarinmac) (< xamarintvos) (< xamarinwatchos)
      System.Runtime.InteropServices (>= 4.3) - restriction: && (< monoandroid) (< monotouch) (< net46) (>= netstandard1.3) (< xamarinios) (< xamarinmac) (< xamarintvos) (< xamarinwatchos)
    System.IO (4.3) - restriction: || (&& (< monoandroid) (< net45) (< netstandard1.3) (>= netstandard2.0) (< win8) (< wpa81)) (&& (< monoandroid) (< net45) (< netstandard1.6) (>= netstandard2.0) (< win8) (< wpa81)) (&& (< monoandroid) (< net45) (>= netstandard2.0) (< xamarinios) (< xamarinmac)) (&& (< net45) (>= net462) (< netstandard1.3)) (&& (< net45) (>= net462) (>= netstandard1.6)) (&& (< net45) (>= net462) (< netstandard1.6)) (>= netcoreapp2.1)
      Microsoft.NETCore.Platforms (>= 1.1) - restriction: || (&& (< monoandroid) (< monotouch) (< net45) (>= netstandard1.5) (< win8) (< wpa81) (< xamarinios) (< xamarinmac) (< xamarintvos) (< xamarinwatchos)) (&& (< monoandroid) (< net45) (>= netstandard1.0) (< netstandard1.3) (< win8) (< wp8) (< wpa81)) (&& (< monoandroid) (< net45) (>= netstandard1.3) (< netstandard1.5) (< win8) (< wpa81))
      Microsoft.NETCore.Targets (>= 1.1) - restriction: || (&& (< monoandroid) (< monotouch) (< net45) (>= netstandard1.5) (< win8) (< wpa81) (< xamarinios) (< xamarinmac) (< xamarintvos) (< xamarinwatchos)) (&& (< monoandroid) (< net45) (>= netstandard1.0) (< netstandard1.3) (< win8) (< wp8) (< wpa81)) (&& (< monoandroid) (< net45) (>= netstandard1.3) (< netstandard1.5) (< win8) (< wpa81))
      System.Runtime (>= 4.3) - restriction: || (&& (< monoandroid) (< monotouch) (< net45) (>= netstandard1.5) (< win8) (< wpa81) (< xamarinios) (< xamarinmac) (< xamarintvos) (< xamarinwatchos)) (&& (< monoandroid) (< net45) (>= netstandard1.0) (< netstandard1.3) (< win8) (< wp8) (< wpa81)) (&& (< monoandroid) (< net45) (>= netstandard1.3) (< netstandard1.5) (< win8) (< wpa81))
      System.Text.Encoding (>= 4.3) - restriction: || (&& (< monoandroid) (< monotouch) (< net45) (>= netstandard1.5) (< win8) (< wpa81) (< xamarinios) (< xamarinmac) (< xamarintvos) (< xamarinwatchos)) (&& (< monoandroid) (< net45) (>= netstandard1.0) (< netstandard1.3) (< win8) (< wp8) (< wpa81)) (&& (< monoandroid) (< net45) (>= netstandard1.3) (< netstandard1.5) (< win8) (< wpa81))
      System.Threading.Tasks (>= 4.3) - restriction: || (&& (< monoandroid) (< monotouch) (< net45) (>= netstandard1.5) (< win8) (< wpa81) (< xamarinios) (< xamarinmac) (< xamarintvos) (< xamarinwatchos)) (&& (< monoandroid) (< net45) (>= netstandard1.0) (< netstandard1.3) (< win8) (< wp8) (< wpa81)) (&& (< monoandroid) (< net45) (>= netstandard1.3) (< netstandard1.5) (< win8) (< wpa81))
    System.IO.FileSystem (4.3) - restriction: || (&& (< monoandroid) (< net45) (>= netstandard2.0) (< xamarinios) (< xamarinmac)) (&& (< net45) (>= net462) (>= netstandard1.6))
      Microsoft.NETCore.Platforms (>= 1.1) - restriction: && (< monoandroid) (< monotouch) (< net46) (>= netstandard1.3) (< xamarinios) (< xamarinmac) (< xamarintvos) (< xamarinwatchos)
      Microsoft.NETCore.Targets (>= 1.1) - restriction: && (< monoandroid) (< monotouch) (< net46) (>= netstandard1.3) (< xamarinios) (< xamarinmac) (< xamarintvos) (< xamarinwatchos)
      System.IO (>= 4.3) - restriction: && (< monoandroid) (< monotouch) (< net46) (>= netstandard1.3) (< xamarinios) (< xamarinmac) (< xamarintvos) (< xamarinwatchos)
      System.IO.FileSystem.Primitives (>= 4.3) - restriction: || (&& (< monoandroid) (< monotouch) (>= netstandard1.3) (< xamarinios) (< xamarinmac) (< xamarintvos) (< xamarinwatchos)) (>= net46)
      System.Runtime (>= 4.3) - restriction: && (< monoandroid) (< monotouch) (< net46) (>= netstandard1.3) (< xamarinios) (< xamarinmac) (< xamarintvos) (< xamarinwatchos)
      System.Runtime.Handles (>= 4.3) - restriction: && (< monoandroid) (< monotouch) (< net46) (>= netstandard1.3) (< xamarinios) (< xamarinmac) (< xamarintvos) (< xamarinwatchos)
      System.Text.Encoding (>= 4.3) - restriction: && (< monoandroid) (< monotouch) (< net46) (>= netstandard1.3) (< xamarinios) (< xamarinmac) (< xamarintvos) (< xamarinwatchos)
      System.Threading.Tasks (>= 4.3) - restriction: && (< monoandroid) (< monotouch) (< net46) (>= netstandard1.3) (< xamarinios) (< xamarinmac) (< xamarintvos) (< xamarinwatchos)
    System.IO.FileSystem.Primitives (4.3) - restriction: || (&& (< monoandroid) (< net45) (>= netstandard2.0) (< win8) (< wpa81) (< xamarinios) (< xamarinmac)) (&& (< monoandroid) (< net46) (>= netstandard2.0) (< xamarinios) (< xamarinmac)) (&& (< net46) (>= net462))
      System.Runtime (>= 4.3) - restriction: && (< monoandroid) (< monotouch) (< net46) (>= netstandard1.3) (< xamarinios) (< xamarinmac) (< xamarintvos) (< xamarinwatchos)
    System.IO.FileSystem.Watcher (4.3) - restriction: || (>= net462) (>= netstandard2.0)
      Microsoft.NETCore.Platforms (>= 1.1) - restriction: && (< monoandroid) (< monotouch) (< net46) (>= netstandard1.3) (< xamarinios) (< xamarinmac) (< xamarintvos) (< xamarinwatchos)
      Microsoft.Win32.Primitives (>= 4.3) - restriction: && (< monoandroid) (< monotouch) (< net46) (>= netstandard1.3) (< xamarinios) (< xamarinmac) (< xamarintvos) (< xamarinwatchos)
      runtime.native.System (>= 4.3) - restriction: && (< monoandroid) (< monotouch) (< net46) (>= netstandard1.3) (< xamarinios) (< xamarinmac) (< xamarintvos) (< xamarinwatchos)
      System.Collections (>= 4.3) - restriction: && (< monoandroid) (< monotouch) (< net46) (>= netstandard1.3) (< xamarinios) (< xamarinmac) (< xamarintvos) (< xamarinwatchos)
      System.IO.FileSystem (>= 4.3) - restriction: && (< monoandroid) (< monotouch) (< net46) (>= netstandard1.3) (< xamarinios) (< xamarinmac) (< xamarintvos) (< xamarinwatchos)
      System.IO.FileSystem.Primitives (>= 4.3) - restriction: && (< monoandroid) (< monotouch) (< net46) (>= netstandard1.3) (< xamarinios) (< xamarinmac) (< xamarintvos) (< xamarinwatchos)
      System.Resources.ResourceManager (>= 4.3) - restriction: && (< monoandroid) (< monotouch) (< net46) (>= netstandard1.3) (< xamarinios) (< xamarinmac) (< xamarintvos) (< xamarinwatchos)
      System.Runtime (>= 4.3) - restriction: && (< monoandroid) (< monotouch) (< net46) (>= netstandard1.3) (< xamarinios) (< xamarinmac) (< xamarintvos) (< xamarinwatchos)
      System.Runtime.Extensions (>= 4.3) - restriction: && (< monoandroid) (< monotouch) (< net46) (>= netstandard1.3) (< xamarinios) (< xamarinmac) (< xamarintvos) (< xamarinwatchos)
      System.Runtime.Handles (>= 4.3) - restriction: && (< monoandroid) (< monotouch) (< net46) (>= netstandard1.3) (< xamarinios) (< xamarinmac) (< xamarintvos) (< xamarinwatchos)
      System.Runtime.InteropServices (>= 4.3) - restriction: && (< monoandroid) (< monotouch) (< net46) (>= netstandard1.3) (< xamarinios) (< xamarinmac) (< xamarintvos) (< xamarinwatchos)
      System.Text.Encoding (>= 4.3) - restriction: && (< monoandroid) (< monotouch) (< net46) (>= netstandard1.3) (< xamarinios) (< xamarinmac) (< xamarintvos) (< xamarinwatchos)
      System.Threading (>= 4.3) - restriction: && (< monoandroid) (< monotouch) (< net46) (>= netstandard1.3) (< xamarinios) (< xamarinmac) (< xamarintvos) (< xamarinwatchos)
      System.Threading.Overlapped (>= 4.3) - restriction: && (< monoandroid) (< monotouch) (< net46) (>= netstandard1.3) (< xamarinios) (< xamarinmac) (< xamarintvos) (< xamarinwatchos)
      System.Threading.Tasks (>= 4.3) - restriction: && (< monoandroid) (< monotouch) (< net46) (>= netstandard1.3) (< xamarinios) (< xamarinmac) (< xamarintvos) (< xamarinwatchos)
      System.Threading.Thread (>= 4.3) - restriction: && (< monoandroid) (< monotouch) (< net46) (>= netstandard1.3) (< xamarinios) (< xamarinmac) (< xamarintvos) (< xamarinwatchos)
    System.Linq (4.3) - restriction: || (&& (< monoandroid) (< net45) (>= netstandard2.0) (< win8) (< wpa81) (< xamarinios) (< xamarinmac)) (&& (< monoandroid) (< net46) (>= netstandard2.0) (< xamarinios) (< xamarinmac)) (&& (< net46) (>= net462))
      System.Collections (>= 4.3) - restriction: || (&& (< monoandroid) (< monotouch) (< net45) (>= netstandard1.6) (< xamarinios) (< xamarinmac) (< xamarintvos) (< xamarinwatchos)) (&& (< monoandroid) (< net45) (>= netstandard1.0) (< netstandard1.6) (< win8) (< wp8) (< wpa81))
      System.Diagnostics.Debug (>= 4.3) - restriction: && (< monoandroid) (< monotouch) (< net45) (>= netstandard1.6) (< xamarinios) (< xamarinmac) (< xamarintvos) (< xamarinwatchos)
      System.Resources.ResourceManager (>= 4.3) - restriction: && (< monoandroid) (< monotouch) (< net45) (>= netstandard1.6) (< xamarinios) (< xamarinmac) (< xamarintvos) (< xamarinwatchos)
      System.Runtime (>= 4.3) - restriction: || (&& (< monoandroid) (< monotouch) (< net45) (>= netstandard1.6) (< xamarinios) (< xamarinmac) (< xamarintvos) (< xamarinwatchos)) (&& (< monoandroid) (< net45) (>= netstandard1.0) (< netstandard1.6) (< win8) (< wp8) (< wpa81))
      System.Runtime.Extensions (>= 4.3) - restriction: && (< monoandroid) (< monotouch) (< net45) (>= netstandard1.6) (< xamarinios) (< xamarinmac) (< xamarintvos) (< xamarinwatchos)
    System.Linq.Expressions (4.3) - restriction: || (&& (< monoandroid) (< net45) (< netstandard1.3) (>= netstandard2.0) (< win8) (< wpa81)) (&& (< monoandroid) (< net45) (>= netstandard2.0) (< win8) (< wpa81) (< xamarinios) (< xamarinmac))
      System.Collections (>= 4.3) - restriction: && (< monoandroid) (< monotouch) (< net45) (>= netstandard1.6) (< xamarinios) (< xamarinmac) (< xamarintvos) (< xamarinwatchos)
      System.Diagnostics.Debug (>= 4.3) - restriction: && (< monoandroid) (< monotouch) (< net45) (>= netstandard1.6) (< xamarinios) (< xamarinmac) (< xamarintvos) (< xamarinwatchos)
      System.Globalization (>= 4.3) - restriction: && (< monoandroid) (< monotouch) (< net45) (>= netstandard1.6) (< xamarinios) (< xamarinmac) (< xamarintvos) (< xamarinwatchos)
      System.IO (>= 4.3) - restriction: && (< monoandroid) (< monotouch) (< net45) (>= netstandard1.6) (< xamarinios) (< xamarinmac) (< xamarintvos) (< xamarinwatchos)
      System.Linq (>= 4.3) - restriction: && (< monoandroid) (< monotouch) (< net45) (>= netstandard1.6) (< xamarinios) (< xamarinmac) (< xamarintvos) (< xamarinwatchos)
      System.ObjectModel (>= 4.3) - restriction: && (< monoandroid) (< monotouch) (< net45) (>= netstandard1.6) (< xamarinios) (< xamarinmac) (< xamarintvos) (< xamarinwatchos)
      System.Reflection (>= 4.3) - restriction: || (&& (< monoandroid) (< monotouch) (< net45) (>= netstandard1.6) (< xamarinios) (< xamarinmac) (< xamarintvos) (< xamarinwatchos)) (&& (< monoandroid) (< net45) (>= netstandard1.0) (< netstandard1.3) (< win8) (< wp8) (< wpa81)) (&& (< monoandroid) (< net45) (>= netstandard1.3) (< netstandard1.6) (< win8) (< wpa81))
      System.Reflection.Emit (>= 4.3) - restriction: && (< monoandroid) (< monotouch) (< net45) (>= netstandard1.6) (< xamarinios) (< xamarinmac) (< xamarintvos) (< xamarinwatchos)
      System.Reflection.Emit.ILGeneration (>= 4.3) - restriction: && (< monoandroid) (< monotouch) (< net45) (>= netstandard1.6) (< xamarinios) (< xamarinmac) (< xamarintvos) (< xamarinwatchos)
      System.Reflection.Emit.Lightweight (>= 4.3) - restriction: && (< monoandroid) (< monotouch) (< net45) (>= netstandard1.6) (< xamarinios) (< xamarinmac) (< xamarintvos) (< xamarinwatchos)
      System.Reflection.Extensions (>= 4.3) - restriction: && (< monoandroid) (< monotouch) (< net45) (>= netstandard1.6) (< xamarinios) (< xamarinmac) (< xamarintvos) (< xamarinwatchos)
      System.Reflection.Primitives (>= 4.3) - restriction: && (< monoandroid) (< monotouch) (< net45) (>= netstandard1.6) (< xamarinios) (< xamarinmac) (< xamarintvos) (< xamarinwatchos)
      System.Reflection.TypeExtensions (>= 4.3) - restriction: && (< monoandroid) (< monotouch) (< net45) (>= netstandard1.6) (< xamarinios) (< xamarinmac) (< xamarintvos) (< xamarinwatchos)
      System.Resources.ResourceManager (>= 4.3) - restriction: && (< monoandroid) (< monotouch) (< net45) (>= netstandard1.6) (< xamarinios) (< xamarinmac) (< xamarintvos) (< xamarinwatchos)
      System.Runtime (>= 4.3) - restriction: || (&& (< monoandroid) (< monotouch) (< net45) (>= netstandard1.6) (< xamarinios) (< xamarinmac) (< xamarintvos) (< xamarinwatchos)) (&& (< monoandroid) (< net45) (>= netstandard1.0) (< netstandard1.3) (< win8) (< wp8) (< wpa81)) (&& (< monoandroid) (< net45) (>= netstandard1.3) (< netstandard1.6) (< win8) (< wpa81))
      System.Runtime.Extensions (>= 4.3) - restriction: && (< monoandroid) (< monotouch) (< net45) (>= netstandard1.6) (< xamarinios) (< xamarinmac) (< xamarintvos) (< xamarinwatchos)
      System.Threading (>= 4.3) - restriction: && (< monoandroid) (< monotouch) (< net45) (>= netstandard1.6) (< xamarinios) (< xamarinmac) (< xamarintvos) (< xamarinwatchos)
    System.Linq.Parallel (4.3) - restriction: && (< net472) (>= netstandard2.0)
      System.Collections (>= 4.3) - restriction: || (&& (< monoandroid) (< monotouch) (< net45) (>= netstandard1.3) (< win8) (< wpa81) (< xamarinios) (< xamarinmac) (< xamarintvos) (< xamarinwatchos)) (&& (< monoandroid) (< net45) (>= netstandard1.1) (< netstandard1.3) (< win8) (< wpa81))
      System.Collections.Concurrent (>= 4.3) - restriction: || (&& (< monoandroid) (< monotouch) (< net45) (>= netstandard1.3) (< win8) (< wpa81) (< xamarinios) (< xamarinmac) (< xamarintvos) (< xamarinwatchos)) (&& (< monoandroid) (< net45) (>= netstandard1.1) (< netstandard1.3) (< win8) (< wpa81))
      System.Diagnostics.Debug (>= 4.3) - restriction: && (< monoandroid) (< monotouch) (< net45) (>= netstandard1.3) (< win8) (< wpa81) (< xamarinios) (< xamarinmac) (< xamarintvos) (< xamarinwatchos)
      System.Diagnostics.Tracing (>= 4.3) - restriction: && (< monoandroid) (< monotouch) (< net45) (>= netstandard1.3) (< win8) (< wpa81) (< xamarinios) (< xamarinmac) (< xamarintvos) (< xamarinwatchos)
      System.Linq (>= 4.3) - restriction: || (&& (< monoandroid) (< monotouch) (< net45) (>= netstandard1.3) (< win8) (< wpa81) (< xamarinios) (< xamarinmac) (< xamarintvos) (< xamarinwatchos)) (&& (< monoandroid) (< net45) (>= netstandard1.1) (< netstandard1.3) (< win8) (< wpa81))
      System.Resources.ResourceManager (>= 4.3) - restriction: && (< monoandroid) (< monotouch) (< net45) (>= netstandard1.3) (< win8) (< wpa81) (< xamarinios) (< xamarinmac) (< xamarintvos) (< xamarinwatchos)
      System.Runtime (>= 4.3) - restriction: || (&& (< monoandroid) (< monotouch) (< net45) (>= netstandard1.3) (< win8) (< wpa81) (< xamarinios) (< xamarinmac) (< xamarintvos) (< xamarinwatchos)) (&& (< monoandroid) (< net45) (>= netstandard1.1) (< netstandard1.3) (< win8) (< wpa81))
      System.Runtime.Extensions (>= 4.3) - restriction: && (< monoandroid) (< monotouch) (< net45) (>= netstandard1.3) (< win8) (< wpa81) (< xamarinios) (< xamarinmac) (< xamarintvos) (< xamarinwatchos)
      System.Threading (>= 4.3) - restriction: && (< monoandroid) (< monotouch) (< net45) (>= netstandard1.3) (< win8) (< wpa81) (< xamarinios) (< xamarinmac) (< xamarintvos) (< xamarinwatchos)
      System.Threading.Tasks (>= 4.3) - restriction: || (&& (< monoandroid) (< monotouch) (< net45) (>= netstandard1.3) (< win8) (< wpa81) (< xamarinios) (< xamarinmac) (< xamarintvos) (< xamarinwatchos)) (&& (< monoandroid) (< net45) (>= netstandard1.1) (< netstandard1.3) (< win8) (< wpa81))
    System.Linq.Queryable (4.3) - restriction: || (&& (>= net462) (>= uap10.0)) (&& (>= netstandard2.0) (>= uap10.0))
    System.Memory (4.5.3) - restriction: || (&& (< monoandroid) (< net46) (>= netstandard2.0) (< xamarinios) (< xamarinmac)) (&& (< net46) (>= net462) (>= netstandard2.0)) (&& (>= net462) (>= uap10.1)) (>= net472) (>= netcoreapp2.0) (&& (< netcoreapp2.1) (>= netstandard2.0) (< xamarinios) (< xamarinmac)) (&& (>= netstandard2.0) (>= uap10.1))
      System.Buffers (>= 4.4) - restriction: || (&& (>= monoandroid) (< netstandard2.0)) (&& (< monoandroid) (< net45) (>= netstandard1.1) (< netstandard2.0) (< win8) (< wpa81)) (&& (< monoandroid) (< netstandard1.1) (>= portable-net45+win8+wpa81) (< win8)) (>= monotouch) (&& (>= net45) (< netstandard2.0)) (&& (< net45) (< netcoreapp2.0) (>= netstandard2.0)) (>= net461) (&& (< netstandard1.1) (>= win8)) (&& (< netstandard2.0) (< uap10.1) (>= wpa81)) (>= xamarinios) (>= xamarinmac) (>= xamarintvos) (>= xamarinwatchos)
      System.Numerics.Vectors (>= 4.4) - restriction: || (&& (< net45) (< netcoreapp2.0) (>= netstandard2.0) (< xamarinios) (< xamarinmac)) (>= net461)
      System.Runtime.CompilerServices.Unsafe (>= 4.5.2) - restriction: || (&& (>= monoandroid) (< netstandard2.0)) (&& (< monoandroid) (< net45) (>= netstandard1.1) (< netstandard2.0) (< win8) (< wpa81)) (&& (< monoandroid) (< netstandard1.1) (>= portable-net45+win8+wpa81) (< win8)) (>= monotouch) (&& (>= net45) (< netstandard2.0)) (&& (< net45) (< netcoreapp2.0) (>= netstandard2.0)) (>= net461) (&& (>= netcoreapp2.0) (< netcoreapp2.1)) (&& (< netstandard1.1) (>= win8)) (&& (< netstandard2.0) (>= wpa81)) (>= uap10.1) (>= xamarinios) (>= xamarinmac) (>= xamarintvos) (>= xamarinwatchos)
    System.Net.Http (4.3.4) - restriction: || (>= net462) (>= netstandard2.0)
      Microsoft.NETCore.Platforms (>= 1.1.1) - restriction: || (&& (< monoandroid) (< monotouch) (< net45) (>= netstandard1.6) (< xamarinios) (< xamarinmac) (< xamarintvos) (< xamarinwatchos)) (&& (< monoandroid) (< net45) (>= netstandard1.3) (< netstandard1.6) (< win8) (< wpa81))
      runtime.native.System (>= 4.3) - restriction: && (< monoandroid) (< monotouch) (< net45) (>= netstandard1.6) (< xamarinios) (< xamarinmac) (< xamarintvos) (< xamarinwatchos)
      runtime.native.System.Net.Http (>= 4.3) - restriction: && (< monoandroid) (< monotouch) (< net45) (>= netstandard1.6) (< xamarinios) (< xamarinmac) (< xamarintvos) (< xamarinwatchos)
      runtime.native.System.Security.Cryptography.OpenSsl (>= 4.3.2) - restriction: && (< monoandroid) (< monotouch) (< net45) (>= netstandard1.6) (< xamarinios) (< xamarinmac) (< xamarintvos) (< xamarinwatchos)
      System.Collections (>= 4.3) - restriction: || (&& (< monoandroid) (< monotouch) (< net45) (>= netstandard1.6) (< xamarinios) (< xamarinmac) (< xamarintvos) (< xamarinwatchos)) (&& (< monoandroid) (< net45) (>= netstandard1.3) (< netstandard1.6) (< win8) (< wpa81))
      System.Diagnostics.Debug (>= 4.3) - restriction: || (&& (< monoandroid) (< monotouch) (< net45) (>= netstandard1.6) (< xamarinios) (< xamarinmac) (< xamarintvos) (< xamarinwatchos)) (&& (< monoandroid) (< net45) (>= netstandard1.3) (< netstandard1.6) (< win8) (< wpa81))
      System.Diagnostics.DiagnosticSource (>= 4.3) - restriction: || (&& (< monoandroid) (< monotouch) (< net45) (>= netstandard1.6) (< xamarinios) (< xamarinmac) (< xamarintvos) (< xamarinwatchos)) (&& (< monoandroid) (< net45) (>= netstandard1.3) (< netstandard1.6) (< win8) (< wpa81))
      System.Diagnostics.Tracing (>= 4.3) - restriction: || (&& (< monoandroid) (< monotouch) (< net45) (>= netstandard1.6) (< xamarinios) (< xamarinmac) (< xamarintvos) (< xamarinwatchos)) (&& (< monoandroid) (< net45) (>= netstandard1.3) (< netstandard1.6) (< win8) (< wpa81))
      System.Globalization (>= 4.3) - restriction: || (&& (< monoandroid) (< monotouch) (< net45) (>= netstandard1.6) (< xamarinios) (< xamarinmac) (< xamarintvos) (< xamarinwatchos)) (&& (< monoandroid) (< net45) (>= netstandard1.3) (< netstandard1.6) (< win8) (< wpa81))
      System.Globalization.Extensions (>= 4.3) - restriction: && (< monoandroid) (< monotouch) (< net45) (>= netstandard1.6) (< xamarinios) (< xamarinmac) (< xamarintvos) (< xamarinwatchos)
      System.IO (>= 4.3) - restriction: || (&& (< monoandroid) (< monotouch) (< net45) (>= netstandard1.6) (< xamarinios) (< xamarinmac) (< xamarintvos) (< xamarinwatchos)) (&& (< monoandroid) (< net45) (>= netstandard1.1) (< netstandard1.3) (< win8) (< wpa81)) (&& (< monoandroid) (< net45) (>= netstandard1.3) (< netstandard1.6) (< win8) (< wpa81))
      System.IO.FileSystem (>= 4.3) - restriction: && (< monoandroid) (< monotouch) (< net45) (>= netstandard1.6) (< xamarinios) (< xamarinmac) (< xamarintvos) (< xamarinwatchos)
      System.Net.Primitives (>= 4.3) - restriction: || (&& (< monoandroid) (< monotouch) (< net45) (>= netstandard1.6) (< xamarinios) (< xamarinmac) (< xamarintvos) (< xamarinwatchos)) (&& (< monoandroid) (< net45) (>= netstandard1.1) (< netstandard1.3) (< win8) (< wpa81)) (&& (< monoandroid) (< net45) (>= netstandard1.3) (< netstandard1.6) (< win8) (< wpa81))
      System.Resources.ResourceManager (>= 4.3) - restriction: || (&& (< monoandroid) (< monotouch) (< net45) (>= netstandard1.6) (< xamarinios) (< xamarinmac) (< xamarintvos) (< xamarinwatchos)) (&& (< monoandroid) (< net45) (>= netstandard1.3) (< netstandard1.6) (< win8) (< wpa81))
      System.Runtime (>= 4.3) - restriction: || (&& (< monoandroid) (< monotouch) (< net45) (>= netstandard1.6) (< xamarinios) (< xamarinmac) (< xamarintvos) (< xamarinwatchos)) (&& (< monoandroid) (< net45) (>= netstandard1.1) (< netstandard1.3) (< win8) (< wpa81)) (&& (< monoandroid) (< net45) (>= netstandard1.3) (< netstandard1.6) (< win8) (< wpa81))
      System.Runtime.Extensions (>= 4.3) - restriction: || (&& (< monoandroid) (< monotouch) (< net45) (>= netstandard1.6) (< xamarinios) (< xamarinmac) (< xamarintvos) (< xamarinwatchos)) (&& (< monoandroid) (< net45) (>= netstandard1.3) (< netstandard1.6) (< win8) (< wpa81))
      System.Runtime.Handles (>= 4.3) - restriction: || (&& (< monoandroid) (< monotouch) (< net45) (>= netstandard1.6) (< xamarinios) (< xamarinmac) (< xamarintvos) (< xamarinwatchos)) (&& (< monoandroid) (< net45) (>= netstandard1.3) (< netstandard1.6) (< win8) (< wpa81))
      System.Runtime.InteropServices (>= 4.3) - restriction: || (&& (< monoandroid) (< monotouch) (< net45) (>= netstandard1.6) (< xamarinios) (< xamarinmac) (< xamarintvos) (< xamarinwatchos)) (&& (< monoandroid) (< net45) (>= netstandard1.3) (< netstandard1.6) (< win8) (< wpa81))
      System.Security.Cryptography.Algorithms (>= 4.3) - restriction: && (< monoandroid) (< monotouch) (< net45) (>= netstandard1.6) (< xamarinios) (< xamarinmac) (< xamarintvos) (< xamarinwatchos)
      System.Security.Cryptography.Encoding (>= 4.3) - restriction: || (&& (< monoandroid) (< monotouch) (< net45) (>= netstandard1.6) (< xamarinios) (< xamarinmac) (< xamarintvos) (< xamarinwatchos)) (&& (< monoandroid) (< net45) (>= netstandard1.3) (< netstandard1.6) (< win8) (< wpa81))
      System.Security.Cryptography.OpenSsl (>= 4.3) - restriction: && (< monoandroid) (< monotouch) (< net45) (>= netstandard1.6) (< xamarinios) (< xamarinmac) (< xamarintvos) (< xamarinwatchos)
      System.Security.Cryptography.Primitives (>= 4.3) - restriction: && (< monoandroid) (< monotouch) (< net45) (>= netstandard1.6) (< xamarinios) (< xamarinmac) (< xamarintvos) (< xamarinwatchos)
      System.Security.Cryptography.X509Certificates (>= 4.3) - restriction: || (&& (< monoandroid) (< monotouch) (< net45) (>= netstandard1.6) (< xamarinios) (< xamarinmac) (< xamarintvos) (< xamarinwatchos)) (&& (< monoandroid) (< net45) (>= netstandard1.3) (< netstandard1.6) (< win8) (< wpa81)) (>= net46)
      System.Text.Encoding (>= 4.3) - restriction: || (&& (< monoandroid) (< monotouch) (< net45) (>= netstandard1.6) (< xamarinios) (< xamarinmac) (< xamarintvos) (< xamarinwatchos)) (&& (< monoandroid) (< net45) (>= netstandard1.1) (< netstandard1.3) (< win8) (< wpa81)) (&& (< monoandroid) (< net45) (>= netstandard1.3) (< netstandard1.6) (< win8) (< wpa81))
      System.Threading (>= 4.3) - restriction: || (&& (< monoandroid) (< monotouch) (< net45) (>= netstandard1.6) (< xamarinios) (< xamarinmac) (< xamarintvos) (< xamarinwatchos)) (&& (< monoandroid) (< net45) (>= netstandard1.3) (< netstandard1.6) (< win8) (< wpa81))
      System.Threading.Tasks (>= 4.3) - restriction: || (&& (< monoandroid) (< monotouch) (< net45) (>= netstandard1.6) (< xamarinios) (< xamarinmac) (< xamarintvos) (< xamarinwatchos)) (&& (< monoandroid) (< net45) (>= netstandard1.1) (< netstandard1.3) (< win8) (< wpa81)) (&& (< monoandroid) (< net45) (>= netstandard1.3) (< netstandard1.6) (< win8) (< wpa81))
    System.Net.Primitives (4.3.1) - restriction: || (&& (< monoandroid) (< net45) (< netstandard1.3) (>= netstandard2.0) (< win8) (< wpa81)) (&& (< monoandroid) (< net45) (< netstandard1.6) (>= netstandard2.0) (< win8) (< wpa81)) (&& (< monoandroid) (< net45) (>= netstandard2.0) (< xamarinios) (< xamarinmac)) (&& (< net45) (>= net462) (< netstandard1.3)) (&& (< net45) (>= net462) (>= netstandard1.6)) (&& (< net45) (>= net462) (< netstandard1.6))
      Microsoft.NETCore.Platforms (>= 1.1.1) - restriction: || (&& (< monoandroid) (< monotouch) (< net45) (>= netstandard1.3) (< win8) (< wpa81) (< xamarinios) (< xamarinmac) (< xamarintvos) (< xamarinwatchos)) (&& (< monoandroid) (< net45) (>= netstandard1.1) (< netstandard1.3) (< win8) (< wpa81)) (&& (< monoandroid) (>= netstandard1.0) (< netstandard1.1) (< win8) (< wp8))
      Microsoft.NETCore.Targets (>= 1.1.3) - restriction: || (&& (< monoandroid) (< monotouch) (< net45) (>= netstandard1.3) (< win8) (< wpa81) (< xamarinios) (< xamarinmac) (< xamarintvos) (< xamarinwatchos)) (&& (< monoandroid) (< net45) (>= netstandard1.1) (< netstandard1.3) (< win8) (< wpa81)) (&& (< monoandroid) (>= netstandard1.0) (< netstandard1.1) (< win8) (< wp8))
      System.Runtime (>= 4.3.1) - restriction: || (&& (< monoandroid) (< monotouch) (< net45) (>= netstandard1.3) (< win8) (< wpa81) (< xamarinios) (< xamarinmac) (< xamarintvos) (< xamarinwatchos)) (&& (< monoandroid) (< net45) (>= netstandard1.1) (< netstandard1.3) (< win8) (< wpa81)) (&& (< monoandroid) (>= netstandard1.0) (< netstandard1.1) (< win8) (< wp8))
      System.Runtime.Handles (>= 4.3) - restriction: && (< monoandroid) (< monotouch) (< net45) (>= netstandard1.3) (< win8) (< wpa81) (< xamarinios) (< xamarinmac) (< xamarintvos) (< xamarinwatchos)
    System.Numerics.Vectors (4.5) - restriction: || (&& (>= net461) (>= netcoreapp2.1)) (>= net472) (&& (< netcoreapp2.0) (>= netcoreapp2.1))
    System.ObjectModel (4.3) - restriction: || (&& (< monoandroid) (< net45) (< netstandard1.3) (>= netstandard2.0) (< win8) (< wpa81)) (&& (< monoandroid) (< net45) (>= netstandard2.0) (< win8) (< wpa81) (< xamarinios) (< xamarinmac))
      System.Collections (>= 4.3) - restriction: && (< monoandroid) (< monotouch) (< net45) (>= netstandard1.3) (< win8) (< wpa81) (< xamarinios) (< xamarinmac) (< xamarintvos) (< xamarinwatchos)
      System.Diagnostics.Debug (>= 4.3) - restriction: && (< monoandroid) (< monotouch) (< net45) (>= netstandard1.3) (< win8) (< wpa81) (< xamarinios) (< xamarinmac) (< xamarintvos) (< xamarinwatchos)
      System.Resources.ResourceManager (>= 4.3) - restriction: && (< monoandroid) (< monotouch) (< net45) (>= netstandard1.3) (< win8) (< wpa81) (< xamarinios) (< xamarinmac) (< xamarintvos) (< xamarinwatchos)
      System.Runtime (>= 4.3) - restriction: || (&& (< monoandroid) (< monotouch) (< net45) (>= netstandard1.3) (< win8) (< wpa81) (< xamarinios) (< xamarinmac) (< xamarintvos) (< xamarinwatchos)) (&& (< monoandroid) (< net45) (>= netstandard1.0) (< netstandard1.3) (< win8) (< wp8) (< wpa81))
      System.Threading (>= 4.3) - restriction: && (< monoandroid) (< monotouch) (< net45) (>= netstandard1.3) (< win8) (< wpa81) (< xamarinios) (< xamarinmac) (< xamarintvos) (< xamarinwatchos)
    System.Reactive (4.3.2) - restriction: || (>= net462) (>= netstandard2.0)
      System.ComponentModel (>= 4.0.1) - restriction: && (>= uap10.0) (< uap10.1)
      System.Dynamic.Runtime (>= 4.0.11) - restriction: && (>= uap10.0) (< uap10.1)
      System.Linq.Queryable (>= 4.0.1) - restriction: && (>= uap10.0) (< uap10.1)
      System.Runtime.InteropServices.WindowsRuntime (>= 4.3) - restriction: && (< net46) (< netcoreapp3.0) (>= netstandard2.0) (< uap10.0)
      System.Threading.Tasks.Extensions (>= 4.5.3) - restriction: || (>= net46) (&& (< netcoreapp3.0) (>= netstandard2.0)) (>= uap10.0)
      System.ValueTuple (>= 4.5) - restriction: || (>= net46) (&& (>= uap10.0) (< uap10.1))
    System.Reactive.Compatibility (4.3.2) - restriction: || (>= net462) (>= netstandard2.0)
      System.Reactive.Core (>= 4.3.2) - restriction: || (>= net45) (>= netstandard1.3)
      System.Reactive.Experimental (>= 4.3.2) - restriction: >= net45
      System.Reactive.Interfaces (>= 4.3.2) - restriction: || (>= net45) (>= netstandard1.3)
      System.Reactive.Linq (>= 4.3.2) - restriction: || (>= net45) (>= netstandard1.3)
      System.Reactive.PlatformServices (>= 4.3.2) - restriction: || (>= net45) (>= netstandard1.3)
      System.Reactive.Providers (>= 4.3.2) - restriction: || (>= net45) (>= netstandard1.3)
      System.Reactive.Runtime.Remoting (>= 4.3.2) - restriction: >= net45
      System.Reactive.Windows.Forms (>= 4.3.2) - restriction: >= net45
      System.Reactive.Windows.Threading (>= 4.3.2) - restriction: || (>= net45) (>= uap10.0)
      System.Reactive.WindowsRuntime (>= 4.3.2) - restriction: >= uap10.0
    System.Reactive.Core (4.3.2) - restriction: || (>= net462) (>= netstandard2.0)
      System.Reactive (>= 4.3.2) - restriction: || (>= net46) (>= netstandard2.0) (>= uap10.0)
      System.Threading.Tasks.Extensions (>= 4.5.3) - restriction: || (>= net46) (>= netstandard2.0) (>= uap10.0)
    System.Reactive.Experimental (4.3.2) - restriction: || (&& (>= net45) (>= netstandard2.0)) (>= net462)
      System.Reactive (>= 4.3.2) - restriction: >= net46
      System.Threading.Tasks.Extensions (>= 4.5.3) - restriction: >= net46
    System.Reactive.Interfaces (4.3.2) - restriction: || (>= net462) (>= netstandard2.0)
      System.Reactive (>= 4.3.2) - restriction: || (>= net46) (>= netstandard2.0) (>= uap10.0)
      System.Threading.Tasks.Extensions (>= 4.5.3) - restriction: || (>= net46) (>= netstandard2.0) (>= uap10.0)
    System.Reactive.Linq (4.3.2) - restriction: || (>= net462) (>= netstandard2.0)
      System.Reactive (>= 4.3.2) - restriction: || (>= net46) (>= netstandard2.0) (>= uap10.0)
      System.Threading.Tasks.Extensions (>= 4.5.3) - restriction: || (>= net46) (>= netstandard2.0) (>= uap10.0)
    System.Reactive.PlatformServices (4.3.2) - restriction: || (>= net462) (>= netstandard2.0)
      System.Reactive (>= 4.3.2) - restriction: || (>= net46) (>= netstandard2.0) (>= uap10.0)
      System.Threading.Tasks.Extensions (>= 4.5.3) - restriction: || (>= net46) (>= netstandard2.0) (>= uap10.0)
    System.Reactive.Providers (4.3.2) - restriction: || (>= net462) (>= netstandard2.0)
      System.Reactive (>= 4.3.2) - restriction: || (>= net46) (>= netstandard2.0) (>= uap10.0)
      System.Threading.Tasks.Extensions (>= 4.5.3) - restriction: || (>= net46) (>= netstandard2.0) (>= uap10.0)
    System.Reactive.Runtime.Remoting (4.3.2) - restriction: || (&& (>= net45) (>= netstandard2.0)) (>= net462)
      System.Reactive (>= 4.3.2) - restriction: >= net46
      System.Threading.Tasks.Extensions (>= 4.5.3) - restriction: >= net46
    System.Reactive.Windows.Forms (4.3.2) - restriction: || (&& (>= net45) (>= netstandard2.0)) (>= net462)
      System.Reactive (>= 4.3.2) - restriction: >= net46
      System.Threading.Tasks.Extensions (>= 4.5.3) - restriction: >= net46
    System.Reactive.Windows.Threading (4.3.2) - restriction: || (&& (>= net45) (>= netstandard2.0)) (>= net462) (&& (>= netstandard2.0) (>= uap10.0))
      System.Reactive (>= 4.3.2) - restriction: || (>= net46) (>= uap10.0)
      System.Threading.Tasks.Extensions (>= 4.5.3) - restriction: || (>= net46) (>= uap10.0)
    System.Reactive.WindowsRuntime (4.3.2) - restriction: || (&& (>= net462) (>= uap10.0)) (&& (>= netstandard2.0) (>= uap10.0))
      System.Reactive (>= 4.3.2) - restriction: >= uap10.0
      System.Threading.Tasks.Extensions (>= 4.5.3) - restriction: >= uap10.0
    System.Reflection (4.3) - restriction: || (&& (< monoandroid) (< net45) (< netstandard1.6) (>= netstandard2.0) (< win8) (< wpa81)) (&& (< monoandroid) (< net45) (>= netstandard2.0) (< xamarinios) (< xamarinmac)) (&& (< net46) (>= net462) (>= netstandard1.6)) (>= netcoreapp2.1)
      Microsoft.NETCore.Platforms (>= 1.1) - restriction: || (&& (< monoandroid) (< monotouch) (< net45) (>= netstandard1.5) (< win8) (< wpa81) (< xamarinios) (< xamarinmac) (< xamarintvos) (< xamarinwatchos)) (&& (< monoandroid) (< net45) (>= netstandard1.0) (< netstandard1.3) (< win8) (< wp8) (< wpa81)) (&& (< monoandroid) (< net45) (>= netstandard1.3) (< netstandard1.5) (< win8) (< wpa81))
      Microsoft.NETCore.Targets (>= 1.1) - restriction: || (&& (< monoandroid) (< monotouch) (< net45) (>= netstandard1.5) (< win8) (< wpa81) (< xamarinios) (< xamarinmac) (< xamarintvos) (< xamarinwatchos)) (&& (< monoandroid) (< net45) (>= netstandard1.0) (< netstandard1.3) (< win8) (< wp8) (< wpa81)) (&& (< monoandroid) (< net45) (>= netstandard1.3) (< netstandard1.5) (< win8) (< wpa81))
      System.IO (>= 4.3) - restriction: || (&& (< monoandroid) (< monotouch) (< net45) (>= netstandard1.5) (< win8) (< wpa81) (< xamarinios) (< xamarinmac) (< xamarintvos) (< xamarinwatchos)) (&& (< monoandroid) (< net45) (>= netstandard1.0) (< netstandard1.3) (< win8) (< wp8) (< wpa81)) (&& (< monoandroid) (< net45) (>= netstandard1.3) (< netstandard1.5) (< win8) (< wpa81))
      System.Reflection.Primitives (>= 4.3) - restriction: || (&& (< monoandroid) (< monotouch) (< net45) (>= netstandard1.5) (< win8) (< wpa81) (< xamarinios) (< xamarinmac) (< xamarintvos) (< xamarinwatchos)) (&& (< monoandroid) (< net45) (>= netstandard1.0) (< netstandard1.3) (< win8) (< wp8) (< wpa81)) (&& (< monoandroid) (< net45) (>= netstandard1.3) (< netstandard1.5) (< win8) (< wpa81))
      System.Runtime (>= 4.3) - restriction: || (&& (< monoandroid) (< monotouch) (< net45) (>= netstandard1.5) (< win8) (< wpa81) (< xamarinios) (< xamarinmac) (< xamarintvos) (< xamarinwatchos)) (&& (< monoandroid) (< net45) (>= netstandard1.0) (< netstandard1.3) (< win8) (< wp8) (< wpa81)) (&& (< monoandroid) (< net45) (>= netstandard1.3) (< netstandard1.5) (< win8) (< wpa81))
    System.Reflection.Emit (4.7) - restriction: && (< monoandroid) (< net45) (>= netstandard2.0) (< win8) (< wpa81) (< xamarinios) (< xamarinmac)
      System.Reflection.Emit.ILGeneration (>= 4.7) - restriction: || (&& (< monoandroid) (< monotouch) (< net45) (>= netstandard1.1) (< netstandard2.0) (< win8) (< wpa81) (< xamarintvos) (< xamarinwatchos)) (&& (< monoandroid) (< netstandard1.1) (>= portable-net45+win8+wpa81) (< win8)) (&& (< net45) (< netcoreapp2.0) (>= netstandard2.0) (< netstandard2.1) (< xamarinios) (< xamarinmac)) (&& (< netstandard1.1) (>= win8)) (&& (< netstandard2.0) (>= wpa81)) (>= uap10.1)
    System.Reflection.Emit.ILGeneration (4.7) - restriction: || (&& (< monoandroid) (< net45) (>= netstandard2.0) (< win8) (< wpa81) (< xamarinios) (< xamarinmac)) (&& (< monoandroid) (< netstandard1.1) (>= netstandard2.0) (< win8)) (&& (>= netstandard2.0) (>= uap10.1) (< win8) (< wpa81))
    System.Reflection.Emit.Lightweight (4.7) - restriction: || (&& (< monoandroid) (< net45) (< netstandard1.3) (>= netstandard2.0) (< win8) (< wpa81)) (&& (< monoandroid) (< net45) (>= netstandard2.0) (< win8) (< wpa81) (< xamarinios) (< xamarinmac))
      System.Reflection.Emit.ILGeneration (>= 4.7) - restriction: || (&& (< monoandroid) (< monotouch) (< net45) (>= netstandard1.0) (< netstandard2.0) (< win8) (< wp8) (< wpa81) (< xamarintvos) (< xamarinwatchos)) (&& (< net45) (< netcoreapp2.0) (>= netstandard2.0) (< netstandard2.1) (< xamarinios) (< xamarinmac)) (&& (< netstandard2.0) (>= wpa81)) (&& (>= portable-net45+win8+wp8+wpa81) (< portable-net45+wp8) (< win8)) (&& (< portable-net45+wp8) (>= win8)) (>= uap10.1)
    System.Reflection.Extensions (4.3) - restriction: || (&& (< monoandroid) (< net45) (< netstandard1.3) (>= netstandard2.0) (< win8) (< wpa81)) (&& (< monoandroid) (< net45) (>= netstandard2.0) (< win8) (< wpa81) (< xamarinios) (< xamarinmac))
      Microsoft.NETCore.Platforms (>= 1.1) - restriction: && (< monoandroid) (< monotouch) (< net45) (>= netstandard1.0) (< win8) (< wp8) (< wpa81) (< xamarinios) (< xamarinmac) (< xamarintvos) (< xamarinwatchos)
      Microsoft.NETCore.Targets (>= 1.1) - restriction: && (< monoandroid) (< monotouch) (< net45) (>= netstandard1.0) (< win8) (< wp8) (< wpa81) (< xamarinios) (< xamarinmac) (< xamarintvos) (< xamarinwatchos)
      System.Reflection (>= 4.3) - restriction: && (< monoandroid) (< monotouch) (< net45) (>= netstandard1.0) (< win8) (< wp8) (< wpa81) (< xamarinios) (< xamarinmac) (< xamarintvos) (< xamarinwatchos)
      System.Runtime (>= 4.3) - restriction: && (< monoandroid) (< monotouch) (< net45) (>= netstandard1.0) (< win8) (< wp8) (< wpa81) (< xamarinios) (< xamarinmac) (< xamarintvos) (< xamarinwatchos)
    System.Reflection.Metadata (1.8) - restriction: || (&& (< monoandroid) (< net46) (>= netstandard2.0) (< xamarinios) (< xamarinmac)) (&& (< net46) (>= net462)) (&& (< net472) (>= netstandard2.0)) (>= netcoreapp2.1)
      System.Collections.Immutable (>= 1.7) - restriction: || (>= net45) (&& (< netcoreapp3.1) (>= netstandard2.0)) (&& (>= netstandard1.1) (< netstandard2.0) (< win8) (< wpa81)) (&& (< netstandard1.1) (>= portable-net45+win8+wpa81) (< win8)) (&& (< netstandard1.1) (>= win8)) (&& (< netstandard2.0) (>= wpa81))
    System.Reflection.Primitives (4.3) - restriction: && (< monoandroid) (< net45) (>= netstandard2.0) (< win8) (< wpa81) (< xamarinios) (< xamarinmac)
      Microsoft.NETCore.Platforms (>= 1.1) - restriction: && (< monoandroid) (< monotouch) (< net45) (>= netstandard1.0) (< win8) (< wp8) (< wpa81) (< xamarinios) (< xamarinmac) (< xamarintvos) (< xamarinwatchos)
      Microsoft.NETCore.Targets (>= 1.1) - restriction: && (< monoandroid) (< monotouch) (< net45) (>= netstandard1.0) (< win8) (< wp8) (< wpa81) (< xamarinios) (< xamarinmac) (< xamarintvos) (< xamarinwatchos)
      System.Runtime (>= 4.3) - restriction: && (< monoandroid) (< monotouch) (< net45) (>= netstandard1.0) (< win8) (< wp8) (< wpa81) (< xamarinios) (< xamarinmac) (< xamarintvos) (< xamarinwatchos)
    System.Reflection.TypeExtensions (4.7) - restriction: || (&& (< monoandroid) (< net45) (>= netstandard2.0) (< win8) (< wpa81) (< xamarinios) (< xamarinmac)) (&& (< net472) (>= netstandard2.0)) (>= netcoreapp2.1)
    System.Resources.Extensions (4.7) - restriction: >= netstandard2.0
      System.Memory (>= 4.5.3) - restriction: && (< netcoreapp2.1) (>= netstandard2.0) (< xamarinios) (< xamarinmac)
    System.Resources.ResourceManager (4.3) - restriction: || (&& (< monoandroid) (< net45) (< netstandard1.6) (>= netstandard2.0) (< win8) (< wpa81)) (&& (< monoandroid) (< net45) (>= netstandard2.0) (< xamarinios) (< xamarinmac)) (&& (< net45) (>= net462) (>= netstandard1.6)) (&& (< net45) (>= net462) (< netstandard1.6)) (>= netcoreapp2.1)
      Microsoft.NETCore.Platforms (>= 1.1) - restriction: && (< monoandroid) (< monotouch) (< net45) (>= netstandard1.0) (< win8) (< wp8) (< wpa81) (< xamarinios) (< xamarinmac) (< xamarintvos) (< xamarinwatchos)
      Microsoft.NETCore.Targets (>= 1.1) - restriction: && (< monoandroid) (< monotouch) (< net45) (>= netstandard1.0) (< win8) (< wp8) (< wpa81) (< xamarinios) (< xamarinmac) (< xamarintvos) (< xamarinwatchos)
      System.Globalization (>= 4.3) - restriction: && (< monoandroid) (< monotouch) (< net45) (>= netstandard1.0) (< win8) (< wp8) (< wpa81) (< xamarinios) (< xamarinmac) (< xamarintvos) (< xamarinwatchos)
      System.Reflection (>= 4.3) - restriction: && (< monoandroid) (< monotouch) (< net45) (>= netstandard1.0) (< win8) (< wp8) (< wpa81) (< xamarinios) (< xamarinmac) (< xamarintvos) (< xamarinwatchos)
      System.Runtime (>= 4.3) - restriction: && (< monoandroid) (< monotouch) (< net45) (>= netstandard1.0) (< win8) (< wp8) (< wpa81) (< xamarinios) (< xamarinmac) (< xamarintvos) (< xamarinwatchos)
    System.Resources.Writer (4.3) - restriction: && (< net472) (>= netstandard2.0)
      System.Collections (>= 4.3) - restriction: && (< monoandroid) (< monotouch) (< net46) (>= netstandard1.3) (< xamarinios) (< xamarinmac) (< xamarintvos) (< xamarinwatchos)
      System.IO (>= 4.3) - restriction: && (< monoandroid) (< monotouch) (< net46) (>= netstandard1.3) (< xamarinios) (< xamarinmac) (< xamarintvos) (< xamarinwatchos)
      System.Resources.ResourceManager (>= 4.3) - restriction: && (< monoandroid) (< monotouch) (< net46) (>= netstandard1.3) (< xamarinios) (< xamarinmac) (< xamarintvos) (< xamarinwatchos)
      System.Runtime (>= 4.3) - restriction: && (< monoandroid) (< monotouch) (< net46) (>= netstandard1.3) (< xamarinios) (< xamarinmac) (< xamarintvos) (< xamarinwatchos)
      System.Runtime.Extensions (>= 4.3) - restriction: && (< monoandroid) (< monotouch) (< net46) (>= netstandard1.3) (< xamarinios) (< xamarinmac) (< xamarintvos) (< xamarinwatchos)
      System.Text.Encoding (>= 4.3) - restriction: && (< monoandroid) (< monotouch) (< net46) (>= netstandard1.3) (< xamarinios) (< xamarinmac) (< xamarintvos) (< xamarinwatchos)
    System.Runtime (4.3.1) - restriction: || (&& (< monoandroid) (< net45) (< netstandard1.3) (>= netstandard2.0) (< win8) (< wpa81)) (&& (< monoandroid) (< net45) (< netstandard1.6) (>= netstandard2.0) (< win8) (< wpa81)) (&& (< monoandroid) (< net45) (>= netstandard2.0) (< xamarinios) (< xamarinmac)) (&& (< monoandroid) (< netstandard1.1) (>= netstandard2.0) (< win8)) (&& (< net45) (>= net462) (< netstandard1.3)) (&& (< net45) (>= net462) (>= netstandard1.6)) (&& (< net45) (>= net462) (< netstandard1.6)) (&& (< net45) (>= net462) (>= netstandard2.0)) (&& (>= net462) (< netstandard1.1)) (>= netcoreapp2.1)
      Microsoft.NETCore.Platforms (>= 1.1.1) - restriction: || (&& (< monoandroid) (< monotouch) (< net45) (>= netstandard1.5) (< win8) (< wpa81) (< xamarinios) (< xamarinmac) (< xamarintvos) (< xamarinwatchos)) (&& (< monoandroid) (< net45) (>= netstandard1.0) (< netstandard1.2) (< win8) (< wp8)) (&& (< monoandroid) (< net45) (>= netstandard1.2) (< netstandard1.3) (< win8) (< wpa81)) (&& (< monoandroid) (< net45) (>= netstandard1.3) (< netstandard1.5) (< win8) (< wpa81))
      Microsoft.NETCore.Targets (>= 1.1.3) - restriction: || (&& (< monoandroid) (< monotouch) (< net45) (>= netstandard1.5) (< win8) (< wpa81) (< xamarinios) (< xamarinmac) (< xamarintvos) (< xamarinwatchos)) (&& (< monoandroid) (< net45) (>= netstandard1.0) (< netstandard1.2) (< win8) (< wp8)) (&& (< monoandroid) (< net45) (>= netstandard1.2) (< netstandard1.3) (< win8) (< wpa81)) (&& (< monoandroid) (< net45) (>= netstandard1.3) (< netstandard1.5) (< win8) (< wpa81))
    System.Runtime.CompilerServices.Unsafe (4.7) - restriction: || (&& (< monoandroid) (< netstandard1.0) (>= netstandard2.0) (< win8)) (&& (>= monotouch) (>= netcoreapp2.1)) (&& (>= net45) (>= netstandard2.0)) (&& (>= net461) (>= netcoreapp2.1)) (>= net462) (&& (< netcoreapp2.0) (>= netcoreapp2.1)) (&& (>= netcoreapp2.1) (< netcoreapp3.1)) (&& (>= netcoreapp2.1) (< netstandard1.1)) (&& (>= netcoreapp2.1) (< netstandard2.0)) (&& (>= netcoreapp2.1) (>= uap10.1)) (&& (>= netcoreapp2.1) (>= xamarinios)) (&& (>= netcoreapp2.1) (>= xamarinmac)) (&& (>= netcoreapp2.1) (>= xamarintvos)) (&& (>= netcoreapp2.1) (>= xamarinwatchos)) (&& (< netcoreapp2.1) (>= netstandard2.0) (< xamarinios) (< xamarinmac)) (&& (< netstandard1.0) (>= netstandard2.0) (>= win8)) (&& (>= netstandard2.0) (>= wp8))
    System.Runtime.Extensions (4.3.1) - restriction: || (&& (< monoandroid) (< net45) (< netstandard1.6) (>= netstandard2.0) (< win8) (< wpa81)) (&& (< monoandroid) (< net45) (>= netstandard2.0) (< xamarinios) (< xamarinmac)) (&& (< net45) (>= net462) (>= netstandard1.6)) (&& (< net45) (>= net462) (< netstandard1.6)) (>= netcoreapp2.1)
      Microsoft.NETCore.Platforms (>= 1.1.1) - restriction: || (&& (< monoandroid) (< monotouch) (< net45) (>= netstandard1.5) (< win8) (< wpa81) (< xamarinios) (< xamarinmac) (< xamarintvos) (< xamarinwatchos)) (&& (< monoandroid) (< net45) (>= netstandard1.0) (< netstandard1.3) (< win8) (< wp8) (< wpa81)) (&& (< monoandroid) (< net45) (>= netstandard1.3) (< netstandard1.5) (< win8) (< wpa81))
      Microsoft.NETCore.Targets (>= 1.1.3) - restriction: || (&& (< monoandroid) (< monotouch) (< net45) (>= netstandard1.5) (< win8) (< wpa81) (< xamarinios) (< xamarinmac) (< xamarintvos) (< xamarinwatchos)) (&& (< monoandroid) (< net45) (>= netstandard1.0) (< netstandard1.3) (< win8) (< wp8) (< wpa81)) (&& (< monoandroid) (< net45) (>= netstandard1.3) (< netstandard1.5) (< win8) (< wpa81))
      System.Runtime (>= 4.3.1) - restriction: || (&& (< monoandroid) (< monotouch) (< net45) (>= netstandard1.5) (< win8) (< wpa81) (< xamarinios) (< xamarinmac) (< xamarintvos) (< xamarinwatchos)) (&& (< monoandroid) (< net45) (>= netstandard1.0) (< netstandard1.3) (< win8) (< wp8) (< wpa81)) (&& (< monoandroid) (< net45) (>= netstandard1.3) (< netstandard1.5) (< win8) (< wpa81))
    System.Runtime.Handles (4.3) - restriction: || (&& (< monoandroid) (< net45) (< netstandard1.3) (>= netstandard2.0) (< win8) (< wpa81)) (&& (< monoandroid) (< net45) (< netstandard1.6) (>= netstandard2.0) (< win8) (< wpa81)) (&& (< monoandroid) (< net45) (>= netstandard2.0) (< xamarinios) (< xamarinmac)) (&& (< net45) (>= net462) (< netstandard1.3)) (&& (< net45) (>= net462) (>= netstandard1.6)) (&& (< net45) (>= net462) (< netstandard1.6))
      Microsoft.NETCore.Platforms (>= 1.1) - restriction: && (< monoandroid) (< monotouch) (< net46) (>= netstandard1.3) (< xamarinios) (< xamarinmac) (< xamarintvos) (< xamarinwatchos)
      Microsoft.NETCore.Targets (>= 1.1) - restriction: && (< monoandroid) (< monotouch) (< net46) (>= netstandard1.3) (< xamarinios) (< xamarinmac) (< xamarintvos) (< xamarinwatchos)
      System.Runtime (>= 4.3) - restriction: && (< monoandroid) (< monotouch) (< net46) (>= netstandard1.3) (< xamarinios) (< xamarinmac) (< xamarintvos) (< xamarinwatchos)
    System.Runtime.InteropServices (4.3) - restriction: || (&& (< monoandroid) (< net45) (< netstandard1.6) (>= netstandard2.0) (< win8) (< wpa81)) (&& (< monoandroid) (< net45) (>= netstandard2.0) (< xamarinios) (< xamarinmac)) (&& (< net45) (>= net462) (>= netstandard1.6)) (&& (< net45) (>= net462) (< netstandard1.6))
      Microsoft.NETCore.Platforms (>= 1.1) - restriction: || (&& (< monoandroid) (< monotouch) (< net45) (>= netstandard1.5) (< win8) (< wpa81) (< xamarinios) (< xamarinmac) (< xamarintvos) (< xamarinwatchos)) (&& (< monoandroid) (< net45) (>= netstandard1.1) (< netstandard1.2) (< win8)) (&& (< monoandroid) (< net45) (>= netstandard1.2) (< netstandard1.3) (< win8) (< wpa81)) (&& (< monoandroid) (< net45) (>= netstandard1.3) (< netstandard1.5) (< win8) (< wpa81)) (>= netcoreapp1.1)
      Microsoft.NETCore.Targets (>= 1.1) - restriction: || (&& (< monoandroid) (< monotouch) (< net45) (>= netstandard1.5) (< win8) (< wpa81) (< xamarinios) (< xamarinmac) (< xamarintvos) (< xamarinwatchos)) (&& (< monoandroid) (< net45) (>= netstandard1.1) (< netstandard1.2) (< win8)) (&& (< monoandroid) (< net45) (>= netstandard1.2) (< netstandard1.3) (< win8) (< wpa81)) (&& (< monoandroid) (< net45) (>= netstandard1.3) (< netstandard1.5) (< win8) (< wpa81)) (>= netcoreapp1.1)
      System.Reflection (>= 4.3) - restriction: || (&& (< monoandroid) (< monotouch) (< net45) (>= netstandard1.5) (< win8) (< wpa81) (< xamarinios) (< xamarinmac) (< xamarintvos) (< xamarinwatchos)) (&& (< monoandroid) (< net45) (>= netstandard1.1) (< netstandard1.2) (< win8)) (&& (< monoandroid) (< net45) (>= netstandard1.2) (< netstandard1.3) (< win8) (< wpa81)) (&& (< monoandroid) (< net45) (>= netstandard1.3) (< netstandard1.5) (< win8) (< wpa81)) (>= netcoreapp1.1)
      System.Reflection.Primitives (>= 4.3) - restriction: || (&& (< monoandroid) (< monotouch) (< net45) (>= netstandard1.5) (< win8) (< wpa81) (< xamarinios) (< xamarinmac) (< xamarintvos) (< xamarinwatchos)) (&& (< monoandroid) (< net45) (>= netstandard1.1) (< netstandard1.2) (< win8)) (&& (< monoandroid) (< net45) (>= netstandard1.2) (< netstandard1.3) (< win8) (< wpa81)) (&& (< monoandroid) (< net45) (>= netstandard1.3) (< netstandard1.5) (< win8) (< wpa81)) (>= netcoreapp1.1)
      System.Runtime (>= 4.3) - restriction: || (&& (< monoandroid) (< monotouch) (< net45) (>= netstandard1.5) (< win8) (< wpa81) (< xamarinios) (< xamarinmac) (< xamarintvos) (< xamarinwatchos)) (&& (< monoandroid) (< net45) (>= netstandard1.1) (< netstandard1.2) (< win8)) (&& (< monoandroid) (< net45) (>= netstandard1.2) (< netstandard1.3) (< win8) (< wpa81)) (&& (< monoandroid) (< net45) (>= netstandard1.3) (< netstandard1.5) (< win8) (< wpa81)) (>= net462) (>= netcoreapp1.1)
      System.Runtime.Handles (>= 4.3) - restriction: || (&& (< monoandroid) (< monotouch) (< net45) (>= netstandard1.5) (< win8) (< wpa81) (< xamarinios) (< xamarinmac) (< xamarintvos) (< xamarinwatchos)) (&& (< monoandroid) (< net45) (>= netstandard1.3) (< netstandard1.5) (< win8) (< wpa81)) (>= netcoreapp1.1)
    System.Runtime.InteropServices.WindowsRuntime (4.3) - restriction: || (&& (< net46) (>= net462) (>= netstandard2.0)) (&& (< net46) (< netcoreapp3.0) (>= netstandard2.0) (< uap10.0))
      System.Runtime (>= 4.3) - restriction: && (< monoandroid) (< monotouch) (< net45) (>= netstandard1.0) (< win8) (< wp8) (< wpa81) (< xamarinios) (< xamarinmac) (< xamarintvos) (< xamarinwatchos)
    System.Runtime.Loader (4.3) - restriction: >= netcoreapp2.1
      System.IO (>= 4.3) - restriction: && (< monoandroid) (< monotouch) (< net462) (>= netstandard1.5) (< xamarinios) (< xamarinmac) (< xamarintvos) (< xamarinwatchos)
      System.Reflection (>= 4.3) - restriction: && (< monoandroid) (< monotouch) (< net462) (>= netstandard1.5) (< xamarinios) (< xamarinmac) (< xamarintvos) (< xamarinwatchos)
      System.Runtime (>= 4.3) - restriction: && (< monoandroid) (< monotouch) (< net462) (>= netstandard1.5) (< xamarinios) (< xamarinmac) (< xamarintvos) (< xamarinwatchos)
    System.Runtime.Numerics (4.3) - restriction: || (>= net462) (>= netstandard2.0)
      System.Globalization (>= 4.3) - restriction: && (< monoandroid) (< monotouch) (< net45) (>= netstandard1.3) (< win8) (< wpa81) (< xamarinios) (< xamarinmac) (< xamarintvos) (< xamarinwatchos)
      System.Resources.ResourceManager (>= 4.3) - restriction: && (< monoandroid) (< monotouch) (< net45) (>= netstandard1.3) (< win8) (< wpa81) (< xamarinios) (< xamarinmac) (< xamarintvos) (< xamarinwatchos)
      System.Runtime (>= 4.3) - restriction: || (&& (< monoandroid) (< monotouch) (< net45) (>= netstandard1.3) (< win8) (< wpa81) (< xamarinios) (< xamarinmac) (< xamarintvos) (< xamarinwatchos)) (&& (< monoandroid) (< net45) (>= netstandard1.1) (< netstandard1.3) (< win8) (< wpa81))
      System.Runtime.Extensions (>= 4.3) - restriction: && (< monoandroid) (< monotouch) (< net45) (>= netstandard1.3) (< win8) (< wpa81) (< xamarinios) (< xamarinmac) (< xamarintvos) (< xamarinwatchos)
    System.Runtime.Serialization.Primitives (4.3) - restriction: && (< net472) (>= netstandard2.0)
      System.Resources.ResourceManager (>= 4.3) - restriction: && (< monoandroid) (< monotouch) (< net45) (>= netstandard1.3) (< win8) (< wpa81) (< xamarinios) (< xamarinmac) (< xamarintvos) (< xamarinwatchos)
      System.Runtime (>= 4.3) - restriction: || (&& (< monoandroid) (< monotouch) (< net45) (>= netstandard1.3) (< win8) (< wpa81) (< xamarinios) (< xamarinmac) (< xamarintvos) (< xamarinwatchos)) (&& (< monoandroid) (< net45) (>= netstandard1.0) (< netstandard1.3) (< win8) (< wp8) (< wpa81))
    System.Security.AccessControl (4.7) - restriction: || (&& (>= monoandroid) (>= net462) (< netstandard2.0)) (&& (< monoandroid) (< net46) (>= netstandard2.0) (< xamarinios) (< xamarinmac)) (&& (>= monotouch) (>= net462)) (&& (>= monotouch) (>= netstandard2.0)) (&& (< net46) (>= net461) (>= netstandard2.0)) (&& (< net46) (>= net462)) (&& (>= net462) (>= xamarinios)) (&& (>= net462) (>= xamarinmac)) (&& (>= net462) (>= xamarintvos)) (&& (>= net462) (>= xamarinwatchos)) (>= netcoreapp2.0) (&& (>= netstandard2.0) (>= xamarintvos)) (&& (>= netstandard2.0) (>= xamarinwatchos))
      Microsoft.NETCore.Platforms (>= 3.1) - restriction: >= netcoreapp2.0
      System.Security.Principal.Windows (>= 4.7) - restriction: || (&& (>= net46) (< netstandard2.0)) (&& (< net46) (>= netstandard1.3) (< netstandard2.0) (< uap10.1)) (&& (< net46) (>= netstandard2.0)) (>= net461) (>= netcoreapp2.0)
    System.Security.Cryptography.Algorithms (4.3.1) - restriction: || (&& (< monoandroid) (< net45) (< netstandard1.4) (>= netstandard2.0)) (&& (< monoandroid) (< net45) (< netstandard1.6) (>= netstandard2.0)) (&& (< monoandroid) (< net45) (>= netstandard2.0) (< xamarinios) (< xamarinmac)) (&& (>= net46) (< netstandard1.4) (>= netstandard2.0)) (&& (>= net461) (>= netstandard2.0)) (>= net462)
      Microsoft.NETCore.Platforms (>= 1.1) - restriction: && (< monoandroid) (< monotouch) (< net46) (>= netstandard1.6) (< xamarinios) (< xamarinmac) (< xamarintvos) (< xamarinwatchos)
      runtime.native.System.Security.Cryptography.Apple (>= 4.3.1) - restriction: && (< monoandroid) (< monotouch) (< net46) (>= netstandard1.6) (< xamarinios) (< xamarinmac) (< xamarintvos) (< xamarinwatchos)
      runtime.native.System.Security.Cryptography.OpenSsl (>= 4.3.2) - restriction: && (< monoandroid) (< monotouch) (< net46) (>= netstandard1.6) (< xamarinios) (< xamarinmac) (< xamarintvos) (< xamarinwatchos)
      System.Collections (>= 4.3) - restriction: && (< monoandroid) (< monotouch) (< net46) (>= netstandard1.6) (< xamarinios) (< xamarinmac) (< xamarintvos) (< xamarinwatchos)
      System.IO (>= 4.3) - restriction: || (&& (< monoandroid) (< monotouch) (< net46) (>= netstandard1.6) (< xamarinios) (< xamarinmac) (< xamarintvos) (< xamarinwatchos)) (&& (< monoandroid) (< net46) (>= netstandard1.3) (< netstandard1.4)) (&& (< monoandroid) (< net46) (>= netstandard1.4) (< netstandard1.6)) (>= net463)
      System.Resources.ResourceManager (>= 4.3) - restriction: && (< monoandroid) (< monotouch) (< net46) (>= netstandard1.6) (< xamarinios) (< xamarinmac) (< xamarintvos) (< xamarinwatchos)
      System.Runtime (>= 4.3) - restriction: || (&& (< monoandroid) (< monotouch) (< net46) (>= netstandard1.6) (< xamarinios) (< xamarinmac) (< xamarintvos) (< xamarinwatchos)) (&& (< monoandroid) (< net46) (>= netstandard1.3) (< netstandard1.4)) (&& (< monoandroid) (< net46) (>= netstandard1.4) (< netstandard1.6)) (>= net463)
      System.Runtime.Extensions (>= 4.3) - restriction: && (< monoandroid) (< monotouch) (< net46) (>= netstandard1.6) (< xamarinios) (< xamarinmac) (< xamarintvos) (< xamarinwatchos)
      System.Runtime.Handles (>= 4.3) - restriction: && (< monoandroid) (< monotouch) (< net46) (>= netstandard1.6) (< xamarinios) (< xamarinmac) (< xamarintvos) (< xamarinwatchos)
      System.Runtime.InteropServices (>= 4.3) - restriction: && (< monoandroid) (< monotouch) (< net46) (>= netstandard1.6) (< xamarinios) (< xamarinmac) (< xamarintvos) (< xamarinwatchos)
      System.Runtime.Numerics (>= 4.3) - restriction: && (< monoandroid) (< monotouch) (< net46) (>= netstandard1.6) (< xamarinios) (< xamarinmac) (< xamarintvos) (< xamarinwatchos)
      System.Security.Cryptography.Encoding (>= 4.3) - restriction: || (&& (< monoandroid) (< monotouch) (< net46) (>= netstandard1.6) (< xamarinios) (< xamarinmac) (< xamarintvos) (< xamarinwatchos)) (>= net463)
      System.Security.Cryptography.Primitives (>= 4.3) - restriction: || (&& (< monoandroid) (< monotouch) (< net46) (>= netstandard1.6) (< xamarinios) (< xamarinmac) (< xamarintvos) (< xamarinwatchos)) (&& (< monoandroid) (< net46) (>= netstandard1.3) (< netstandard1.4)) (&& (< monoandroid) (< net46) (>= netstandard1.4) (< netstandard1.6)) (&& (>= net46) (< netstandard1.4)) (&& (>= net461) (< netstandard1.6)) (>= net463)
      System.Text.Encoding (>= 4.3) - restriction: && (< monoandroid) (< monotouch) (< net46) (>= netstandard1.6) (< xamarinios) (< xamarinmac) (< xamarintvos) (< xamarinwatchos)
    System.Security.Cryptography.Cng (4.7) - restriction: || (&& (< monoandroid) (< net45) (< netstandard1.6) (>= netstandard2.0) (< win8) (< wpa81)) (&& (< monoandroid) (< net45) (>= netstandard2.0) (< xamarinios) (< xamarinmac)) (&& (< net46) (>= net462) (>= netstandard1.6))
      Microsoft.NETCore.Platforms (>= 3.1) - restriction: && (>= netcoreapp2.0) (< netcoreapp2.1) (< netstandard2.1)
    System.Security.Cryptography.Csp (4.3) - restriction: || (&& (< monoandroid) (< net45) (< netstandard1.6) (>= netstandard2.0) (< win8) (< wpa81)) (&& (< monoandroid) (< net45) (>= netstandard2.0) (< xamarinios) (< xamarinmac)) (&& (< net46) (>= net462) (>= netstandard1.6))
      Microsoft.NETCore.Platforms (>= 1.1) - restriction: && (< monoandroid) (< monotouch) (< net46) (>= netstandard1.3) (< xamarinios) (< xamarinmac) (< xamarintvos) (< xamarinwatchos)
      System.IO (>= 4.3) - restriction: && (< monoandroid) (< monotouch) (< net46) (>= netstandard1.3) (< xamarinios) (< xamarinmac) (< xamarintvos) (< xamarinwatchos)
      System.Reflection (>= 4.3) - restriction: && (< monoandroid) (< monotouch) (< net46) (>= netstandard1.3) (< xamarinios) (< xamarinmac) (< xamarintvos) (< xamarinwatchos)
      System.Resources.ResourceManager (>= 4.3) - restriction: && (< monoandroid) (< monotouch) (< net46) (>= netstandard1.3) (< xamarinios) (< xamarinmac) (< xamarintvos) (< xamarinwatchos)
      System.Runtime (>= 4.3) - restriction: && (< monoandroid) (< monotouch) (< net46) (>= netstandard1.3) (< xamarinios) (< xamarinmac) (< xamarintvos) (< xamarinwatchos)
      System.Runtime.Extensions (>= 4.3) - restriction: && (< monoandroid) (< monotouch) (< net46) (>= netstandard1.3) (< xamarinios) (< xamarinmac) (< xamarintvos) (< xamarinwatchos)
      System.Runtime.Handles (>= 4.3) - restriction: && (< monoandroid) (< monotouch) (< net46) (>= netstandard1.3) (< xamarinios) (< xamarinmac) (< xamarintvos) (< xamarinwatchos)
      System.Runtime.InteropServices (>= 4.3) - restriction: && (< monoandroid) (< monotouch) (< net46) (>= netstandard1.3) (< xamarinios) (< xamarinmac) (< xamarintvos) (< xamarinwatchos)
      System.Security.Cryptography.Algorithms (>= 4.3) - restriction: || (&& (< monoandroid) (< monotouch) (>= netstandard1.3) (< xamarinios) (< xamarinmac) (< xamarintvos) (< xamarinwatchos)) (>= net46)
      System.Security.Cryptography.Encoding (>= 4.3) - restriction: && (< monoandroid) (< monotouch) (< net46) (>= netstandard1.3) (< xamarinios) (< xamarinmac) (< xamarintvos) (< xamarinwatchos)
      System.Security.Cryptography.Primitives (>= 4.3) - restriction: || (&& (< monoandroid) (< monotouch) (>= netstandard1.3) (< xamarinios) (< xamarinmac) (< xamarintvos) (< xamarinwatchos)) (>= net46)
      System.Text.Encoding (>= 4.3) - restriction: && (< monoandroid) (< monotouch) (< net46) (>= netstandard1.3) (< xamarinios) (< xamarinmac) (< xamarintvos) (< xamarinwatchos)
      System.Threading (>= 4.3) - restriction: && (< monoandroid) (< monotouch) (< net46) (>= netstandard1.3) (< xamarinios) (< xamarinmac) (< xamarintvos) (< xamarinwatchos)
    System.Security.Cryptography.Encoding (4.3) - restriction: || (&& (< monoandroid) (< net45) (< netstandard1.4) (>= netstandard2.0)) (&& (< monoandroid) (< net45) (< netstandard1.6) (>= netstandard2.0)) (&& (< monoandroid) (< net45) (>= netstandard2.0) (< xamarinios) (< xamarinmac)) (&& (>= net46) (< netstandard1.4) (>= netstandard2.0)) (&& (>= net461) (>= netstandard2.0)) (>= net462)
      Microsoft.NETCore.Platforms (>= 1.1) - restriction: && (< monoandroid) (< monotouch) (< net46) (>= netstandard1.3) (< xamarinios) (< xamarinmac) (< xamarintvos) (< xamarinwatchos)
      runtime.native.System.Security.Cryptography.OpenSsl (>= 4.3) - restriction: && (< monoandroid) (< monotouch) (< net46) (>= netstandard1.3) (< xamarinios) (< xamarinmac) (< xamarintvos) (< xamarinwatchos)
      System.Collections (>= 4.3) - restriction: && (< monoandroid) (< monotouch) (< net46) (>= netstandard1.3) (< xamarinios) (< xamarinmac) (< xamarintvos) (< xamarinwatchos)
      System.Collections.Concurrent (>= 4.3) - restriction: && (< monoandroid) (< monotouch) (< net46) (>= netstandard1.3) (< xamarinios) (< xamarinmac) (< xamarintvos) (< xamarinwatchos)
      System.Linq (>= 4.3) - restriction: && (< monoandroid) (< monotouch) (< net46) (>= netstandard1.3) (< xamarinios) (< xamarinmac) (< xamarintvos) (< xamarinwatchos)
      System.Resources.ResourceManager (>= 4.3) - restriction: && (< monoandroid) (< monotouch) (< net46) (>= netstandard1.3) (< xamarinios) (< xamarinmac) (< xamarintvos) (< xamarinwatchos)
      System.Runtime (>= 4.3) - restriction: && (< monoandroid) (< monotouch) (< net46) (>= netstandard1.3) (< xamarinios) (< xamarinmac) (< xamarintvos) (< xamarinwatchos)
      System.Runtime.Extensions (>= 4.3) - restriction: && (< monoandroid) (< monotouch) (< net46) (>= netstandard1.3) (< xamarinios) (< xamarinmac) (< xamarintvos) (< xamarinwatchos)
      System.Runtime.Handles (>= 4.3) - restriction: && (< monoandroid) (< monotouch) (< net46) (>= netstandard1.3) (< xamarinios) (< xamarinmac) (< xamarintvos) (< xamarinwatchos)
      System.Runtime.InteropServices (>= 4.3) - restriction: && (< monoandroid) (< monotouch) (< net46) (>= netstandard1.3) (< xamarinios) (< xamarinmac) (< xamarintvos) (< xamarinwatchos)
      System.Security.Cryptography.Primitives (>= 4.3) - restriction: && (< monoandroid) (< monotouch) (< net46) (>= netstandard1.3) (< xamarinios) (< xamarinmac) (< xamarintvos) (< xamarinwatchos)
      System.Text.Encoding (>= 4.3) - restriction: && (< monoandroid) (< monotouch) (< net46) (>= netstandard1.3) (< xamarinios) (< xamarinmac) (< xamarintvos) (< xamarinwatchos)
    System.Security.Cryptography.OpenSsl (4.7) - restriction: || (&& (< monoandroid) (< net45) (>= netstandard2.0) (< xamarinios) (< xamarinmac)) (&& (< net45) (>= net462) (>= netstandard1.6))
      Microsoft.NETCore.Platforms (>= 3.1) - restriction: && (>= netcoreapp2.0) (< netcoreapp2.1)
    System.Security.Cryptography.Primitives (4.3) - restriction: || (&& (< monoandroid) (< net45) (>= netstandard2.0) (< xamarinios) (< xamarinmac)) (&& (< net45) (>= net462) (>= netstandard1.6))
      System.Diagnostics.Debug (>= 4.3) - restriction: && (< monoandroid) (< monotouch) (< net46) (>= netstandard1.3) (< xamarinios) (< xamarinmac) (< xamarintvos) (< xamarinwatchos)
      System.Globalization (>= 4.3) - restriction: && (< monoandroid) (< monotouch) (< net46) (>= netstandard1.3) (< xamarinios) (< xamarinmac) (< xamarintvos) (< xamarinwatchos)
      System.IO (>= 4.3) - restriction: && (< monoandroid) (< monotouch) (< net46) (>= netstandard1.3) (< xamarinios) (< xamarinmac) (< xamarintvos) (< xamarinwatchos)
      System.Resources.ResourceManager (>= 4.3) - restriction: && (< monoandroid) (< monotouch) (< net46) (>= netstandard1.3) (< xamarinios) (< xamarinmac) (< xamarintvos) (< xamarinwatchos)
      System.Runtime (>= 4.3) - restriction: && (< monoandroid) (< monotouch) (< net46) (>= netstandard1.3) (< xamarinios) (< xamarinmac) (< xamarintvos) (< xamarinwatchos)
      System.Threading (>= 4.3) - restriction: && (< monoandroid) (< monotouch) (< net46) (>= netstandard1.3) (< xamarinios) (< xamarinmac) (< xamarintvos) (< xamarinwatchos)
      System.Threading.Tasks (>= 4.3) - restriction: && (< monoandroid) (< monotouch) (< net46) (>= netstandard1.3) (< xamarinios) (< xamarinmac) (< xamarintvos) (< xamarinwatchos)
    System.Security.Cryptography.ProtectedData (4.7) - restriction: && (< net472) (>= netstandard2.0)
      System.Memory (>= 4.5.3) - restriction: && (< net46) (< netcoreapp2.1) (>= netstandard2.0) (< xamarinios) (< xamarinmac)
    System.Security.Cryptography.X509Certificates (4.3.2) - restriction: || (&& (< monoandroid) (< net45) (< netstandard1.6) (>= netstandard2.0) (< win8) (< wpa81)) (&& (< monoandroid) (< net45) (>= netstandard2.0) (< xamarinios) (< xamarinmac)) (&& (>= net46) (>= netstandard2.0)) (>= net462)
      Microsoft.NETCore.Platforms (>= 1.1) - restriction: && (< monoandroid) (< monotouch) (< net46) (>= netstandard1.6) (< xamarinios) (< xamarinmac) (< xamarintvos) (< xamarinwatchos)
      runtime.native.System (>= 4.3) - restriction: && (< monoandroid) (< monotouch) (< net46) (>= netstandard1.6) (< xamarinios) (< xamarinmac) (< xamarintvos) (< xamarinwatchos)
      runtime.native.System.Net.Http (>= 4.3) - restriction: && (< monoandroid) (< monotouch) (< net46) (>= netstandard1.6) (< xamarinios) (< xamarinmac) (< xamarintvos) (< xamarinwatchos)
      runtime.native.System.Security.Cryptography.OpenSsl (>= 4.3.2) - restriction: && (< monoandroid) (< monotouch) (< net46) (>= netstandard1.6) (< xamarinios) (< xamarinmac) (< xamarintvos) (< xamarinwatchos)
      System.Collections (>= 4.3) - restriction: && (< monoandroid) (< monotouch) (< net46) (>= netstandard1.6) (< xamarinios) (< xamarinmac) (< xamarintvos) (< xamarinwatchos)
      System.Diagnostics.Debug (>= 4.3) - restriction: && (< monoandroid) (< monotouch) (< net46) (>= netstandard1.6) (< xamarinios) (< xamarinmac) (< xamarintvos) (< xamarinwatchos)
      System.Globalization (>= 4.3) - restriction: && (< monoandroid) (< monotouch) (< net46) (>= netstandard1.6) (< xamarinios) (< xamarinmac) (< xamarintvos) (< xamarinwatchos)
      System.Globalization.Calendars (>= 4.3) - restriction: && (< monoandroid) (< monotouch) (< net46) (>= netstandard1.6) (< xamarinios) (< xamarinmac) (< xamarintvos) (< xamarinwatchos)
      System.IO (>= 4.3) - restriction: && (< monoandroid) (< monotouch) (< net46) (>= netstandard1.6) (< xamarinios) (< xamarinmac) (< xamarintvos) (< xamarinwatchos)
      System.IO.FileSystem (>= 4.3) - restriction: && (< monoandroid) (< monotouch) (< net46) (>= netstandard1.6) (< xamarinios) (< xamarinmac) (< xamarintvos) (< xamarinwatchos)
      System.IO.FileSystem.Primitives (>= 4.3) - restriction: && (< monoandroid) (< monotouch) (< net46) (>= netstandard1.6) (< xamarinios) (< xamarinmac) (< xamarintvos) (< xamarinwatchos)
      System.Resources.ResourceManager (>= 4.3) - restriction: && (< monoandroid) (< monotouch) (< net46) (>= netstandard1.6) (< xamarinios) (< xamarinmac) (< xamarintvos) (< xamarinwatchos)
      System.Runtime (>= 4.3) - restriction: || (&& (< monoandroid) (< monotouch) (< net46) (>= netstandard1.6) (< xamarinios) (< xamarinmac) (< xamarintvos) (< xamarinwatchos)) (&& (< monoandroid) (< net46) (>= netstandard1.3) (< netstandard1.4)) (&& (< monoandroid) (< net46) (>= netstandard1.4) (< netstandard1.6))
      System.Runtime.Extensions (>= 4.3) - restriction: && (< monoandroid) (< monotouch) (< net46) (>= netstandard1.6) (< xamarinios) (< xamarinmac) (< xamarintvos) (< xamarinwatchos)
      System.Runtime.Handles (>= 4.3) - restriction: || (&& (< monoandroid) (< monotouch) (< net46) (>= netstandard1.6) (< xamarinios) (< xamarinmac) (< xamarintvos) (< xamarinwatchos)) (&& (< monoandroid) (< net46) (>= netstandard1.3) (< netstandard1.4)) (&& (< monoandroid) (< net46) (>= netstandard1.4) (< netstandard1.6))
      System.Runtime.InteropServices (>= 4.3) - restriction: && (< monoandroid) (< monotouch) (< net46) (>= netstandard1.6) (< xamarinios) (< xamarinmac) (< xamarintvos) (< xamarinwatchos)
      System.Runtime.Numerics (>= 4.3) - restriction: && (< monoandroid) (< monotouch) (< net46) (>= netstandard1.6) (< xamarinios) (< xamarinmac) (< xamarintvos) (< xamarinwatchos)
      System.Security.Cryptography.Algorithms (>= 4.3) - restriction: || (&& (< monoandroid) (< monotouch) (< net46) (>= netstandard1.6) (< xamarinios) (< xamarinmac) (< xamarintvos) (< xamarinwatchos)) (&& (< monoandroid) (< net46) (>= netstandard1.3) (< netstandard1.4)) (&& (< monoandroid) (< net46) (>= netstandard1.4) (< netstandard1.6)) (&& (>= net46) (< netstandard1.4)) (>= net461)
      System.Security.Cryptography.Cng (>= 4.3) - restriction: && (< monoandroid) (< monotouch) (< net46) (>= netstandard1.6) (< xamarinios) (< xamarinmac) (< xamarintvos) (< xamarinwatchos)
      System.Security.Cryptography.Csp (>= 4.3) - restriction: && (< monoandroid) (< monotouch) (< net46) (>= netstandard1.6) (< xamarinios) (< xamarinmac) (< xamarintvos) (< xamarinwatchos)
      System.Security.Cryptography.Encoding (>= 4.3) - restriction: || (&& (< monoandroid) (< monotouch) (< net46) (>= netstandard1.6) (< xamarinios) (< xamarinmac) (< xamarintvos) (< xamarinwatchos)) (&& (< monoandroid) (< net46) (>= netstandard1.3) (< netstandard1.4)) (&& (< monoandroid) (< net46) (>= netstandard1.4) (< netstandard1.6)) (&& (>= net46) (< netstandard1.4)) (>= net461)
      System.Security.Cryptography.OpenSsl (>= 4.3) - restriction: && (< monoandroid) (< monotouch) (< net46) (>= netstandard1.6) (< xamarinios) (< xamarinmac) (< xamarintvos) (< xamarinwatchos)
      System.Security.Cryptography.Primitives (>= 4.3) - restriction: && (< monoandroid) (< monotouch) (< net46) (>= netstandard1.6) (< xamarinios) (< xamarinmac) (< xamarintvos) (< xamarinwatchos)
      System.Text.Encoding (>= 4.3) - restriction: && (< monoandroid) (< monotouch) (< net46) (>= netstandard1.6) (< xamarinios) (< xamarinmac) (< xamarintvos) (< xamarinwatchos)
      System.Threading (>= 4.3) - restriction: && (< monoandroid) (< monotouch) (< net46) (>= netstandard1.6) (< xamarinios) (< xamarinmac) (< xamarintvos) (< xamarinwatchos)
    System.Security.Principal.Windows (4.7) - restriction: || (&& (>= monoandroid) (>= net462) (< netstandard2.0)) (&& (< monoandroid) (< net46) (>= netstandard2.0) (< xamarinios) (< xamarinmac)) (&& (>= monotouch) (>= net462)) (&& (>= monotouch) (>= netstandard2.0)) (&& (< net46) (>= net461) (>= netstandard2.0)) (&& (< net46) (>= net462)) (&& (>= net462) (>= xamarinios)) (&& (>= net462) (>= xamarinmac)) (&& (>= net462) (>= xamarintvos)) (&& (>= net462) (>= xamarinwatchos)) (>= netcoreapp2.0) (&& (>= netstandard2.0) (>= xamarintvos)) (&& (>= netstandard2.0) (>= xamarinwatchos))
      Microsoft.NETCore.Platforms (>= 3.1) - restriction: || (&& (>= netcoreapp2.0) (< netcoreapp2.1)) (&& (>= netcoreapp2.1) (< netcoreapp3.0))
    System.Text.Encoding (4.3) - restriction: || (&& (< monoandroid) (< net45) (< netstandard1.3) (>= netstandard2.0) (< win8) (< wpa81)) (&& (< monoandroid) (< net45) (< netstandard1.6) (>= netstandard2.0) (< win8) (< wpa81)) (&& (< monoandroid) (< net45) (>= netstandard2.0) (< xamarinios) (< xamarinmac)) (&& (< net45) (>= net462) (< netstandard1.3)) (&& (< net45) (>= net462) (>= netstandard1.6)) (&& (< net45) (>= net462) (< netstandard1.6))
      Microsoft.NETCore.Platforms (>= 1.1) - restriction: || (&& (< monoandroid) (< monotouch) (< net45) (>= netstandard1.3) (< win8) (< wpa81) (< xamarinios) (< xamarinmac) (< xamarintvos) (< xamarinwatchos)) (&& (< monoandroid) (< net45) (>= netstandard1.0) (< netstandard1.3) (< win8) (< wp8) (< wpa81))
      Microsoft.NETCore.Targets (>= 1.1) - restriction: || (&& (< monoandroid) (< monotouch) (< net45) (>= netstandard1.3) (< win8) (< wpa81) (< xamarinios) (< xamarinmac) (< xamarintvos) (< xamarinwatchos)) (&& (< monoandroid) (< net45) (>= netstandard1.0) (< netstandard1.3) (< win8) (< wp8) (< wpa81))
      System.Runtime (>= 4.3) - restriction: || (&& (< monoandroid) (< monotouch) (< net45) (>= netstandard1.3) (< win8) (< wpa81) (< xamarinios) (< xamarinmac) (< xamarintvos) (< xamarinwatchos)) (&& (< monoandroid) (< net45) (>= netstandard1.0) (< netstandard1.3) (< win8) (< wp8) (< wpa81))
    System.Text.Encoding.CodePages (4.7) - restriction: || (&& (< net472) (>= netstandard2.0)) (>= netcoreapp2.1)
      Microsoft.NETCore.Platforms (>= 3.1) - restriction: >= netcoreapp2.0
      System.Runtime.CompilerServices.Unsafe (>= 4.7) - restriction: || (&& (< net46) (< netcoreapp2.0) (>= netstandard2.0) (< xamarinios) (< xamarinmac)) (>= net461) (&& (>= netcoreapp2.0) (< netcoreapp3.1))
    System.Text.Encoding.Extensions (4.3) - restriction: || (&& (< monoandroid) (< net45) (>= netstandard2.0) (< win8) (< wpa81) (< xamarinios) (< xamarinmac)) (&& (< monoandroid) (< net46) (>= netstandard2.0) (< xamarinios) (< xamarinmac)) (&& (< net46) (>= net462))
      Microsoft.NETCore.Platforms (>= 1.1) - restriction: || (&& (< monoandroid) (< monotouch) (< net45) (>= netstandard1.3) (< win8) (< wpa81) (< xamarinios) (< xamarinmac) (< xamarintvos) (< xamarinwatchos)) (&& (< monoandroid) (< net45) (>= netstandard1.0) (< netstandard1.3) (< win8) (< wp8) (< wpa81))
      Microsoft.NETCore.Targets (>= 1.1) - restriction: || (&& (< monoandroid) (< monotouch) (< net45) (>= netstandard1.3) (< win8) (< wpa81) (< xamarinios) (< xamarinmac) (< xamarintvos) (< xamarinwatchos)) (&& (< monoandroid) (< net45) (>= netstandard1.0) (< netstandard1.3) (< win8) (< wp8) (< wpa81))
      System.Runtime (>= 4.3) - restriction: || (&& (< monoandroid) (< monotouch) (< net45) (>= netstandard1.3) (< win8) (< wpa81) (< xamarinios) (< xamarinmac) (< xamarintvos) (< xamarinwatchos)) (&& (< monoandroid) (< net45) (>= netstandard1.0) (< netstandard1.3) (< win8) (< wp8) (< wpa81))
      System.Text.Encoding (>= 4.3) - restriction: || (&& (< monoandroid) (< monotouch) (< net45) (>= netstandard1.3) (< win8) (< wpa81) (< xamarinios) (< xamarinmac) (< xamarintvos) (< xamarinwatchos)) (&& (< monoandroid) (< net45) (>= netstandard1.0) (< netstandard1.3) (< win8) (< wp8) (< wpa81))
    System.Text.RegularExpressions (4.3.1) - restriction: && (< monoandroid) (< net45) (>= netstandard2.0) (< win8) (< wpa81) (< xamarinios) (< xamarinmac)
      System.Collections (>= 4.3) - restriction: && (< monoandroid) (< monotouch) (< net45) (< netcoreapp1.1) (>= netstandard1.6) (< xamarinios) (< xamarinmac) (< xamarintvos) (< xamarinwatchos)
      System.Globalization (>= 4.3) - restriction: && (< monoandroid) (< monotouch) (< net45) (< netcoreapp1.1) (>= netstandard1.6) (< xamarinios) (< xamarinmac) (< xamarintvos) (< xamarinwatchos)
      System.Resources.ResourceManager (>= 4.3) - restriction: && (< monoandroid) (< monotouch) (< net45) (< netcoreapp1.1) (>= netstandard1.6) (< xamarinios) (< xamarinmac) (< xamarintvos) (< xamarinwatchos)
      System.Runtime (>= 4.3.1) - restriction: || (&& (< monoandroid) (< monotouch) (< net45) (>= netstandard1.6) (< xamarinios) (< xamarinmac) (< xamarintvos) (< xamarinwatchos)) (&& (< monoandroid) (< net45) (>= netstandard1.0) (< netstandard1.3) (< win8) (< wp8) (< wpa81)) (&& (< monoandroid) (< net45) (>= netstandard1.3) (< netstandard1.6) (< win8) (< wpa81)) (>= netcoreapp1.1)
      System.Runtime.Extensions (>= 4.3.1) - restriction: && (< monoandroid) (< monotouch) (< net45) (< netcoreapp1.1) (>= netstandard1.6) (< xamarinios) (< xamarinmac) (< xamarintvos) (< xamarinwatchos)
      System.Threading (>= 4.3) - restriction: && (< monoandroid) (< monotouch) (< net45) (< netcoreapp1.1) (>= netstandard1.6) (< xamarinios) (< xamarinmac) (< xamarintvos) (< xamarinwatchos)
    System.Threading (4.3) - restriction: || (&& (< monoandroid) (< net45) (< netstandard1.6) (>= netstandard2.0) (< win8) (< wpa81)) (&& (< monoandroid) (< net45) (>= netstandard2.0) (< xamarinios) (< xamarinmac)) (&& (< net45) (>= net462) (>= netstandard1.6)) (&& (< net45) (>= net462) (< netstandard1.6)) (>= netcoreapp2.1)
      System.Runtime (>= 4.3) - restriction: || (&& (< monoandroid) (< monotouch) (< net45) (>= netstandard1.3) (< win8) (< wpa81) (< xamarinios) (< xamarinmac) (< xamarintvos) (< xamarinwatchos)) (&& (< monoandroid) (< net45) (>= netstandard1.0) (< netstandard1.3) (< win8) (< wp8) (< wpa81))
      System.Threading.Tasks (>= 4.3) - restriction: || (&& (< monoandroid) (< monotouch) (< net45) (>= netstandard1.3) (< win8) (< wpa81) (< xamarinios) (< xamarinmac) (< xamarintvos) (< xamarinwatchos)) (&& (< monoandroid) (< net45) (>= netstandard1.0) (< netstandard1.3) (< win8) (< wp8) (< wpa81))
    System.Threading.Overlapped (4.3) - restriction: || (&& (< monoandroid) (< net46) (>= netstandard2.0) (< xamarinios) (< xamarinmac)) (&& (< net46) (>= net462))
      Microsoft.NETCore.Platforms (>= 1.1) - restriction: && (< net46) (>= netstandard1.3)
      System.Resources.ResourceManager (>= 4.3) - restriction: && (< net46) (>= netstandard1.3)
      System.Runtime (>= 4.3) - restriction: && (< net46) (>= netstandard1.3)
      System.Runtime.Handles (>= 4.3) - restriction: && (< net46) (>= netstandard1.3)
    System.Threading.Tasks (4.3) - restriction: || (&& (< monoandroid) (< net45) (< netstandard1.3) (>= netstandard2.0) (< win8) (< wpa81)) (&& (< monoandroid) (< net45) (< netstandard1.6) (>= netstandard2.0) (< win8) (< wpa81)) (&& (< monoandroid) (< net45) (>= netstandard2.0) (< xamarinios) (< xamarinmac)) (&& (< net45) (>= net462) (< netstandard1.3)) (&& (< net45) (>= net462) (>= netstandard1.6)) (&& (< net45) (>= net462) (< netstandard1.6))
      Microsoft.NETCore.Platforms (>= 1.1) - restriction: || (&& (< monoandroid) (< monotouch) (< net45) (>= netstandard1.3) (< win8) (< wpa81) (< xamarinios) (< xamarinmac) (< xamarintvos) (< xamarinwatchos)) (&& (< monoandroid) (< net45) (>= netstandard1.0) (< netstandard1.3) (< win8) (< wp8) (< wpa81))
      Microsoft.NETCore.Targets (>= 1.1) - restriction: || (&& (< monoandroid) (< monotouch) (< net45) (>= netstandard1.3) (< win8) (< wpa81) (< xamarinios) (< xamarinmac) (< xamarintvos) (< xamarinwatchos)) (&& (< monoandroid) (< net45) (>= netstandard1.0) (< netstandard1.3) (< win8) (< wp8) (< wpa81))
      System.Runtime (>= 4.3) - restriction: || (&& (< monoandroid) (< monotouch) (< net45) (>= netstandard1.3) (< win8) (< wpa81) (< xamarinios) (< xamarinmac) (< xamarintvos) (< xamarinwatchos)) (&& (< monoandroid) (< net45) (>= netstandard1.0) (< netstandard1.3) (< win8) (< wp8) (< wpa81))
    System.Threading.Tasks.Dataflow (4.11) - restriction: >= netstandard2.0
    System.Threading.Tasks.Extensions (4.5.3) - restriction: || (>= net462) (>= netstandard2.0)
      System.Runtime.CompilerServices.Unsafe (>= 4.5.2) - restriction: || (&& (< monoandroid) (< monotouch) (>= netstandard1.0) (< netstandard2.0) (< win8) (< wpa81) (< xamarintvos) (< xamarinwatchos)) (&& (< monoandroid) (< netstandard1.0) (>= portable-net45+win8+wp8+wpa81) (< win8)) (>= net45) (&& (< netcoreapp2.1) (>= netstandard2.0) (< xamarinios) (< xamarinmac)) (&& (< netstandard1.0) (>= win8)) (&& (< netstandard2.0) (>= wpa81)) (>= wp8)
    System.Threading.Thread (4.3) - restriction: || (&& (< monoandroid) (< net46) (>= netstandard2.0) (< xamarinios) (< xamarinmac)) (&& (< net46) (>= net462)) (&& (< net472) (>= netstandard2.0))
      System.Runtime (>= 4.3) - restriction: && (< monoandroid) (< monotouch) (< net46) (>= netstandard1.3) (< xamarinios) (< xamarinmac) (< xamarintvos) (< xamarinwatchos)
    System.Threading.ThreadPool (4.3) - restriction: || (&& (< monoandroid) (< net46) (>= netstandard2.0) (< xamarinios) (< xamarinmac)) (&& (< net46) (>= net462))
      System.Runtime (>= 4.3) - restriction: && (< monoandroid) (< monotouch) (< net46) (>= netstandard1.3) (< xamarinios) (< xamarinmac) (< xamarintvos) (< xamarinwatchos)
      System.Runtime.Handles (>= 4.3) - restriction: && (< monoandroid) (< monotouch) (< net46) (>= netstandard1.3) (< xamarinios) (< xamarinmac) (< xamarintvos) (< xamarinwatchos)
    System.ValueTuple (4.5) - restriction: || (&& (>= net46) (>= netstandard2.0)) (>= net462) (&& (>= netstandard2.0) (>= uap10.0))
    System.Xml.ReaderWriter (4.3.1) - restriction: || (&& (< monoandroid) (< net45) (< netstandard1.3) (>= netstandard2.0) (< win8) (< wpa81)) (&& (< monoandroid) (< net45) (>= netstandard2.0) (< win8) (< wpa81) (< xamarinios) (< xamarinmac)) (&& (< monoandroid) (< net46) (>= netstandard2.0) (< xamarinios) (< xamarinmac)) (&& (< net46) (>= net462)) (&& (< net462) (>= netstandard2.0))
      System.Collections (>= 4.3) - restriction: && (< monoandroid) (< monotouch) (< net45) (>= netstandard1.3) (< win8) (< wpa81) (< xamarinios) (< xamarinmac) (< xamarintvos) (< xamarinwatchos)
      System.Diagnostics.Debug (>= 4.3) - restriction: && (< monoandroid) (< monotouch) (< net45) (>= netstandard1.3) (< win8) (< wpa81) (< xamarinios) (< xamarinmac) (< xamarintvos) (< xamarinwatchos)
      System.Globalization (>= 4.3) - restriction: && (< monoandroid) (< monotouch) (< net45) (>= netstandard1.3) (< win8) (< wpa81) (< xamarinios) (< xamarinmac) (< xamarintvos) (< xamarinwatchos)
      System.IO (>= 4.3) - restriction: || (&& (< monoandroid) (< monotouch) (< net45) (>= netstandard1.3) (< win8) (< wpa81) (< xamarinios) (< xamarinmac) (< xamarintvos) (< xamarinwatchos)) (&& (< monoandroid) (< net45) (>= netstandard1.0) (< netstandard1.3) (< win8) (< wp8) (< wpa81))
      System.IO.FileSystem (>= 4.3) - restriction: && (< monoandroid) (< monotouch) (< net45) (>= netstandard1.3) (< win8) (< wpa81) (< xamarinios) (< xamarinmac) (< xamarintvos) (< xamarinwatchos)
      System.IO.FileSystem.Primitives (>= 4.3) - restriction: && (< monoandroid) (< monotouch) (< net45) (>= netstandard1.3) (< win8) (< wpa81) (< xamarinios) (< xamarinmac) (< xamarintvos) (< xamarinwatchos)
      System.Resources.ResourceManager (>= 4.3) - restriction: && (< monoandroid) (< monotouch) (< net45) (>= netstandard1.3) (< win8) (< wpa81) (< xamarinios) (< xamarinmac) (< xamarintvos) (< xamarinwatchos)
      System.Runtime (>= 4.3) - restriction: || (&& (< monoandroid) (< monotouch) (< net45) (>= netstandard1.3) (< win8) (< wpa81) (< xamarinios) (< xamarinmac) (< xamarintvos) (< xamarinwatchos)) (&& (< monoandroid) (< net45) (>= netstandard1.0) (< netstandard1.3) (< win8) (< wp8) (< wpa81))
      System.Runtime.Extensions (>= 4.3) - restriction: && (< monoandroid) (< monotouch) (< net45) (>= netstandard1.3) (< win8) (< wpa81) (< xamarinios) (< xamarinmac) (< xamarintvos) (< xamarinwatchos)
      System.Runtime.InteropServices (>= 4.3) - restriction: && (< monoandroid) (< monotouch) (< net45) (>= netstandard1.3) (< win8) (< wpa81) (< xamarinios) (< xamarinmac) (< xamarintvos) (< xamarinwatchos)
      System.Text.Encoding (>= 4.3) - restriction: || (&& (< monoandroid) (< monotouch) (< net45) (>= netstandard1.3) (< win8) (< wpa81) (< xamarinios) (< xamarinmac) (< xamarintvos) (< xamarinwatchos)) (&& (< monoandroid) (< net45) (>= netstandard1.0) (< netstandard1.3) (< win8) (< wp8) (< wpa81))
      System.Text.Encoding.Extensions (>= 4.3) - restriction: && (< monoandroid) (< monotouch) (< net45) (>= netstandard1.3) (< win8) (< wpa81) (< xamarinios) (< xamarinmac) (< xamarintvos) (< xamarinwatchos)
      System.Text.RegularExpressions (>= 4.3) - restriction: && (< monoandroid) (< monotouch) (< net45) (>= netstandard1.3) (< win8) (< wpa81) (< xamarinios) (< xamarinmac) (< xamarintvos) (< xamarinwatchos)
      System.Threading.Tasks (>= 4.3) - restriction: || (&& (< monoandroid) (< monotouch) (< net45) (>= netstandard1.3) (< win8) (< wpa81) (< xamarinios) (< xamarinmac) (< xamarintvos) (< xamarinwatchos)) (&& (< monoandroid) (< net45) (>= netstandard1.0) (< netstandard1.3) (< win8) (< wp8) (< wpa81))
      System.Threading.Tasks.Extensions (>= 4.3) - restriction: && (< monoandroid) (< monotouch) (< net45) (>= netstandard1.3) (< win8) (< wpa81) (< xamarinios) (< xamarinmac) (< xamarintvos) (< xamarinwatchos)
    System.Xml.XDocument (4.3) - restriction: || (&& (< monoandroid) (< net46) (>= netstandard2.0) (< xamarinios) (< xamarinmac)) (&& (< net46) (>= net462)) (&& (< net462) (>= netstandard2.0))
      System.Collections (>= 4.3) - restriction: && (< monoandroid) (< monotouch) (< net45) (>= netstandard1.3) (< win8) (< wpa81) (< xamarinios) (< xamarinmac) (< xamarintvos) (< xamarinwatchos)
      System.Diagnostics.Debug (>= 4.3) - restriction: && (< monoandroid) (< monotouch) (< net45) (>= netstandard1.3) (< win8) (< wpa81) (< xamarinios) (< xamarinmac) (< xamarintvos) (< xamarinwatchos)
      System.Diagnostics.Tools (>= 4.3) - restriction: && (< monoandroid) (< monotouch) (< net45) (>= netstandard1.3) (< win8) (< wpa81) (< xamarinios) (< xamarinmac) (< xamarintvos) (< xamarinwatchos)
      System.Globalization (>= 4.3) - restriction: && (< monoandroid) (< monotouch) (< net45) (>= netstandard1.3) (< win8) (< wpa81) (< xamarinios) (< xamarinmac) (< xamarintvos) (< xamarinwatchos)
      System.IO (>= 4.3) - restriction: || (&& (< monoandroid) (< monotouch) (< net45) (>= netstandard1.3) (< win8) (< wpa81) (< xamarinios) (< xamarinmac) (< xamarintvos) (< xamarinwatchos)) (&& (< monoandroid) (< net45) (>= netstandard1.0) (< netstandard1.3) (< win8) (< wp8) (< wpa81))
      System.Reflection (>= 4.3) - restriction: && (< monoandroid) (< monotouch) (< net45) (>= netstandard1.3) (< win8) (< wpa81) (< xamarinios) (< xamarinmac) (< xamarintvos) (< xamarinwatchos)
      System.Resources.ResourceManager (>= 4.3) - restriction: && (< monoandroid) (< monotouch) (< net45) (>= netstandard1.3) (< win8) (< wpa81) (< xamarinios) (< xamarinmac) (< xamarintvos) (< xamarinwatchos)
      System.Runtime (>= 4.3) - restriction: || (&& (< monoandroid) (< monotouch) (< net45) (>= netstandard1.3) (< win8) (< wpa81) (< xamarinios) (< xamarinmac) (< xamarintvos) (< xamarinwatchos)) (&& (< monoandroid) (< net45) (>= netstandard1.0) (< netstandard1.3) (< win8) (< wp8) (< wpa81))
      System.Runtime.Extensions (>= 4.3) - restriction: && (< monoandroid) (< monotouch) (< net45) (>= netstandard1.3) (< win8) (< wpa81) (< xamarinios) (< xamarinmac) (< xamarintvos) (< xamarinwatchos)
      System.Text.Encoding (>= 4.3) - restriction: && (< monoandroid) (< monotouch) (< net45) (>= netstandard1.3) (< win8) (< wpa81) (< xamarinios) (< xamarinmac) (< xamarintvos) (< xamarinwatchos)
      System.Threading (>= 4.3) - restriction: && (< monoandroid) (< monotouch) (< net45) (>= netstandard1.3) (< win8) (< wpa81) (< xamarinios) (< xamarinmac) (< xamarintvos) (< xamarinwatchos)
      System.Xml.ReaderWriter (>= 4.3) - restriction: || (&& (< monoandroid) (< monotouch) (< net45) (>= netstandard1.3) (< win8) (< wpa81) (< xamarinios) (< xamarinmac) (< xamarintvos) (< xamarinwatchos)) (&& (< monoandroid) (< net45) (>= netstandard1.0) (< netstandard1.3) (< win8) (< wp8) (< wpa81))
    System.Xml.XmlDocument (4.3) - restriction: || (&& (< monoandroid) (>= netstandard2.0) (< xamarinios) (< xamarinmac)) (&& (>= net46) (>= netstandard2.0)) (>= net462)
      System.Collections (>= 4.3) - restriction: && (< monoandroid) (< monotouch) (< net46) (>= netstandard1.3) (< xamarinios) (< xamarinmac) (< xamarintvos) (< xamarinwatchos)
      System.Diagnostics.Debug (>= 4.3) - restriction: && (< monoandroid) (< monotouch) (< net46) (>= netstandard1.3) (< xamarinios) (< xamarinmac) (< xamarintvos) (< xamarinwatchos)
      System.Globalization (>= 4.3) - restriction: && (< monoandroid) (< monotouch) (< net46) (>= netstandard1.3) (< xamarinios) (< xamarinmac) (< xamarintvos) (< xamarinwatchos)
      System.IO (>= 4.3) - restriction: && (< monoandroid) (< monotouch) (< net46) (>= netstandard1.3) (< xamarinios) (< xamarinmac) (< xamarintvos) (< xamarinwatchos)
      System.Resources.ResourceManager (>= 4.3) - restriction: && (< monoandroid) (< monotouch) (< net46) (>= netstandard1.3) (< xamarinios) (< xamarinmac) (< xamarintvos) (< xamarinwatchos)
      System.Runtime (>= 4.3) - restriction: && (< monoandroid) (< monotouch) (< net46) (>= netstandard1.3) (< xamarinios) (< xamarinmac) (< xamarintvos) (< xamarinwatchos)
      System.Runtime.Extensions (>= 4.3) - restriction: && (< monoandroid) (< monotouch) (< net46) (>= netstandard1.3) (< xamarinios) (< xamarinmac) (< xamarintvos) (< xamarinwatchos)
      System.Text.Encoding (>= 4.3) - restriction: && (< monoandroid) (< monotouch) (< net46) (>= netstandard1.3) (< xamarinios) (< xamarinmac) (< xamarintvos) (< xamarinwatchos)
      System.Threading (>= 4.3) - restriction: && (< monoandroid) (< monotouch) (< net46) (>= netstandard1.3) (< xamarinios) (< xamarinmac) (< xamarintvos) (< xamarinwatchos)
      System.Xml.ReaderWriter (>= 4.3) - restriction: && (< monoandroid) (< monotouch) (< net46) (>= netstandard1.3) (< xamarinios) (< xamarinmac) (< xamarintvos) (< xamarinwatchos)
    System.Xml.XPath (4.3) - restriction: || (>= net462) (>= netstandard2.0)
      System.Collections (>= 4.3) - restriction: && (< monoandroid) (< monotouch) (< net46) (>= netstandard1.3) (< xamarinios) (< xamarinmac) (< xamarintvos) (< xamarinwatchos)
      System.Diagnostics.Debug (>= 4.3) - restriction: && (< monoandroid) (< monotouch) (< net46) (>= netstandard1.3) (< xamarinios) (< xamarinmac) (< xamarintvos) (< xamarinwatchos)
      System.Globalization (>= 4.3) - restriction: && (< monoandroid) (< monotouch) (< net46) (>= netstandard1.3) (< xamarinios) (< xamarinmac) (< xamarintvos) (< xamarinwatchos)
      System.IO (>= 4.3) - restriction: && (< monoandroid) (< monotouch) (< net46) (>= netstandard1.3) (< xamarinios) (< xamarinmac) (< xamarintvos) (< xamarinwatchos)
      System.Resources.ResourceManager (>= 4.3) - restriction: && (< monoandroid) (< monotouch) (< net46) (>= netstandard1.3) (< xamarinios) (< xamarinmac) (< xamarintvos) (< xamarinwatchos)
      System.Runtime (>= 4.3) - restriction: && (< monoandroid) (< monotouch) (< net46) (>= netstandard1.3) (< xamarinios) (< xamarinmac) (< xamarintvos) (< xamarinwatchos)
      System.Runtime.Extensions (>= 4.3) - restriction: && (< monoandroid) (< monotouch) (< net46) (>= netstandard1.3) (< xamarinios) (< xamarinmac) (< xamarintvos) (< xamarinwatchos)
      System.Threading (>= 4.3) - restriction: && (< monoandroid) (< monotouch) (< net46) (>= netstandard1.3) (< xamarinios) (< xamarinmac) (< xamarintvos) (< xamarinwatchos)
      System.Xml.ReaderWriter (>= 4.3) - restriction: && (< monoandroid) (< monotouch) (< net46) (>= netstandard1.3) (< xamarinios) (< xamarinmac) (< xamarintvos) (< xamarinwatchos)
    System.Xml.XPath.XDocument (4.3) - restriction: || (>= net462) (>= netstandard2.0)
      System.Diagnostics.Debug (>= 4.3) - restriction: && (< monoandroid) (< monotouch) (< net46) (>= netstandard1.3) (< xamarinios) (< xamarinmac) (< xamarintvos) (< xamarinwatchos)
      System.Linq (>= 4.3) - restriction: && (< monoandroid) (< monotouch) (< net46) (>= netstandard1.3) (< xamarinios) (< xamarinmac) (< xamarintvos) (< xamarinwatchos)
      System.Resources.ResourceManager (>= 4.3) - restriction: && (< monoandroid) (< monotouch) (< net46) (>= netstandard1.3) (< xamarinios) (< xamarinmac) (< xamarintvos) (< xamarinwatchos)
      System.Runtime (>= 4.3) - restriction: && (< monoandroid) (< monotouch) (< net46) (>= netstandard1.3) (< xamarinios) (< xamarinmac) (< xamarintvos) (< xamarinwatchos)
      System.Runtime.Extensions (>= 4.3) - restriction: && (< monoandroid) (< monotouch) (< net46) (>= netstandard1.3) (< xamarinios) (< xamarinmac) (< xamarintvos) (< xamarinwatchos)
      System.Threading (>= 4.3) - restriction: && (< monoandroid) (< monotouch) (< net46) (>= netstandard1.3) (< xamarinios) (< xamarinmac) (< xamarintvos) (< xamarinwatchos)
      System.Xml.ReaderWriter (>= 4.3) - restriction: && (< monoandroid) (< monotouch) (< net46) (>= netstandard1.3) (< xamarinios) (< xamarinmac) (< xamarintvos) (< xamarinwatchos)
      System.Xml.XDocument (>= 4.3) - restriction: && (< monoandroid) (< monotouch) (< net46) (>= netstandard1.3) (< xamarinios) (< xamarinmac) (< xamarintvos) (< xamarinwatchos)
      System.Xml.XPath (>= 4.3) - restriction: || (&& (< monoandroid) (< monotouch) (>= netstandard1.3) (< xamarinios) (< xamarinmac) (< xamarintvos) (< xamarinwatchos)) (>= net46)
    System.Xml.XPath.XmlDocument (4.3) - restriction: || (>= net462) (>= netstandard2.0)
      System.Collections (>= 4.3) - restriction: && (< monoandroid) (< monotouch) (< net46) (>= netstandard1.3) (< xamarinios) (< xamarinmac) (< xamarintvos) (< xamarinwatchos)
      System.Globalization (>= 4.3) - restriction: && (< monoandroid) (< monotouch) (< net46) (>= netstandard1.3) (< xamarinios) (< xamarinmac) (< xamarintvos) (< xamarinwatchos)
      System.IO (>= 4.3) - restriction: && (< monoandroid) (< monotouch) (< net46) (>= netstandard1.3) (< xamarinios) (< xamarinmac) (< xamarintvos) (< xamarinwatchos)
      System.Resources.ResourceManager (>= 4.3) - restriction: && (< monoandroid) (< monotouch) (< net46) (>= netstandard1.3) (< xamarinios) (< xamarinmac) (< xamarintvos) (< xamarinwatchos)
      System.Runtime (>= 4.3) - restriction: && (< monoandroid) (< monotouch) (< net46) (>= netstandard1.3) (< xamarinios) (< xamarinmac) (< xamarintvos) (< xamarinwatchos)
      System.Runtime.Extensions (>= 4.3) - restriction: && (< monoandroid) (< monotouch) (< net46) (>= netstandard1.3) (< xamarinios) (< xamarinmac) (< xamarintvos) (< xamarinwatchos)
      System.Threading (>= 4.3) - restriction: && (< monoandroid) (< monotouch) (< net46) (>= netstandard1.3) (< xamarinios) (< xamarinmac) (< xamarintvos) (< xamarinwatchos)
      System.Xml.ReaderWriter (>= 4.3) - restriction: && (< monoandroid) (< monotouch) (< net46) (>= netstandard1.3) (< xamarinios) (< xamarinmac) (< xamarintvos) (< xamarinwatchos)
      System.Xml.XmlDocument (>= 4.3) - restriction: || (&& (< monoandroid) (< monotouch) (>= netstandard1.3) (< xamarinios) (< xamarinmac) (< xamarintvos) (< xamarinwatchos)) (>= net46)
      System.Xml.XPath (>= 4.3) - restriction: || (&& (< monoandroid) (< monotouch) (>= netstandard1.3) (< xamarinios) (< xamarinmac) (< xamarintvos) (< xamarinwatchos)) (>= net46)
